{
  "bids_meta": {
    "AcquisitionMatrixPE": 256,
    "AcquisitionNumber": 1,
    "AcquisitionTime": "15:30:17.095000",
    "BaseResolution": 256,
    "ConversionSoftware": "dcm2niix",
    "ConversionSoftwareVersion": "v1.0.20180918  GCC4.8.4",
    "DeviceSerialNumber": "35466",
    "DwellTime": 9.8e-06,
    "EchoTime": 0.00326,
    "FlipAngle": 9,
    "ImageOrientationPatientDICOM": [
      1e-16,
      1,
      0,
      0.012217,
      -1e-16,
      -0.999925
    ],
    "ImageType": [
      "ORIGINAL",
      "PRIMARY",
      "M",
      "ND",
      "NORM"
    ],
    "InPlanePhaseEncodingDirectionDICOM": "ROW",
    "InstitutionAddress": "Street_StreetNo_B390A3_District_JP_ZIP",
    "InstitutionName": "Center_for_Information_and_Neural_Networks",
    "InstitutionalDepartmentName": "Department",
    "InversionTime": 1.2,
    "MRAcquisitionType": "3D",
    "MagneticFieldStrength": 3,
    "Manufacturer": "Siemens",
    "ManufacturersModelName": "TrioTim",
    "Modality": "MR",
    "ParallelReductionFactorInPlane": 2,
    "PartialFourier": 1,
    "PatientPosition": "HFS",
    "PercentPhaseFOV": 100,
    "PhaseEncodingSteps": 255,
    "PhaseResolution": 1,
    "PixelBandwidth": 199,
    "ProcedureStepDescription": "NICT_Nishimoto",
    "ProtocolName": "t1_mpr_sag_p2_iso_1.0mm_SN",
    "PulseSequenceDetails": "%SiemensSeq%_tfl",
    "ReceiveCoilName": "32Ch_Head",
    "ReconMatrixPE": 256,
    "RepetitionTime": 2.53,
    "SAR": 0.0888063,
    "ScanOptions": "IR",
    "ScanningSequence": "GR_IR",
    "SequenceName": "_tfl3d1rr_ns",
    "SequenceVariant": "SP_MP",
    "SeriesDescription": "t1_mpr_sag_p2_iso_1.0mm_SN",
    "SeriesNumber": 6,
    "ShimSetting": [
      -298,
      -10119,
      -4008,
      30,
      -20,
      -741,
      361,
      -8
    ],
    "SliceThickness": 1,
    "SoftwareVersions": "syngo_MR_B17",
    "StationName": "MRC35466",
    "TxRefAmp": 350.401,
    "dataset": "ds003720",
    "modality": "T1w",
    "subject_id": "003"
  },
  "cjv": 0.3670894763548034,
  "cnr": 3.7095628038464667,
  "efc": 0.4715499325775854,
  "fber": 57927.36035969085,
  "fwhm_avg": 4.293125792276142,
  "fwhm_x": 4.267677376828428,
  "fwhm_y": 4.22692,
  "fwhm_z": 4.38478,
  "icvs_csf": 0.215569126857065,
  "icvs_gm": 0.4462886534727663,
  "icvs_wm": 0.3381422196701687,
  "inu_med": 0.383299320936203,
  "inu_range": 0.11474716663360596,
  "provenance": {
    "md5sum": "2df41c9fe068ca9dcc9560c4bd985018",
    "settings": {
      "testing": false
    },
    "software": "mriqc",
    "version": "22.0.6",
    "warnings": {
      "large_rot_frame": true,
      "small_air_mask": false
    },
    "webapi_port": null,
    "webapi_url": "https://mriqc.nimh.nih.gov/api/v1"
  },
  "qi_1": 0.0,
  "qi_2": 0.009163806646895712,
  "rpve_csf": 28.34990467749218,
  "rpve_gm": 14.185911677508507,
  "rpve_wm": 20.53569880347166,
  "size_x": 208,
  "size_y": 256,
  "size_z": 256,
  "snr_csf": 2.727030690065094,
  "snr_gm": 15.620790493844376,
  "snr_total": 15.09907975509707,
  "snr_wm": 26.949418081381744,
  "snrd_csf": 51.50905996757421,
  "snrd_gm": 130.77900784999417,
  "snrd_total": 117.33501640778248,
  "snrd_wm": 169.71698140577908,
  "spacing_x": 0.9999982714653015,
  "spacing_y": 1.0,
  "spacing_z": 1.0,
  "summary_bg_k": 30.672764696303368,
  "summary_bg_mad": 0.0,
  "summary_bg_mean": 2.0868298697119356,
  "summary_bg_median": 0.0,
  "summary_bg_n": 4447296.0,
  "summary_bg_p05": 0.0,
  "summary_bg_p95": 8.447859641164541,
  "summary_bg_stdv": 3.8602650406599506,
  "summary_csf_k": 1.0642544547229242,
  "summary_csf_mad": 72.30068391345972,
  "summary_csf_mean": 302.8471856323957,
  "summary_csf_median": 303.50721387192607,
  "summary_csf_n": 57266.0,
  "summary_csf_p05": 82.12649554945529,
  "summary_csf_p95": 497.1860950766131,
  "summary_csf_stdv": 111.2948838414769,
  "summary_gm_k": -0.020269596002450374,
  "summary_gm_mad": 49.67933356780907,
  "summary_gm_mean": 769.1378343333275,
  "summary_gm_median": 770.5901123117656,
  "summary_gm_n": 44786.0,
  "summary_gm_p05": 686.2223478779197,
  "summary_gm_p95": 848.0801367899403,
  "summary_gm_stdv": 49.330506643878365,
  "summary_wm_k": 0.756923223593791,
  "summary_wm_mad": 34.54366009198631,
  "summary_wm_mean": 1001.1047974402078,
  "summary_wm_median": 1000.0246210210025,
  "summary_wm_n": 193136.0,
  "summary_wm_p05": 942.1949579380453,
  "summary_wm_p95": 1063.3219950087368,
  "summary_wm_stdv": 37.10737015117508,
  "tpm_overlap_csf": 0.15723274146652558,
  "tpm_overlap_gm": 0.45868401760737576,
  "tpm_overlap_wm": 0.48727372037302363,
  "wm2max": 0.7612967337908276
}