{
  "aor": 0.0002736185819070905,
  "aqi": 0.009141587432762836,
  "bids_meta": {
    "AcquisitionNumber": 1,
    "AcquisitionTime": "10:20:25.730000",
    "BaseResolution": 96,
    "DeviceSerialNumber": "35466",
    "EchoTime": 0.03,
    "EffectiveEchoSpacing": 0.000691085003455425,
    "FlipAngle": 62,
    "ImageComments": "Unaliased_MB4_PE3_(remote)",
    "ImageType": [
      "ORIGINAL",
      "PRIMARY",
      "M",
      "MB",
      "ND",
      "NORM",
      "MOSAIC"
    ],
    "InstitutionAddress": "Street_StreetNo_District_JP_ZIP",
    "InstitutionName": "Center_for_Information_and_Neural_Networks",
    "InstitutionalDepartmentName": "Department",
    "MRAcquisitionType": "2D",
    "MagneticFieldStrength": 3,
    "Manufacturer": "Siemens",
    "ManufacturersModelName": "TrioTim",
    "Modality": "MR",
    "PartialFourier": 0.75,
    "PatientPosition": "HFS",
    "PhaseEncodingDirection": "j-",
    "PhaseResolution": 1,
    "ProcedureStepDescription": "NICT_Nishimoto",
    "ProtocolName": "mbep2d_MB4_TR1.5_2mm_PF6_410",
    "ReceiveCoilName": "32Ch_Head",
    "RepetitionTime": 1.5,
    "SAR": 0.135004,
    "ScanOptions": "PFP_FS",
    "ScanningSequence": "EP",
    "SequenceName": "epfid2d1_96",
    "SequenceVariant": "SK_SS",
    "SeriesDescription": "mbep2d_MB4_TR1.5_2mm_PF6_410",
    "SeriesNumber": 5,
    "ShimSetting": [
      -305,
      -10042,
      -3985,
      364,
      -73,
      -48,
      -68,
      57
    ],
    "SliceThickness": 2,
    "SliceTiming": [
      0,
      0.79749999999,
      0.08749999999000001,
      0.88499999998,
      0.17749999999,
      0.97499999998,
      0.26499999998,
      1.0625,
      0.35499999998,
      1.1499999999900001,
      0.44249999998,
      1.2399999999900002,
      0.53,
      1.32749999998,
      0.62,
      1.41749999998,
      0.70749999999,
      0,
      0.79749999999,
      0.08749999999000001,
      0.88499999998,
      0.17749999999,
      0.97499999998,
      0.26499999998,
      1.0625,
      0.35499999998,
      1.1499999999900001,
      0.44249999998,
      1.2399999999900002,
      0.53,
      1.32749999998,
      0.62,
      1.41749999998,
      0.70749999999,
      0,
      0.79749999999,
      0.08749999999000001,
      0.88499999998,
      0.17749999999,
      0.97499999998,
      0.26499999998,
      1.0625,
      0.35499999998,
      1.1499999999900001,
      0.44249999998,
      1.2399999999900002,
      0.53,
      1.32749999998,
      0.62,
      1.41749999998,
      0.70749999999,
      0,
      0.79749999999,
      0.08749999999000001,
      0.88499999998,
      0.17749999999,
      0.97499999998,
      0.26499999998,
      1.0625,
      0.35499999998,
      1.1499999999900001,
      0.44249999998,
      1.2399999999900002,
      0.53,
      1.32749999998,
      0.62,
      1.41749999998,
      0.70749999999
    ],
    "SoftwareVersions": "syngo_MR_B17",
    "SpacingBetweenSlices": 2,
    "StationName": "MRC35466",
    "TaskName": "Training",
    "TxRefAmp": 351.354,
    "dataset": "ds003720",
    "modality": "bold",
    "run_id": 1,
    "subject_id": "005",
    "task_id": "Training"
  },
  "dummy_trs": 1,
  "dvars_nstd": 28.622023250416667,
  "dvars_std": 1.1925096207107846,
  "dvars_vstd": 0.9958627005147055,
  "efc": 0.5341738024895056,
  "fber": 3543.42578125,
  "fd_mean": 0.14452550620443913,
  "fd_num": 104,
  "fd_perc": 25.4278728606357,
  "fwhm_avg": 1.9605433333333335,
  "fwhm_x": 1.857015,
  "fwhm_y": 2.101115,
  "fwhm_z": 1.9235,
  "gcor": 0.0454359,
  "gsr_x": -0.006809078622609377,
  "gsr_y": 0.038206085562705994,
  "provenance": {
    "md5sum": "38103db743908a659971d189ea4d7170",
    "settings": {
      "fd_thres": 0.2,
      "testing": false
    },
    "software": "mriqc",
    "version": "22.0.6",
    "webapi_port": null,
    "webapi_url": "https://mriqc.nimh.nih.gov/api/v1"
  },
  "size_t": 409,
  "size_x": 96,
  "size_y": 96,
  "size_z": 68,
  "snr": 5.642377601933319,
  "spacing_tr": 1.5,
  "spacing_x": 2.0,
  "spacing_y": 2.0,
  "spacing_z": 2.0,
  "summary_bg_k": 44.20103424753317,
  "summary_bg_mad": 7.173765282126297,
  "summary_bg_mean": 31.802215576171875,
  "summary_bg_median": 9.687042236328125,
  "summary_bg_n": 403141.0,
  "summary_bg_p05": 4.088019847869873,
  "summary_bg_p95": 128.30563354492188,
  "summary_bg_stdv": 62.50083923339844,
  "summary_fg_k": 3.5888713934473033,
  "summary_fg_mad": 87.21074544001532,
  "summary_fg_mean": 598.5800170898438,
  "summary_fg_median": 591.1076049804688,
  "summary_fg_n": 136120.0,
  "summary_fg_p05": 459.0211776733399,
  "summary_fg_p95": 770.1077270507812,
  "summary_fg_stdv": 104.76176452636719,
  "tsnr": 58.84889098908752
}