{
  "aor": 0.0003101951219512195,
  "aqi": 0.010353522414634147,
  "bids_meta": {
    "AcquisitionNumber": 1,
    "AcquisitionTime": "13:34:53.402500",
    "BaseResolution": 96,
    "DeviceSerialNumber": "35466",
    "EchoTime": 0.03,
    "EffectiveEchoSpacing": 0.000691085003455425,
    "FlipAngle": 62,
    "ImageComments": "Unaliased_MB4_PE3_(remote)",
    "ImageType": [
      "ORIGINAL",
      "PRIMARY",
      "M",
      "MB",
      "ND",
      "NORM",
      "MOSAIC"
    ],
    "InstitutionAddress": "Street_StreetNo_District_JP_ZIP",
    "InstitutionName": "Center_for_Information_and_Neural_Networks",
    "InstitutionalDepartmentName": "Department",
    "MRAcquisitionType": "2D",
    "MagneticFieldStrength": 3,
    "Manufacturer": "Siemens",
    "ManufacturersModelName": "TrioTim",
    "Modality": "MR",
    "PartialFourier": 0.75,
    "PatientPosition": "HFS",
    "PhaseEncodingDirection": "j-",
    "PhaseResolution": 1,
    "ProcedureStepDescription": "NICT_Nishimoto",
    "ProtocolName": "mbep2d_MB4_TR1.5_2mm_PF6_410",
    "ReceiveCoilName": "32Ch_Head",
    "RepetitionTime": 1.5,
    "SAR": 0.173052,
    "ScanOptions": "PFP_FS",
    "ScanningSequence": "EP",
    "SequenceName": "epfid2d1_96",
    "SequenceVariant": "SK_SS",
    "SeriesDescription": "mbep2d_MB4_TR1.5_2mm_PF6_410",
    "SeriesNumber": 6,
    "ShimSetting": [
      -252,
      -10056,
      -3959,
      361,
      -14,
      -150,
      58,
      -38
    ],
    "SliceThickness": 2,
    "SliceTiming": [
      0,
      0.79749999999,
      0.08749999999000001,
      0.88499999998,
      0.17749999999,
      0.97499999998,
      0.26499999998,
      1.0625,
      0.35499999998,
      1.1499999999900001,
      0.44249999998,
      1.2399999999900002,
      0.53,
      1.32749999998,
      0.62,
      1.41749999998,
      0.70749999999,
      0,
      0.79749999999,
      0.08749999999000001,
      0.88499999998,
      0.17749999999,
      0.97499999998,
      0.26499999998,
      1.0625,
      0.35499999998,
      1.1499999999900001,
      0.44249999998,
      1.2399999999900002,
      0.53,
      1.32749999998,
      0.62,
      1.41749999998,
      0.70749999999,
      0,
      0.79749999999,
      0.08749999999000001,
      0.88499999998,
      0.17749999999,
      0.97499999998,
      0.26499999998,
      1.0625,
      0.35499999998,
      1.1499999999900001,
      0.44249999998,
      1.2399999999900002,
      0.53,
      1.32749999998,
      0.62,
      1.41749999998,
      0.70749999999,
      0,
      0.79749999999,
      0.08749999999000001,
      0.88499999998,
      0.17749999999,
      0.97499999998,
      0.26499999998,
      1.0625,
      0.35499999998,
      1.1499999999900001,
      0.44249999998,
      1.2399999999900002,
      0.53,
      1.32749999998,
      0.62,
      1.41749999998,
      0.70749999999
    ],
    "SoftwareVersions": "syngo_MR_B17",
    "SpacingBetweenSlices": 2,
    "StationName": "MRC35466",
    "TaskName": "Training",
    "TxRefAmp": 359.199,
    "dataset": "ds003720",
    "modality": "bold",
    "run_id": 9,
    "subject_id": "005",
    "task_id": "Training"
  },
  "dummy_trs": 0,
  "dvars_nstd": 30.875151109633258,
  "dvars_std": 1.1882296548655251,
  "dvars_vstd": 0.9989236006356977,
  "efc": 0.5380842860605863,
  "fber": 3014.52685546875,
  "fd_mean": 0.19420090275860555,
  "fd_num": 180,
  "fd_perc": 43.90243902439025,
  "fwhm_avg": 2.00895,
  "fwhm_x": 1.892435,
  "fwhm_y": 2.183175,
  "fwhm_z": 1.95124,
  "gcor": 0.0345181,
  "gsr_x": -0.008706677705049515,
  "gsr_y": 0.03403981029987335,
  "provenance": {
    "md5sum": "dd78d006f1a903049be987b1d22fd3ac",
    "settings": {
      "fd_thres": 0.2,
      "testing": false
    },
    "software": "mriqc",
    "version": "22.0.6",
    "webapi_port": null,
    "webapi_url": "https://mriqc.nimh.nih.gov/api/v1"
  },
  "size_t": 410,
  "size_x": 96,
  "size_y": 96,
  "size_z": 68,
  "snr": 5.728936944813484,
  "spacing_tr": 1.5,
  "spacing_x": 2.0,
  "spacing_y": 2.0,
  "spacing_z": 2.0,
  "summary_bg_k": 33.94770069990664,
  "summary_bg_mad": 7.315377112356569,
  "summary_bg_mean": 30.974411010742188,
  "summary_bg_median": 10.036585807800293,
  "summary_bg_n": 401740.0,
  "summary_bg_p05": 4.248780727386475,
  "summary_bg_p95": 126.67073059082031,
  "summary_bg_stdv": 58.95144271850586,
  "summary_fg_k": 3.5807574743242316,
  "summary_fg_mad": 83.15951496995999,
  "summary_fg_mean": 571.0353393554688,
  "summary_fg_median": 565.256103515625,
  "summary_fg_n": 137519.0,
  "summary_fg_p05": 433.3748779296875,
  "summary_fg_p95": 727.9458557128902,
  "summary_fg_stdv": 98.6664810180664,
  "tsnr": 54.67807141598314
}