{
  "aor": 0.0002782151589242054,
  "aqi": 0.010746212273838632,
  "bids_meta": {
    "AcquisitionNumber": 1,
    "AcquisitionTime": "10:54:12.120000",
    "BaseResolution": 96,
    "DeviceSerialNumber": "35466",
    "EchoTime": 0.03,
    "EffectiveEchoSpacing": 0.000691085003455425,
    "FlipAngle": 62,
    "ImageComments": "Unaliased_MB4_PE3_(remote)",
    "ImageType": [
      "ORIGINAL",
      "PRIMARY",
      "M",
      "MB",
      "ND",
      "NORM",
      "MOSAIC"
    ],
    "InstitutionAddress": "Street_StreetNo_District_JP_ZIP",
    "InstitutionName": "Center_for_Information_and_Neural_Networks",
    "InstitutionalDepartmentName": "Department",
    "MRAcquisitionType": "2D",
    "MagneticFieldStrength": 3,
    "Manufacturer": "Siemens",
    "ManufacturersModelName": "TrioTim",
    "Modality": "MR",
    "PartialFourier": 0.75,
    "PatientPosition": "HFS",
    "PhaseEncodingDirection": "j-",
    "PhaseResolution": 1,
    "ProcedureStepDescription": "NICT_Nishimoto",
    "ProtocolName": "mbep2d_MB4_TR1.5_2mm_PF6_410",
    "ReceiveCoilName": "32Ch_Head",
    "RepetitionTime": 1.5,
    "SAR": 0.140951,
    "ScanOptions": "PFP_FS",
    "ScanningSequence": "EP",
    "SequenceName": "epfid2d1_96",
    "SequenceVariant": "SK_SS",
    "SeriesDescription": "mbep2d_MB4_TR1.5_2mm_PF6_410",
    "SeriesNumber": 8,
    "ShimSetting": [
      -305,
      -10042,
      -3985,
      364,
      -73,
      -48,
      -68,
      57
    ],
    "SliceThickness": 2,
    "SliceTiming": [
      0,
      0.79749999999,
      0.08749999999000001,
      0.88499999998,
      0.17749999999,
      0.97499999998,
      0.26499999998,
      1.0625,
      0.35499999998,
      1.1499999999900001,
      0.44249999998,
      1.2399999999900002,
      0.53,
      1.32749999998,
      0.62,
      1.41749999998,
      0.70749999999,
      0,
      0.79749999999,
      0.08749999999000001,
      0.88499999998,
      0.17749999999,
      0.97499999998,
      0.26499999998,
      1.0625,
      0.35499999998,
      1.1499999999900001,
      0.44249999998,
      1.2399999999900002,
      0.53,
      1.32749999998,
      0.62,
      1.41749999998,
      0.70749999999,
      0,
      0.79749999999,
      0.08749999999000001,
      0.88499999998,
      0.17749999999,
      0.97499999998,
      0.26499999998,
      1.0625,
      0.35499999998,
      1.1499999999900001,
      0.44249999998,
      1.2399999999900002,
      0.53,
      1.32749999998,
      0.62,
      1.41749999998,
      0.70749999999,
      0,
      0.79749999999,
      0.08749999999000001,
      0.88499999998,
      0.17749999999,
      0.97499999998,
      0.26499999998,
      1.0625,
      0.35499999998,
      1.1499999999900001,
      0.44249999998,
      1.2399999999900002,
      0.53,
      1.32749999998,
      0.62,
      1.41749999998,
      0.70749999999
    ],
    "SoftwareVersions": "syngo_MR_B17",
    "SpacingBetweenSlices": 2,
    "StationName": "MRC35466",
    "TaskName": "Training",
    "TxRefAmp": 351.354,
    "dataset": "ds003720",
    "modality": "bold",
    "run_id": 3,
    "subject_id": "005",
    "task_id": "Training"
  },
  "dummy_trs": 1,
  "dvars_nstd": 27.973689738504902,
  "dvars_std": 1.160958554534313,
  "dvars_vstd": 0.983370892156863,
  "efc": 0.5359737607362154,
  "fber": 3414.48193359375,
  "fd_mean": 0.15644987511144762,
  "fd_num": 134,
  "fd_perc": 32.76283618581907,
  "fwhm_avg": 1.9706966666666668,
  "fwhm_x": 1.864335,
  "fwhm_y": 2.10683,
  "fwhm_z": 1.940925,
  "gcor": 0.0270817,
  "gsr_x": -0.007403556723147631,
  "gsr_y": 0.038259994238615036,
  "provenance": {
    "md5sum": "cb3439ffbd18ce85ea413202e253de26",
    "settings": {
      "fd_thres": 0.2,
      "testing": false
    },
    "software": "mriqc",
    "version": "22.0.6",
    "webapi_port": null,
    "webapi_url": "https://mriqc.nimh.nih.gov/api/v1"
  },
  "size_t": 409,
  "size_x": 96,
  "size_y": 96,
  "size_z": 68,
  "snr": 5.644308558534486,
  "spacing_tr": 1.5,
  "spacing_x": 2.0,
  "spacing_y": 2.0,
  "spacing_z": 2.0,
  "summary_bg_k": 42.485119940306795,
  "summary_bg_mad": 7.41301109252801,
  "summary_bg_mean": 32.67066955566406,
  "summary_bg_median": 9.91442584991455,
  "summary_bg_n": 403194.0,
  "summary_bg_p05": 4.1320295333862305,
  "summary_bg_p95": 133.42726669311494,
  "summary_bg_stdv": 62.80387878417969,
  "summary_fg_k": 3.7326511016289388,
  "summary_fg_mad": 86.87724138262381,
  "summary_fg_mean": 601.4248657226562,
  "summary_fg_median": 593.7469482421875,
  "summary_fg_n": 136232.0,
  "summary_fg_p05": 462.3327941894531,
  "summary_fg_p95": 772.537564086914,
  "summary_fg_stdv": 105.19353485107422,
  "tsnr": 55.465791173279285
}