{
  "aor": 0.000510440097799511,
  "aqi": 0.010103549902200488,
  "bids_meta": {
    "AcquisitionNumber": 1,
    "AcquisitionTime": "18:03:22.235000",
    "BaseResolution": 96,
    "DeviceSerialNumber": "35466",
    "EchoTime": 0.03,
    "EffectiveEchoSpacing": 0.000691085003455425,
    "FlipAngle": 62,
    "ImageComments": "Unaliased_MB4_PE3_(remote)",
    "ImageType": [
      "ORIGINAL",
      "PRIMARY",
      "M",
      "MB",
      "ND",
      "NORM",
      "MOSAIC"
    ],
    "InstitutionAddress": "Street_StreetNo_District_JP_ZIP",
    "InstitutionName": "Center_for_Information_and_Neural_Networks",
    "InstitutionalDepartmentName": "Department",
    "MRAcquisitionType": "2D",
    "MagneticFieldStrength": 3,
    "Manufacturer": "Siemens",
    "ManufacturersModelName": "TrioTim",
    "Modality": "MR",
    "PartialFourier": 0.75,
    "PatientPosition": "HFS",
    "PhaseEncodingDirection": "j-",
    "PhaseResolution": 1,
    "ProcedureStepDescription": "NICT_Nishimoto",
    "ProtocolName": "mbep2d_MB4_TR1.5_2mm_PF6_410",
    "ReceiveCoilName": "32Ch_Head",
    "RepetitionTime": 1.5,
    "SAR": 0.183199,
    "ScanOptions": "PFP_FS",
    "ScanningSequence": "EP",
    "SequenceName": "epfid2d1_96",
    "SequenceVariant": "SK_SS",
    "SeriesDescription": "mbep2d_MB4_TR1.5_2mm_PF6_410",
    "SeriesNumber": 8,
    "ShimSetting": [
      -297,
      -10086,
      -3940,
      308,
      -29,
      -346,
      -90,
      -33
    ],
    "SliceThickness": 2,
    "SliceTiming": [
      0,
      0.79749999999,
      0.08749999999000001,
      0.88499999998,
      0.17749999999,
      0.97499999998,
      0.26499999998,
      1.0625,
      0.35499999998,
      1.1499999999900001,
      0.44249999998,
      1.2399999999900002,
      0.53,
      1.32749999998,
      0.62,
      1.41749999998,
      0.70749999999,
      0,
      0.79749999999,
      0.08749999999000001,
      0.88499999998,
      0.17749999999,
      0.97499999998,
      0.26499999998,
      1.0625,
      0.35499999998,
      1.1499999999900001,
      0.44249999998,
      1.2399999999900002,
      0.53,
      1.32749999998,
      0.62,
      1.41749999998,
      0.70749999999,
      0,
      0.79749999999,
      0.08749999999000001,
      0.88499999998,
      0.17749999999,
      0.97499999998,
      0.26499999998,
      1.0625,
      0.35499999998,
      1.1499999999900001,
      0.44249999998,
      1.2399999999900002,
      0.53,
      1.32749999998,
      0.62,
      1.41749999998,
      0.70749999999,
      0,
      0.79749999999,
      0.08749999999000001,
      0.88499999998,
      0.17749999999,
      0.97499999998,
      0.26499999998,
      1.0625,
      0.35499999998,
      1.1499999999900001,
      0.44249999998,
      1.2399999999900002,
      0.53,
      1.32749999998,
      0.62,
      1.41749999998,
      0.70749999999
    ],
    "SoftwareVersions": "syngo_MR_B17",
    "SpacingBetweenSlices": 2,
    "StationName": "MRC35466",
    "TaskName": "Training",
    "TxRefAmp": 354.503,
    "dataset": "ds003720",
    "modality": "bold",
    "run_id": 7,
    "subject_id": "005",
    "task_id": "Training"
  },
  "dummy_trs": 1,
  "dvars_nstd": 29.586914076470592,
  "dvars_std": 1.201023312769607,
  "dvars_vstd": 0.9980875640196083,
  "efc": 0.5352214869638119,
  "fber": 2858.298828125,
  "fd_mean": 0.12337131894239277,
  "fd_num": 57,
  "fd_perc": 13.93643031784841,
  "fwhm_avg": 2.0002783333333336,
  "fwhm_x": 1.89162,
  "fwhm_y": 2.14529,
  "fwhm_z": 1.963925,
  "gcor": 0.0251115,
  "gsr_x": -0.0052949655801057816,
  "gsr_y": 0.034197717905044556,
  "provenance": {
    "md5sum": "c5a48b28ac880af40e6838d290a70841",
    "settings": {
      "fd_thres": 0.2,
      "testing": false
    },
    "software": "mriqc",
    "version": "22.0.6",
    "webapi_port": null,
    "webapi_url": "https://mriqc.nimh.nih.gov/api/v1"
  },
  "size_t": 409,
  "size_x": 96,
  "size_y": 96,
  "size_z": 68,
  "snr": 5.642633235545152,
  "spacing_tr": 1.5,
  "spacing_x": 2.0,
  "spacing_y": 2.0,
  "spacing_z": 2.0,
  "summary_bg_k": 34.97144611983259,
  "summary_bg_mad": 8.804989544522746,
  "summary_bg_mean": 33.22175598144531,
  "summary_bg_median": 11.17359447479248,
  "summary_bg_n": 403667.0,
  "summary_bg_p05": 4.097799777984619,
  "summary_bg_p95": 133.40929718017554,
  "summary_bg_stdv": 61.83870315551758,
  "summary_fg_k": 3.876227975503122,
  "summary_fg_mad": 87.07482817120456,
  "summary_fg_mean": 620.7408447265625,
  "summary_fg_median": 614.66015625,
  "summary_fg_n": 135903.0,
  "summary_fg_p05": 468.643310546875,
  "summary_fg_p95": 796.9936523437499,
  "summary_fg_stdv": 108.93103790283203,
  "tsnr": 54.97839727671817
}