{
  "aor": 0.0012040975609756098,
  "aqi": 0.014474628268292681,
  "bids_meta": {
    "AcquisitionNumber": 1,
    "AcquisitionTime": "17:26:36.260000",
    "BaseResolution": 96,
    "DeviceSerialNumber": "35466",
    "EchoTime": 0.03,
    "EffectiveEchoSpacing": 0.000691085003455425,
    "FlipAngle": 62,
    "ImageComments": "Unaliased_MB4_PE3_(remote)",
    "ImageType": [
      "ORIGINAL",
      "PRIMARY",
      "M",
      "MB",
      "ND",
      "NORM",
      "MOSAIC"
    ],
    "InstitutionAddress": "Street_StreetNo_District_JP_ZIP",
    "InstitutionName": "Center_for_Information_and_Neural_Networks",
    "InstitutionalDepartmentName": "Department",
    "MRAcquisitionType": "2D",
    "MagneticFieldStrength": 3,
    "Manufacturer": "Siemens",
    "ManufacturersModelName": "TrioTim",
    "Modality": "MR",
    "PartialFourier": 0.75,
    "PatientPosition": "HFS",
    "PhaseEncodingDirection": "j-",
    "PhaseResolution": 1,
    "ProcedureStepDescription": "NICT_Nishimoto",
    "ProtocolName": "mbep2d_MB4_TR1.5_2mm_PF6_410",
    "ReceiveCoilName": "32Ch_Head",
    "RepetitionTime": 1.5,
    "SAR": 0.176948,
    "ScanOptions": "PFP_FS",
    "ScanningSequence": "EP",
    "SequenceName": "epfid2d1_96",
    "SequenceVariant": "SK_SS",
    "SeriesDescription": "mbep2d_MB4_TR1.5_2mm_PF6_410",
    "SeriesNumber": 5,
    "ShimSetting": [
      -297,
      -10086,
      -3940,
      308,
      -29,
      -346,
      -90,
      -33
    ],
    "SliceThickness": 2,
    "SliceTiming": [
      0,
      0.79749999999,
      0.08749999999000001,
      0.88499999998,
      0.17749999999,
      0.97499999998,
      0.26499999998,
      1.0625,
      0.35499999998,
      1.1499999999900001,
      0.44249999998,
      1.2399999999900002,
      0.53,
      1.32749999998,
      0.62,
      1.41749999998,
      0.70749999999,
      0,
      0.79749999999,
      0.08749999999000001,
      0.88499999998,
      0.17749999999,
      0.97499999998,
      0.26499999998,
      1.0625,
      0.35499999998,
      1.1499999999900001,
      0.44249999998,
      1.2399999999900002,
      0.53,
      1.32749999998,
      0.62,
      1.41749999998,
      0.70749999999,
      0,
      0.79749999999,
      0.08749999999000001,
      0.88499999998,
      0.17749999999,
      0.97499999998,
      0.26499999998,
      1.0625,
      0.35499999998,
      1.1499999999900001,
      0.44249999998,
      1.2399999999900002,
      0.53,
      1.32749999998,
      0.62,
      1.41749999998,
      0.70749999999,
      0,
      0.79749999999,
      0.08749999999000001,
      0.88499999998,
      0.17749999999,
      0.97499999998,
      0.26499999998,
      1.0625,
      0.35499999998,
      1.1499999999900001,
      0.44249999998,
      1.2399999999900002,
      0.53,
      1.32749999998,
      0.62,
      1.41749999998,
      0.70749999999
    ],
    "SoftwareVersions": "syngo_MR_B17",
    "SpacingBetweenSlices": 2,
    "StationName": "MRC35466",
    "TaskName": "Training",
    "TxRefAmp": 354.503,
    "dataset": "ds003720",
    "modality": "bold",
    "run_id": 5,
    "subject_id": "005",
    "task_id": "Training"
  },
  "dummy_trs": 0,
  "dvars_nstd": 29.69103389731051,
  "dvars_std": 1.1735137403911982,
  "dvars_vstd": 0.989780685672371,
  "efc": 0.5340397517392758,
  "fber": 2965.7421875,
  "fd_mean": 0.15347581651902054,
  "fd_num": 122,
  "fd_perc": 29.75609756097561,
  "fwhm_avg": 2.028345,
  "fwhm_x": 1.917,
  "fwhm_y": 2.18367,
  "fwhm_z": 1.984365,
  "gcor": 0.016384,
  "gsr_x": -0.004644955974072218,
  "gsr_y": 0.03376275673508644,
  "provenance": {
    "md5sum": "904b3cbb101648a11c5270fb97e0f60b",
    "settings": {
      "fd_thres": 0.2,
      "testing": false
    },
    "software": "mriqc",
    "version": "22.0.6",
    "webapi_port": null,
    "webapi_url": "https://mriqc.nimh.nih.gov/api/v1"
  },
  "size_t": 410,
  "size_x": 96,
  "size_y": 96,
  "size_z": 68,
  "snr": 5.6242909642529595,
  "spacing_tr": 1.5,
  "spacing_x": 2.0,
  "spacing_y": 2.0,
  "spacing_z": 2.0,
  "summary_bg_k": 31.939145590634645,
  "summary_bg_mad": 8.761818335628368,
  "summary_bg_mean": 32.066192626953125,
  "summary_bg_median": 11.007317543029785,
  "summary_bg_n": 402874.0,
  "summary_bg_p05": 3.9560976028442383,
  "summary_bg_p95": 127.06341552734375,
  "summary_bg_stdv": 59.58310317993164,
  "summary_fg_k": 3.72037642948235,
  "summary_fg_mad": 87.68505327255298,
  "summary_fg_mean": 620.3522338867188,
  "summary_fg_median": 614.5963134765625,
  "summary_fg_n": 136392.0,
  "summary_fg_p05": 466.9563293457031,
  "summary_fg_p95": 797.0314666748046,
  "summary_fg_stdv": 109.27494049072266,
  "tsnr": 47.247626825235784
}