{
  "aor": 0.0007921707317073169,
  "aqi": 0.009517933170731708,
  "bids_meta": {
    "AcquisitionNumber": 1,
    "AcquisitionTime": "17:49:50.745000",
    "BaseResolution": 96,
    "DeviceSerialNumber": "35466",
    "EchoTime": 0.03,
    "EffectiveEchoSpacing": 0.000691085003455425,
    "FlipAngle": 62,
    "ImageComments": "Unaliased_MB4_PE3_(remote)",
    "ImageType": [
      "ORIGINAL",
      "PRIMARY",
      "M",
      "MB",
      "ND",
      "NORM",
      "MOSAIC"
    ],
    "InstitutionAddress": "Street_StreetNo_District_JP_ZIP",
    "InstitutionName": "Center_for_Information_and_Neural_Networks",
    "InstitutionalDepartmentName": "Department",
    "MRAcquisitionType": "2D",
    "MagneticFieldStrength": 3,
    "Manufacturer": "Siemens",
    "ManufacturersModelName": "TrioTim",
    "Modality": "MR",
    "PartialFourier": 0.75,
    "PatientPosition": "HFS",
    "PhaseEncodingDirection": "j-",
    "PhaseResolution": 1,
    "ProcedureStepDescription": "NICT_Nishimoto",
    "ProtocolName": "mbep2d_MB4_TR1.5_2mm_PF6_410",
    "ReceiveCoilName": "32Ch_Head",
    "RepetitionTime": 1.5,
    "SAR": 0.181689,
    "ScanOptions": "PFP_FS",
    "ScanningSequence": "EP",
    "SequenceName": "epfid2d1_96",
    "SequenceVariant": "SK_SS",
    "SeriesDescription": "mbep2d_MB4_TR1.5_2mm_PF6_410",
    "SeriesNumber": 7,
    "ShimSetting": [
      -297,
      -10086,
      -3940,
      308,
      -29,
      -346,
      -90,
      -33
    ],
    "SliceThickness": 2,
    "SliceTiming": [
      0,
      0.79749999999,
      0.08749999999000001,
      0.88499999998,
      0.17749999999,
      0.97499999998,
      0.26499999998,
      1.0625,
      0.35499999998,
      1.1499999999900001,
      0.44249999998,
      1.2399999999900002,
      0.53,
      1.32749999998,
      0.62,
      1.41749999998,
      0.70749999999,
      0,
      0.79749999999,
      0.08749999999000001,
      0.88499999998,
      0.17749999999,
      0.97499999998,
      0.26499999998,
      1.0625,
      0.35499999998,
      1.1499999999900001,
      0.44249999998,
      1.2399999999900002,
      0.53,
      1.32749999998,
      0.62,
      1.41749999998,
      0.70749999999,
      0,
      0.79749999999,
      0.08749999999000001,
      0.88499999998,
      0.17749999999,
      0.97499999998,
      0.26499999998,
      1.0625,
      0.35499999998,
      1.1499999999900001,
      0.44249999998,
      1.2399999999900002,
      0.53,
      1.32749999998,
      0.62,
      1.41749999998,
      0.70749999999,
      0,
      0.79749999999,
      0.08749999999000001,
      0.88499999998,
      0.17749999999,
      0.97499999998,
      0.26499999998,
      1.0625,
      0.35499999998,
      1.1499999999900001,
      0.44249999998,
      1.2399999999900002,
      0.53,
      1.32749999998,
      0.62,
      1.41749999998,
      0.70749999999
    ],
    "SoftwareVersions": "syngo_MR_B17",
    "SpacingBetweenSlices": 2,
    "StationName": "MRC35466",
    "TaskName": "Training",
    "TxRefAmp": 354.503,
    "dataset": "ds003720",
    "modality": "bold",
    "run_id": 6,
    "subject_id": "005",
    "task_id": "Training"
  },
  "dummy_trs": 0,
  "dvars_nstd": 29.918756275036664,
  "dvars_std": 1.2190200206845967,
  "dvars_vstd": 1.0155757837897317,
  "efc": 0.5343512429861905,
  "fber": 2913.845703125,
  "fd_mean": 0.12950627994276995,
  "fd_num": 65,
  "fd_perc": 15.853658536585366,
  "fwhm_avg": 2.0000050000000003,
  "fwhm_x": 1.892905,
  "fwhm_y": 2.146385,
  "fwhm_z": 1.960725,
  "gcor": 0.0376128,
  "gsr_x": -0.00455178739503026,
  "gsr_y": 0.034182317554950714,
  "provenance": {
    "md5sum": "a16d403a56f7d1c77c53b4b5ab483ca8",
    "settings": {
      "fd_thres": 0.2,
      "testing": false
    },
    "software": "mriqc",
    "version": "22.0.6",
    "webapi_port": null,
    "webapi_url": "https://mriqc.nimh.nih.gov/api/v1"
  },
  "size_t": 410,
  "size_x": 96,
  "size_y": 96,
  "size_z": 68,
  "snr": 5.62811019918816,
  "spacing_tr": 1.5,
  "spacing_x": 2.0,
  "spacing_y": 2.0,
  "spacing_z": 2.0,
  "summary_bg_k": 35.91371121571547,
  "summary_bg_mad": 8.714808334864594,
  "summary_bg_mean": 32.978450775146484,
  "summary_bg_median": 11.078048706054688,
  "summary_bg_n": 403801.0,
  "summary_bg_p05": 4.0804877281188965,
  "summary_bg_p95": 131.73902893066406,
  "summary_bg_stdv": 62.152976989746094,
  "summary_fg_k": 3.878475943493066,
  "summary_fg_mad": 87.13364722894556,
  "summary_fg_mean": 620.3869018554688,
  "summary_fg_median": 614.6707153320312,
  "summary_fg_n": 135832.0,
  "summary_fg_p05": 467.0871887207031,
  "summary_fg_p95": 796.1781616210936,
  "summary_fg_stdv": 109.21400451660156,
  "tsnr": 56.472589435754344
}