{
  "aor": 0.0003561124694376528,
  "aqi": 0.009868430782396088,
  "bids_meta": {
    "AcquisitionNumber": 1,
    "AcquisitionTime": "13:47:21.335000",
    "BaseResolution": 96,
    "DeviceSerialNumber": "35466",
    "EchoTime": 0.03,
    "EffectiveEchoSpacing": 0.000691085003455425,
    "FlipAngle": 62,
    "ImageComments": "Unaliased_MB4_PE3_(remote)",
    "ImageType": [
      "ORIGINAL",
      "PRIMARY",
      "M",
      "MB",
      "ND",
      "NORM",
      "MOSAIC"
    ],
    "InstitutionAddress": "Street_StreetNo_District_JP_ZIP",
    "InstitutionName": "Center_for_Information_and_Neural_Networks",
    "InstitutionalDepartmentName": "Department",
    "MRAcquisitionType": "2D",
    "MagneticFieldStrength": 3,
    "Manufacturer": "Siemens",
    "ManufacturersModelName": "TrioTim",
    "Modality": "MR",
    "PartialFourier": 0.75,
    "PatientPosition": "HFS",
    "PhaseEncodingDirection": "j-",
    "PhaseResolution": 1,
    "ProcedureStepDescription": "NICT_Nishimoto",
    "ProtocolName": "mbep2d_MB4_TR1.5_2mm_PF6_410",
    "ReceiveCoilName": "32Ch_Head",
    "RepetitionTime": 1.5,
    "SAR": 0.174686,
    "ScanOptions": "PFP_FS",
    "ScanningSequence": "EP",
    "SequenceName": "epfid2d1_96",
    "SequenceVariant": "SK_SS",
    "SeriesDescription": "mbep2d_MB4_TR1.5_2mm_PF6_410",
    "SeriesNumber": 7,
    "ShimSetting": [
      -252,
      -10056,
      -3959,
      361,
      -14,
      -150,
      58,
      -38
    ],
    "SliceThickness": 2,
    "SliceTiming": [
      0,
      0.79749999999,
      0.08749999999000001,
      0.88499999998,
      0.17749999999,
      0.97499999998,
      0.26499999998,
      1.0625,
      0.35499999998,
      1.1499999999900001,
      0.44249999998,
      1.2399999999900002,
      0.53,
      1.32749999998,
      0.62,
      1.41749999998,
      0.70749999999,
      0,
      0.79749999999,
      0.08749999999000001,
      0.88499999998,
      0.17749999999,
      0.97499999998,
      0.26499999998,
      1.0625,
      0.35499999998,
      1.1499999999900001,
      0.44249999998,
      1.2399999999900002,
      0.53,
      1.32749999998,
      0.62,
      1.41749999998,
      0.70749999999,
      0,
      0.79749999999,
      0.08749999999000001,
      0.88499999998,
      0.17749999999,
      0.97499999998,
      0.26499999998,
      1.0625,
      0.35499999998,
      1.1499999999900001,
      0.44249999998,
      1.2399999999900002,
      0.53,
      1.32749999998,
      0.62,
      1.41749999998,
      0.70749999999,
      0,
      0.79749999999,
      0.08749999999000001,
      0.88499999998,
      0.17749999999,
      0.97499999998,
      0.26499999998,
      1.0625,
      0.35499999998,
      1.1499999999900001,
      0.44249999998,
      1.2399999999900002,
      0.53,
      1.32749999998,
      0.62,
      1.41749999998,
      0.70749999999
    ],
    "SoftwareVersions": "syngo_MR_B17",
    "SpacingBetweenSlices": 2,
    "StationName": "MRC35466",
    "TaskName": "Training",
    "TxRefAmp": 359.199,
    "dataset": "ds003720",
    "modality": "bold",
    "run_id": 10,
    "subject_id": "005",
    "task_id": "Training"
  },
  "dummy_trs": 1,
  "dvars_nstd": 30.264793662475537,
  "dvars_std": 1.2086370442156862,
  "dvars_vstd": 0.9991276981127443,
  "efc": 0.5393023411367875,
  "fber": 2924.474609375,
  "fd_mean": 0.16333978690844614,
  "fd_num": 139,
  "fd_perc": 33.98533007334963,
  "fwhm_avg": 2.007381666666667,
  "fwhm_x": 1.8869,
  "fwhm_y": 2.18289,
  "fwhm_z": 1.952355,
  "gcor": 0.0319239,
  "gsr_x": -0.009948750957846642,
  "gsr_y": 0.034440554678440094,
  "provenance": {
    "md5sum": "6f25e1b1baef6e88ad3fbae58cee0aa3",
    "settings": {
      "fd_thres": 0.2,
      "testing": false
    },
    "software": "mriqc",
    "version": "22.0.6",
    "webapi_port": null,
    "webapi_url": "https://mriqc.nimh.nih.gov/api/v1"
  },
  "size_t": 409,
  "size_x": 96,
  "size_y": 96,
  "size_z": 68,
  "snr": 5.733620514965238,
  "spacing_tr": 1.5,
  "spacing_x": 2.0,
  "spacing_y": 2.0,
  "spacing_z": 2.0,
  "summary_bg_k": 34.88657798943915,
  "summary_bg_mad": 7.4855105299126,
  "summary_bg_mean": 31.56159782409668,
  "summary_bg_median": 10.21515941619873,
  "summary_bg_n": 401435.0,
  "summary_bg_p05": 4.312958717346191,
  "summary_bg_p95": 128.99658203124994,
  "summary_bg_stdv": 59.584381103515625,
  "summary_fg_k": 3.7058316256070736,
  "summary_fg_mad": 83.29764926479328,
  "summary_fg_mean": 573.8494873046875,
  "summary_fg_median": 567.0855712890625,
  "summary_fg_n": 137644.0,
  "summary_fg_p05": 440.0856018066406,
  "summary_fg_p95": 733.5392974853515,
  "summary_fg_stdv": 98.90496063232422,
  "tsnr": 56.35706933028996
}