{
  "aor": 0.000452609756097561,
  "aqi": 0.009273493292682927,
  "bids_meta": {
    "AcquisitionNumber": 1,
    "AcquisitionTime": "11:07:50.997500",
    "BaseResolution": 96,
    "DeviceSerialNumber": "35466",
    "EchoTime": 0.03,
    "EffectiveEchoSpacing": 0.000691085003455425,
    "FlipAngle": 62,
    "ImageComments": "Unaliased_MB4_PE3_(remote)",
    "ImageType": [
      "ORIGINAL",
      "PRIMARY",
      "M",
      "MB",
      "ND",
      "NORM",
      "MOSAIC"
    ],
    "InstitutionAddress": "Street_StreetNo_District_JP_ZIP",
    "InstitutionName": "Center_for_Information_and_Neural_Networks",
    "InstitutionalDepartmentName": "Department",
    "MRAcquisitionType": "2D",
    "MagneticFieldStrength": 3,
    "Manufacturer": "Siemens",
    "ManufacturersModelName": "TrioTim",
    "Modality": "MR",
    "PartialFourier": 0.75,
    "PatientPosition": "HFS",
    "PhaseEncodingDirection": "j-",
    "PhaseResolution": 1,
    "ProcedureStepDescription": "NICT_Nishimoto",
    "ProtocolName": "mbep2d_MB4_TR1.5_2mm_PF6_410",
    "ReceiveCoilName": "32Ch_Head",
    "RepetitionTime": 1.5,
    "SAR": 0.141753,
    "ScanOptions": "PFP_FS",
    "ScanningSequence": "EP",
    "SequenceName": "epfid2d1_96",
    "SequenceVariant": "SK_SS",
    "SeriesDescription": "mbep2d_MB4_TR1.5_2mm_PF6_410",
    "SeriesNumber": 9,
    "ShimSetting": [
      -305,
      -10042,
      -3985,
      364,
      -73,
      -48,
      -68,
      57
    ],
    "SliceThickness": 2,
    "SliceTiming": [
      0,
      0.79749999999,
      0.08749999999000001,
      0.88499999998,
      0.17749999999,
      0.97499999998,
      0.26499999998,
      1.0625,
      0.35499999998,
      1.1499999999900001,
      0.44249999998,
      1.2399999999900002,
      0.53,
      1.32749999998,
      0.62,
      1.41749999998,
      0.70749999999,
      0,
      0.79749999999,
      0.08749999999000001,
      0.88499999998,
      0.17749999999,
      0.97499999998,
      0.26499999998,
      1.0625,
      0.35499999998,
      1.1499999999900001,
      0.44249999998,
      1.2399999999900002,
      0.53,
      1.32749999998,
      0.62,
      1.41749999998,
      0.70749999999,
      0,
      0.79749999999,
      0.08749999999000001,
      0.88499999998,
      0.17749999999,
      0.97499999998,
      0.26499999998,
      1.0625,
      0.35499999998,
      1.1499999999900001,
      0.44249999998,
      1.2399999999900002,
      0.53,
      1.32749999998,
      0.62,
      1.41749999998,
      0.70749999999,
      0,
      0.79749999999,
      0.08749999999000001,
      0.88499999998,
      0.17749999999,
      0.97499999998,
      0.26499999998,
      1.0625,
      0.35499999998,
      1.1499999999900001,
      0.44249999998,
      1.2399999999900002,
      0.53,
      1.32749999998,
      0.62,
      1.41749999998,
      0.70749999999
    ],
    "SoftwareVersions": "syngo_MR_B17",
    "SpacingBetweenSlices": 2,
    "StationName": "MRC35466",
    "TaskName": "Training",
    "TxRefAmp": 351.354,
    "dataset": "ds003720",
    "modality": "bold",
    "run_id": 4,
    "subject_id": "005",
    "task_id": "Training"
  },
  "dummy_trs": 0,
  "dvars_nstd": 28.171334492885087,
  "dvars_std": 1.19814371809291,
  "dvars_vstd": 1.0084979733007338,
  "efc": 0.5367989514627254,
  "fber": 3298.5625,
  "fd_mean": 0.14359821681981608,
  "fd_num": 99,
  "fd_perc": 24.146341463414632,
  "fwhm_avg": 1.9484566666666667,
  "fwhm_x": 1.850395,
  "fwhm_y": 2.085095,
  "fwhm_z": 1.90988,
  "gcor": 0.0419408,
  "gsr_x": -0.008092080242931843,
  "gsr_y": 0.03764822334051132,
  "provenance": {
    "md5sum": "360b387161d12c3e2ad329487f03084a",
    "settings": {
      "fd_thres": 0.2,
      "testing": false
    },
    "software": "mriqc",
    "version": "22.0.6",
    "webapi_port": null,
    "webapi_url": "https://mriqc.nimh.nih.gov/api/v1"
  },
  "size_t": 410,
  "size_x": 96,
  "size_y": 96,
  "size_z": 68,
  "snr": 5.6755232684172245,
  "spacing_tr": 1.5,
  "spacing_x": 2.0,
  "spacing_y": 2.0,
  "spacing_z": 2.0,
  "summary_bg_k": 41.874903449829155,
  "summary_bg_mad": 7.564887272509985,
  "summary_bg_mean": 33.14839172363281,
  "summary_bg_median": 10.087804794311523,
  "summary_bg_n": 403470.0,
  "summary_bg_p05": 4.182926654815674,
  "summary_bg_p95": 135.5590278625487,
  "summary_bg_stdv": 63.43332290649414,
  "summary_fg_k": 3.7611134143267275,
  "summary_fg_mad": 86.71775124528762,
  "summary_fg_mean": 601.6614990234375,
  "summary_fg_median": 593.6682739257812,
  "summary_fg_n": 135945.0,
  "summary_fg_p05": 463.4951171875,
  "summary_fg_p95": 772.5658569335938,
  "summary_fg_stdv": 104.60111999511719,
  "tsnr": 59.96460843086243
}