{
  "aor": 0.0005192682926829269,
  "aqi": 0.009884067341463415,
  "bids_meta": {
    "AcquisitionNumber": 1,
    "AcquisitionTime": "14:21:39.117500",
    "BaseResolution": 96,
    "DeviceSerialNumber": "35466",
    "EchoTime": 0.03,
    "EffectiveEchoSpacing": 0.000691085003455425,
    "FlipAngle": 62,
    "ImageComments": "Unaliased_MB4_PE3_(remote)",
    "ImageType": [
      "ORIGINAL",
      "PRIMARY",
      "M",
      "MB",
      "ND",
      "NORM",
      "MOSAIC"
    ],
    "InstitutionAddress": "Street_StreetNo_District_JP_ZIP",
    "InstitutionName": "Center_for_Information_and_Neural_Networks",
    "InstitutionalDepartmentName": "Department",
    "MRAcquisitionType": "2D",
    "MagneticFieldStrength": 3,
    "Manufacturer": "Siemens",
    "ManufacturersModelName": "TrioTim",
    "Modality": "MR",
    "PartialFourier": 0.75,
    "PatientPosition": "HFS",
    "PhaseEncodingDirection": "j-",
    "PhaseResolution": 1,
    "ProcedureStepDescription": "NICT_Nishimoto",
    "ProtocolName": "mbep2d_MB4_TR1.5_2mm_PF6_410",
    "ReceiveCoilName": "32Ch_Head",
    "RepetitionTime": 1.5,
    "SAR": 0.176968,
    "ScanOptions": "PFP_FS",
    "ScanningSequence": "EP",
    "SequenceName": "epfid2d1_96",
    "SequenceVariant": "SK_SS",
    "SeriesDescription": "mbep2d_MB4_TR1.5_2mm_PF6_410",
    "SeriesNumber": 10,
    "ShimSetting": [
      -252,
      -10056,
      -3959,
      361,
      -14,
      -150,
      58,
      -38
    ],
    "SliceThickness": 2,
    "SliceTiming": [
      0,
      0.79749999999,
      0.08749999999000001,
      0.88499999998,
      0.17749999999,
      0.97499999998,
      0.26499999998,
      1.0625,
      0.35499999998,
      1.1499999999900001,
      0.44249999998,
      1.2399999999900002,
      0.53,
      1.32749999998,
      0.62,
      1.41749999998,
      0.70749999999,
      0,
      0.79749999999,
      0.08749999999000001,
      0.88499999998,
      0.17749999999,
      0.97499999998,
      0.26499999998,
      1.0625,
      0.35499999998,
      1.1499999999900001,
      0.44249999998,
      1.2399999999900002,
      0.53,
      1.32749999998,
      0.62,
      1.41749999998,
      0.70749999999,
      0,
      0.79749999999,
      0.08749999999000001,
      0.88499999998,
      0.17749999999,
      0.97499999998,
      0.26499999998,
      1.0625,
      0.35499999998,
      1.1499999999900001,
      0.44249999998,
      1.2399999999900002,
      0.53,
      1.32749999998,
      0.62,
      1.41749999998,
      0.70749999999,
      0,
      0.79749999999,
      0.08749999999000001,
      0.88499999998,
      0.17749999999,
      0.97499999998,
      0.26499999998,
      1.0625,
      0.35499999998,
      1.1499999999900001,
      0.44249999998,
      1.2399999999900002,
      0.53,
      1.32749999998,
      0.62,
      1.41749999998,
      0.70749999999
    ],
    "SoftwareVersions": "syngo_MR_B17",
    "SpacingBetweenSlices": 2,
    "StationName": "MRC35466",
    "TaskName": "Training",
    "TxRefAmp": 359.199,
    "dataset": "ds003720",
    "modality": "bold",
    "run_id": 12,
    "subject_id": "005",
    "task_id": "Training"
  },
  "dummy_trs": 0,
  "dvars_nstd": 31.954545643520788,
  "dvars_std": 1.243186749144253,
  "dvars_vstd": 1.003701303178484,
  "efc": 0.5411397282382668,
  "fber": 2752.72998046875,
  "fd_mean": 0.16463432914088152,
  "fd_num": 126,
  "fd_perc": 30.73170731707317,
  "fwhm_avg": 2.0323283333333335,
  "fwhm_x": 1.919545,
  "fwhm_y": 2.210985,
  "fwhm_z": 1.966455,
  "gcor": 0.0350182,
  "gsr_x": -0.008568608202040195,
  "gsr_y": 0.028824293985962868,
  "provenance": {
    "md5sum": "f3e359751dc2290f32ea2eb6a996e704",
    "settings": {
      "fd_thres": 0.2,
      "testing": false
    },
    "software": "mriqc",
    "version": "22.0.6",
    "webapi_port": null,
    "webapi_url": "https://mriqc.nimh.nih.gov/api/v1"
  },
  "size_t": 410,
  "size_x": 96,
  "size_y": 96,
  "size_z": 68,
  "snr": 5.608901667295762,
  "spacing_tr": 1.5,
  "spacing_x": 2.0,
  "spacing_y": 2.0,
  "spacing_z": 2.0,
  "summary_bg_k": 31.384694842440943,
  "summary_bg_mad": 7.810782747059677,
  "summary_bg_mean": 31.38559913635254,
  "summary_bg_median": 10.490243911743164,
  "summary_bg_n": 399975.0,
  "summary_bg_p05": 4.370731830596924,
  "summary_bg_p95": 127.33390579223624,
  "summary_bg_stdv": 56.49327087402344,
  "summary_fg_k": 3.488289748165852,
  "summary_fg_mad": 85.15922719686709,
  "summary_fg_mean": 574.9644775390625,
  "summary_fg_median": 567.8878173828125,
  "summary_fg_n": 138021.0,
  "summary_fg_p05": 440.0195007324219,
  "summary_fg_p95": 741.8682861328125,
  "summary_fg_stdv": 101.24723052978516,
  "tsnr": 55.789898144546896
}