{
  "aor": 0.000318780487804878,
  "aqi": 0.008218089268292683,
  "bids_meta": {
    "AcquisitionNumber": 1,
    "AcquisitionTime": "10:31:23.547500",
    "BaseResolution": 96,
    "DeviceSerialNumber": "35466",
    "EchoTime": 0.03,
    "EffectiveEchoSpacing": 0.000691085003455425,
    "FlipAngle": 62,
    "ImageComments": "Unaliased_MB4_PE3_(remote)",
    "ImageType": [
      "ORIGINAL",
      "PRIMARY",
      "M",
      "MB",
      "ND",
      "NORM",
      "MOSAIC"
    ],
    "InstitutionAddress": "Street_StreetNo_District_JP_ZIP",
    "InstitutionName": "Center_for_Information_and_Neural_Networks",
    "InstitutionalDepartmentName": "Department",
    "MRAcquisitionType": "2D",
    "MagneticFieldStrength": 3,
    "Manufacturer": "Siemens",
    "ManufacturersModelName": "TrioTim",
    "Modality": "MR",
    "PartialFourier": 0.75,
    "PatientPosition": "HFS",
    "PhaseEncodingDirection": "j-",
    "PhaseResolution": 1,
    "ProcedureStepDescription": "NICT_Nishimoto",
    "ProtocolName": "mbep2d_MB4_TR1.5_2mm_PF6_410",
    "ReceiveCoilName": "32Ch_Head",
    "RepetitionTime": 1.5,
    "SAR": 0.149797,
    "ScanOptions": "PFP_FS",
    "ScanningSequence": "EP",
    "SequenceName": "epfid2d1_96",
    "SequenceVariant": "SK_SS",
    "SeriesDescription": "mbep2d_MB4_TR1.5_2mm_PF6_410",
    "SeriesNumber": 6,
    "ShimSetting": [
      -306,
      -10103,
      -3934,
      387,
      -85,
      -272,
      203,
      80
    ],
    "SliceThickness": 2,
    "SliceTiming": [
      0,
      0.79749999999,
      0.08749999999000001,
      0.88499999998,
      0.17749999999,
      0.97499999998,
      0.26499999998,
      1.0625,
      0.35499999998,
      1.1499999999900001,
      0.44249999998,
      1.2399999999900002,
      0.53,
      1.32749999998,
      0.62,
      1.41749999998,
      0.70749999999,
      0,
      0.79749999999,
      0.08749999999000001,
      0.88499999998,
      0.17749999999,
      0.97499999998,
      0.26499999998,
      1.0625,
      0.35499999998,
      1.1499999999900001,
      0.44249999998,
      1.2399999999900002,
      0.53,
      1.32749999998,
      0.62,
      1.41749999998,
      0.70749999999,
      0,
      0.79749999999,
      0.08749999999000001,
      0.88499999998,
      0.17749999999,
      0.97499999998,
      0.26499999998,
      1.0625,
      0.35499999998,
      1.1499999999900001,
      0.44249999998,
      1.2399999999900002,
      0.53,
      1.32749999998,
      0.62,
      1.41749999998,
      0.70749999999,
      0,
      0.79749999999,
      0.08749999999000001,
      0.88499999998,
      0.17749999999,
      0.97499999998,
      0.26499999998,
      1.0625,
      0.35499999998,
      1.1499999999900001,
      0.44249999998,
      1.2399999999900002,
      0.53,
      1.32749999998,
      0.62,
      1.41749999998,
      0.70749999999
    ],
    "SoftwareVersions": "syngo_MR_B17",
    "SpacingBetweenSlices": 2,
    "StationName": "MRC35466",
    "TaskName": "Training",
    "TxRefAmp": 356.947,
    "dataset": "ds003720",
    "modality": "bold",
    "run_id": 9,
    "subject_id": "003",
    "task_id": "Training"
  },
  "dummy_trs": 0,
  "dvars_nstd": 30.953314606283637,
  "dvars_std": 1.2253811307823956,
  "dvars_vstd": 1.0031200489731054,
  "efc": 0.5850921551432708,
  "fber": 1191.0079345703125,
  "fd_mean": 0.13275834026628416,
  "fd_num": 70,
  "fd_perc": 17.073170731707318,
  "fwhm_avg": 2.0705116666666665,
  "fwhm_x": 1.924735,
  "fwhm_y": 2.25146,
  "fwhm_z": 2.03534,
  "gcor": 0.0191794,
  "gsr_x": 0.0032572224736213684,
  "gsr_y": 0.02578022889792919,
  "provenance": {
    "md5sum": "f675eae2e2cc2b04673ba1dfa3af33e0",
    "settings": {
      "fd_thres": 0.2,
      "testing": false
    },
    "software": "mriqc",
    "version": "22.0.6",
    "webapi_port": null,
    "webapi_url": "https://mriqc.nimh.nih.gov/api/v1"
  },
  "size_t": 410,
  "size_x": 96,
  "size_y": 96,
  "size_z": 68,
  "snr": 5.754454679631629,
  "spacing_tr": 1.5,
  "spacing_x": 2.0,
  "spacing_y": 2.0,
  "spacing_z": 2.0,
  "summary_bg_k": 15.737208975008535,
  "summary_bg_mad": 15.440760517950336,
  "summary_bg_mean": 39.77521514892578,
  "summary_bg_median": 16.1195125579834,
  "summary_bg_n": 375028.0,
  "summary_bg_p05": 4.185365676879883,
  "summary_bg_p95": 159.40731811523438,
  "summary_bg_stdv": 60.21533203125,
  "summary_fg_k": 3.6938537383706747,
  "summary_fg_mad": 82.74366423173107,
  "summary_fg_mean": 584.0852661132812,
  "summary_fg_median": 578.229248046875,
  "summary_fg_n": 158657.0,
  "summary_fg_p05": 445.3926696777344,
  "summary_fg_p95": 746.7965698242186,
  "summary_fg_stdv": 100.48344421386719,
  "tsnr": 58.1361111109145
}