{
  "aor": 0.000605390243902439,
  "aqi": 0.009102124268292683,
  "bids_meta": {
    "AcquisitionNumber": 1,
    "AcquisitionTime": "11:06:40.335000",
    "BaseResolution": 96,
    "DeviceSerialNumber": "35466",
    "EchoTime": 0.03,
    "EffectiveEchoSpacing": 0.000691085003455425,
    "FlipAngle": 62,
    "ImageComments": "Unaliased_MB4_PE3_(remote)",
    "ImageType": [
      "ORIGINAL",
      "PRIMARY",
      "M",
      "MB",
      "ND",
      "NORM",
      "MOSAIC"
    ],
    "InstitutionAddress": "Street_StreetNo_District_JP_ZIP",
    "InstitutionName": "Center_for_Information_and_Neural_Networks",
    "InstitutionalDepartmentName": "Department",
    "MRAcquisitionType": "2D",
    "MagneticFieldStrength": 3,
    "Manufacturer": "Siemens",
    "ManufacturersModelName": "TrioTim",
    "Modality": "MR",
    "PartialFourier": 0.75,
    "PatientPosition": "HFS",
    "PhaseEncodingDirection": "j-",
    "PhaseResolution": 1,
    "ProcedureStepDescription": "NICT_Nishimoto",
    "ProtocolName": "mbep2d_MB4_TR1.5_2mm_PF6_410",
    "ReceiveCoilName": "32Ch_Head",
    "RepetitionTime": 1.5,
    "SAR": 0.159622,
    "ScanOptions": "PFP_FS",
    "ScanningSequence": "EP",
    "SequenceName": "epfid2d1_96",
    "SequenceVariant": "SK_SS",
    "SeriesDescription": "mbep2d_MB4_TR1.5_2mm_PF6_410",
    "SeriesNumber": 9,
    "ShimSetting": [
      -301,
      -10092,
      -3897,
      371,
      -145,
      -256,
      71,
      35
    ],
    "SliceThickness": 2,
    "SliceTiming": [
      0,
      0.79749999999,
      0.08749999999000001,
      0.88499999998,
      0.17749999999,
      0.97499999998,
      0.26499999998,
      1.0625,
      0.35499999998,
      1.1499999999900001,
      0.44249999998,
      1.2399999999900002,
      0.53,
      1.32749999998,
      0.62,
      1.41749999998,
      0.70749999999,
      0,
      0.79749999999,
      0.08749999999000001,
      0.88499999998,
      0.17749999999,
      0.97499999998,
      0.26499999998,
      1.0625,
      0.35499999998,
      1.1499999999900001,
      0.44249999998,
      1.2399999999900002,
      0.53,
      1.32749999998,
      0.62,
      1.41749999998,
      0.70749999999,
      0,
      0.79749999999,
      0.08749999999000001,
      0.88499999998,
      0.17749999999,
      0.97499999998,
      0.26499999998,
      1.0625,
      0.35499999998,
      1.1499999999900001,
      0.44249999998,
      1.2399999999900002,
      0.53,
      1.32749999998,
      0.62,
      1.41749999998,
      0.70749999999,
      0,
      0.79749999999,
      0.08749999999000001,
      0.88499999998,
      0.17749999999,
      0.97499999998,
      0.26499999998,
      1.0625,
      0.35499999998,
      1.1499999999900001,
      0.44249999998,
      1.2399999999900002,
      0.53,
      1.32749999998,
      0.62,
      1.41749999998,
      0.70749999999
    ],
    "SoftwareVersions": "syngo_MR_B17",
    "SpacingBetweenSlices": 2,
    "StationName": "MRC35466",
    "TaskName": "Training",
    "TxRefAmp": 360.772,
    "dataset": "ds003720",
    "modality": "bold",
    "run_id": 4,
    "subject_id": "003",
    "task_id": "Training"
  },
  "dummy_trs": 0,
  "dvars_nstd": 31.694856764938887,
  "dvars_std": 1.2064171345476773,
  "dvars_vstd": 1.0113242532029336,
  "efc": 0.5876831560625713,
  "fber": 1102.1590576171875,
  "fd_mean": 0.13877577055101167,
  "fd_num": 85,
  "fd_perc": 20.73170731707317,
  "fwhm_avg": 2.0339,
  "fwhm_x": 1.890605,
  "fwhm_y": 2.20157,
  "fwhm_z": 2.009525,
  "gcor": 0.0114423,
  "gsr_x": 0.003276870818808675,
  "gsr_y": 0.02211175300180912,
  "provenance": {
    "md5sum": "70cdcc5271e3dfd7ae9d7d5551cd6c92",
    "settings": {
      "fd_thres": 0.2,
      "testing": false
    },
    "software": "mriqc",
    "version": "22.0.6",
    "webapi_port": null,
    "webapi_url": "https://mriqc.nimh.nih.gov/api/v1"
  },
  "size_t": 410,
  "size_x": 96,
  "size_y": 96,
  "size_z": 68,
  "snr": 5.7232339448524145,
  "spacing_tr": 1.5,
  "spacing_x": 2.0,
  "spacing_y": 2.0,
  "spacing_z": 2.0,
  "summary_bg_k": 14.04504173902593,
  "summary_bg_mad": 14.880263677906724,
  "summary_bg_mean": 39.022727966308594,
  "summary_bg_median": 15.587804794311523,
  "summary_bg_n": 376343.0,
  "summary_bg_p05": 4.309756278991699,
  "summary_bg_p95": 157.0851287841796,
  "summary_bg_stdv": 58.240379333496094,
  "summary_fg_k": 3.874668961278844,
  "summary_fg_mad": 76.4624675464271,
  "summary_fg_mean": 544.556640625,
  "summary_fg_median": 538.8585205078125,
  "summary_fg_n": 157211.0,
  "summary_fg_p05": 417.79998779296875,
  "summary_fg_p95": 695.481689453125,
  "summary_fg_stdv": 94.15250396728516,
  "tsnr": 55.621714727953076
}