{
  "aor": 0.0003165609756097561,
  "aqi": 0.008332025829268293,
  "bids_meta": {
    "AcquisitionNumber": 1,
    "AcquisitionTime": "10:42:31.217500",
    "BaseResolution": 96,
    "DeviceSerialNumber": "35466",
    "EchoTime": 0.03,
    "EffectiveEchoSpacing": 0.000691085003455425,
    "FlipAngle": 62,
    "ImageComments": "Unaliased_MB4_PE3_(remote)",
    "ImageType": [
      "ORIGINAL",
      "PRIMARY",
      "M",
      "MB",
      "ND",
      "NORM",
      "MOSAIC"
    ],
    "InstitutionAddress": "Street_StreetNo_District_JP_ZIP",
    "InstitutionName": "Center_for_Information_and_Neural_Networks",
    "InstitutionalDepartmentName": "Department",
    "MRAcquisitionType": "2D",
    "MagneticFieldStrength": 3,
    "Manufacturer": "Siemens",
    "ManufacturersModelName": "TrioTim",
    "Modality": "MR",
    "PartialFourier": 0.75,
    "PatientPosition": "HFS",
    "PhaseEncodingDirection": "j-",
    "PhaseResolution": 1,
    "ProcedureStepDescription": "NICT_Nishimoto",
    "ProtocolName": "mbep2d_MB4_TR1.5_2mm_PF6_410",
    "ReceiveCoilName": "32Ch_Head",
    "RepetitionTime": 1.5,
    "SAR": 0.149961,
    "ScanOptions": "PFP_FS",
    "ScanningSequence": "EP",
    "SequenceName": "epfid2d1_96",
    "SequenceVariant": "SK_SS",
    "SeriesDescription": "mbep2d_MB4_TR1.5_2mm_PF6_410",
    "SeriesNumber": 7,
    "ShimSetting": [
      -306,
      -10103,
      -3934,
      387,
      -85,
      -272,
      203,
      80
    ],
    "SliceThickness": 2,
    "SliceTiming": [
      0,
      0.79749999999,
      0.08749999999000001,
      0.88499999998,
      0.17749999999,
      0.97499999998,
      0.26499999998,
      1.0625,
      0.35499999998,
      1.1499999999900001,
      0.44249999998,
      1.2399999999900002,
      0.53,
      1.32749999998,
      0.62,
      1.41749999998,
      0.70749999999,
      0,
      0.79749999999,
      0.08749999999000001,
      0.88499999998,
      0.17749999999,
      0.97499999998,
      0.26499999998,
      1.0625,
      0.35499999998,
      1.1499999999900001,
      0.44249999998,
      1.2399999999900002,
      0.53,
      1.32749999998,
      0.62,
      1.41749999998,
      0.70749999999,
      0,
      0.79749999999,
      0.08749999999000001,
      0.88499999998,
      0.17749999999,
      0.97499999998,
      0.26499999998,
      1.0625,
      0.35499999998,
      1.1499999999900001,
      0.44249999998,
      1.2399999999900002,
      0.53,
      1.32749999998,
      0.62,
      1.41749999998,
      0.70749999999,
      0,
      0.79749999999,
      0.08749999999000001,
      0.88499999998,
      0.17749999999,
      0.97499999998,
      0.26499999998,
      1.0625,
      0.35499999998,
      1.1499999999900001,
      0.44249999998,
      1.2399999999900002,
      0.53,
      1.32749999998,
      0.62,
      1.41749999998,
      0.70749999999
    ],
    "SoftwareVersions": "syngo_MR_B17",
    "SpacingBetweenSlices": 2,
    "StationName": "MRC35466",
    "TaskName": "Training",
    "TxRefAmp": 356.947,
    "dataset": "ds003720",
    "modality": "bold",
    "run_id": 10,
    "subject_id": "003",
    "task_id": "Training"
  },
  "dummy_trs": 0,
  "dvars_nstd": 31.031455005036683,
  "dvars_std": 1.2268815227628365,
  "dvars_vstd": 1.0035700535207825,
  "efc": 0.585862866092283,
  "fber": 1161.5859375,
  "fd_mean": 0.1322114968451141,
  "fd_num": 66,
  "fd_perc": 16.097560975609756,
  "fwhm_avg": 2.0505400000000003,
  "fwhm_x": 1.90182,
  "fwhm_y": 2.23012,
  "fwhm_z": 2.01968,
  "gcor": 0.0139124,
  "gsr_x": 0.0025515826418995857,
  "gsr_y": 0.02491738088428974,
  "provenance": {
    "md5sum": "557df0d30188a32f79b0341231c012b2",
    "settings": {
      "fd_thres": 0.2,
      "testing": false
    },
    "software": "mriqc",
    "version": "22.0.6",
    "webapi_port": null,
    "webapi_url": "https://mriqc.nimh.nih.gov/api/v1"
  },
  "size_t": 410,
  "size_x": 96,
  "size_y": 96,
  "size_z": 68,
  "snr": 5.78974337648183,
  "spacing_tr": 1.5,
  "spacing_x": 2.0,
  "spacing_y": 2.0,
  "spacing_z": 2.0,
  "summary_bg_k": 15.094745429644348,
  "summary_bg_mad": 15.744512877914286,
  "summary_bg_mean": 40.452999114990234,
  "summary_bg_median": 16.363414764404297,
  "summary_bg_n": 375662.0,
  "summary_bg_p05": 4.214633941650391,
  "summary_bg_p95": 163.28781127929688,
  "summary_bg_stdv": 61.18959045410156,
  "summary_fg_k": 3.7461407755915817,
  "summary_fg_mad": 82.1759698336723,
  "summary_fg_mean": 584.370849609375,
  "summary_fg_median": 578.5244140625,
  "summary_fg_n": 158424.0,
  "summary_fg_p05": 447.304377746582,
  "summary_fg_p95": 746.5201416015626,
  "summary_fg_stdv": 99.9219741821289,
  "tsnr": 58.34667993430048
}