{
  "aor": 0.0004772439024390244,
  "aqi": 0.010026439219512195,
  "bids_meta": {
    "AcquisitionNumber": 1,
    "AcquisitionTime": "18:25:50.550000",
    "BaseResolution": 96,
    "DeviceSerialNumber": "35466",
    "EchoTime": 0.03,
    "EffectiveEchoSpacing": 0.000691085003455425,
    "FlipAngle": 62,
    "ImageComments": "Unaliased_MB4_PE3_(remote)",
    "ImageType": [
      "ORIGINAL",
      "PRIMARY",
      "M",
      "MB",
      "ND",
      "NORM",
      "MOSAIC"
    ],
    "InstitutionAddress": "Street_StreetNo_District_JP_ZIP",
    "InstitutionName": "Center_for_Information_and_Neural_Networks",
    "InstitutionalDepartmentName": "Department",
    "MRAcquisitionType": "2D",
    "MagneticFieldStrength": 3,
    "Manufacturer": "Siemens",
    "ManufacturersModelName": "TrioTim",
    "Modality": "MR",
    "PartialFourier": 0.75,
    "PatientPosition": "HFS",
    "PhaseEncodingDirection": "j-",
    "PhaseResolution": 1,
    "ProcedureStepDescription": "NICT_Nishimoto",
    "ProtocolName": "mbep2d_MB4_TR1.5_2mm_PF6_410",
    "ReceiveCoilName": "32Ch_Head",
    "RepetitionTime": 1.5,
    "SAR": 0.183567,
    "ScanOptions": "PFP_FS",
    "ScanningSequence": "EP",
    "SequenceName": "epfid2d1_96",
    "SequenceVariant": "SK_SS",
    "SeriesDescription": "mbep2d_MB4_TR1.5_2mm_PF6_410",
    "SeriesNumber": 10,
    "ShimSetting": [
      -297,
      -10086,
      -3940,
      308,
      -29,
      -346,
      -90,
      -33
    ],
    "SliceThickness": 2,
    "SliceTiming": [
      0,
      0.79749999999,
      0.08749999999000001,
      0.88499999998,
      0.17749999999,
      0.97499999998,
      0.26499999998,
      1.0625,
      0.35499999998,
      1.1499999999900001,
      0.44249999998,
      1.2399999999900002,
      0.53,
      1.32749999998,
      0.62,
      1.41749999998,
      0.70749999999,
      0,
      0.79749999999,
      0.08749999999000001,
      0.88499999998,
      0.17749999999,
      0.97499999998,
      0.26499999998,
      1.0625,
      0.35499999998,
      1.1499999999900001,
      0.44249999998,
      1.2399999999900002,
      0.53,
      1.32749999998,
      0.62,
      1.41749999998,
      0.70749999999,
      0,
      0.79749999999,
      0.08749999999000001,
      0.88499999998,
      0.17749999999,
      0.97499999998,
      0.26499999998,
      1.0625,
      0.35499999998,
      1.1499999999900001,
      0.44249999998,
      1.2399999999900002,
      0.53,
      1.32749999998,
      0.62,
      1.41749999998,
      0.70749999999,
      0,
      0.79749999999,
      0.08749999999000001,
      0.88499999998,
      0.17749999999,
      0.97499999998,
      0.26499999998,
      1.0625,
      0.35499999998,
      1.1499999999900001,
      0.44249999998,
      1.2399999999900002,
      0.53,
      1.32749999998,
      0.62,
      1.41749999998,
      0.70749999999
    ],
    "SoftwareVersions": "syngo_MR_B17",
    "SpacingBetweenSlices": 2,
    "StationName": "MRC35466",
    "TaskName": "Training",
    "TxRefAmp": 354.503,
    "dataset": "ds003720",
    "modality": "bold",
    "run_id": 8,
    "subject_id": "005",
    "task_id": "Training"
  },
  "dummy_trs": 0,
  "dvars_nstd": 29.48767761855746,
  "dvars_std": 1.2025688807334962,
  "dvars_vstd": 1.0045000336430323,
  "efc": 0.535790359347845,
  "fber": 2795.378662109375,
  "fd_mean": 0.12540261699222477,
  "fd_num": 74,
  "fd_perc": 18.048780487804876,
  "fwhm_avg": 1.999955,
  "fwhm_x": 1.894595,
  "fwhm_y": 2.143305,
  "fwhm_z": 1.961965,
  "gcor": 0.0365395,
  "gsr_x": -0.0055556222796440125,
  "gsr_y": 0.03459544852375984,
  "provenance": {
    "md5sum": "b0d4a03c6ca8f525faccc5004d1b534a",
    "settings": {
      "fd_thres": 0.2,
      "testing": false
    },
    "software": "mriqc",
    "version": "22.0.6",
    "webapi_port": null,
    "webapi_url": "https://mriqc.nimh.nih.gov/api/v1"
  },
  "size_t": 410,
  "size_x": 96,
  "size_y": 96,
  "size_z": 68,
  "snr": 5.6734353693325374,
  "spacing_tr": 1.5,
  "spacing_x": 2.0,
  "spacing_y": 2.0,
  "spacing_z": 2.0,
  "summary_bg_k": 36.22029662120823,
  "summary_bg_mad": 8.960702395494629,
  "summary_bg_mean": 33.50703430175781,
  "summary_bg_median": 11.326828956604004,
  "summary_bg_n": 403717.0,
  "summary_bg_p05": 4.121951103210449,
  "summary_bg_p95": 134.5107269287107,
  "summary_bg_stdv": 62.137794494628906,
  "summary_fg_k": 3.8572326469960743,
  "summary_fg_mad": 87.15712960661293,
  "summary_fg_mean": 621.873046875,
  "summary_fg_median": 615.9121704101562,
  "summary_fg_n": 135910.0,
  "summary_fg_p05": 469.8997497558594,
  "summary_fg_p95": 796.9698760986328,
  "summary_fg_stdv": 108.56031036376953,
  "tsnr": 55.6115753686754
}