{
  "aor": 0.000782,
  "aqi": 0.010593461658536583,
  "bids_meta": {
    "AcquisitionNumber": 1,
    "AcquisitionTime": "14:10:37.820000",
    "BaseResolution": 96,
    "DeviceSerialNumber": "35466",
    "EchoTime": 0.03,
    "EffectiveEchoSpacing": 0.000691085003455425,
    "FlipAngle": 62,
    "ImageComments": "Unaliased_MB4_PE3_(remote)",
    "ImageType": [
      "ORIGINAL",
      "PRIMARY",
      "M",
      "MB",
      "ND",
      "NORM",
      "MOSAIC"
    ],
    "InstitutionAddress": "Street_StreetNo_District_JP_ZIP",
    "InstitutionName": "Center_for_Information_and_Neural_Networks",
    "InstitutionalDepartmentName": "Department",
    "MRAcquisitionType": "2D",
    "MagneticFieldStrength": 3,
    "Manufacturer": "Siemens",
    "ManufacturersModelName": "TrioTim",
    "Modality": "MR",
    "PartialFourier": 0.75,
    "PatientPosition": "HFS",
    "PhaseEncodingDirection": "j-",
    "PhaseResolution": 1,
    "ProcedureStepDescription": "NICT_Nishimoto",
    "ProtocolName": "mbep2d_MB4_TR1.5_2mm_PF6_410",
    "ReceiveCoilName": "32Ch_Head",
    "RepetitionTime": 1.5,
    "SAR": 0.176227,
    "ScanOptions": "PFP_FS",
    "ScanningSequence": "EP",
    "SequenceName": "epfid2d1_96",
    "SequenceVariant": "SK_SS",
    "SeriesDescription": "mbep2d_MB4_TR1.5_2mm_PF6_410",
    "SeriesNumber": 9,
    "ShimSetting": [
      -252,
      -10056,
      -3959,
      361,
      -14,
      -150,
      58,
      -38
    ],
    "SliceThickness": 2,
    "SliceTiming": [
      0,
      0.79749999999,
      0.08749999999000001,
      0.88499999998,
      0.17749999999,
      0.97499999998,
      0.26499999998,
      1.0625,
      0.35499999998,
      1.1499999999900001,
      0.44249999998,
      1.2399999999900002,
      0.53,
      1.32749999998,
      0.62,
      1.41749999998,
      0.70749999999,
      0,
      0.79749999999,
      0.08749999999000001,
      0.88499999998,
      0.17749999999,
      0.97499999998,
      0.26499999998,
      1.0625,
      0.35499999998,
      1.1499999999900001,
      0.44249999998,
      1.2399999999900002,
      0.53,
      1.32749999998,
      0.62,
      1.41749999998,
      0.70749999999,
      0,
      0.79749999999,
      0.08749999999000001,
      0.88499999998,
      0.17749999999,
      0.97499999998,
      0.26499999998,
      1.0625,
      0.35499999998,
      1.1499999999900001,
      0.44249999998,
      1.2399999999900002,
      0.53,
      1.32749999998,
      0.62,
      1.41749999998,
      0.70749999999,
      0,
      0.79749999999,
      0.08749999999000001,
      0.88499999998,
      0.17749999999,
      0.97499999998,
      0.26499999998,
      1.0625,
      0.35499999998,
      1.1499999999900001,
      0.44249999998,
      1.2399999999900002,
      0.53,
      1.32749999998,
      0.62,
      1.41749999998,
      0.70749999999
    ],
    "SoftwareVersions": "syngo_MR_B17",
    "SpacingBetweenSlices": 2,
    "StationName": "MRC35466",
    "TaskName": "Training",
    "TxRefAmp": 359.199,
    "dataset": "ds003720",
    "modality": "bold",
    "run_id": 11,
    "subject_id": "005",
    "task_id": "Training"
  },
  "dummy_trs": 0,
  "dvars_nstd": 32.081557420978015,
  "dvars_std": 1.2571463358435204,
  "dvars_vstd": 1.0087906439119803,
  "efc": 0.5412666628852442,
  "fber": 2790.87158203125,
  "fd_mean": 0.16500832472685326,
  "fd_num": 145,
  "fd_perc": 35.36585365853659,
  "fwhm_avg": 2.03028,
  "fwhm_x": 1.916095,
  "fwhm_y": 2.20896,
  "fwhm_z": 1.965785,
  "gcor": 0.0279232,
  "gsr_x": -0.008236084133386612,
  "gsr_y": 0.02749287709593773,
  "provenance": {
    "md5sum": "df353383c741d3e1084cf55f253ef87c",
    "settings": {
      "fd_thres": 0.2,
      "testing": false
    },
    "software": "mriqc",
    "version": "22.0.6",
    "webapi_port": null,
    "webapi_url": "https://mriqc.nimh.nih.gov/api/v1"
  },
  "size_t": 410,
  "size_x": 96,
  "size_y": 96,
  "size_z": 68,
  "snr": 5.657103369401746,
  "spacing_tr": 1.5,
  "spacing_x": 2.0,
  "spacing_y": 2.0,
  "spacing_z": 2.0,
  "summary_bg_k": 29.15726285857157,
  "summary_bg_mad": 7.883104030567456,
  "summary_bg_mean": 31.345571517944336,
  "summary_bg_median": 10.470731735229492,
  "summary_bg_n": 399758.0,
  "summary_bg_p05": 4.287805080413818,
  "summary_bg_p95": 127.248779296875,
  "summary_bg_stdv": 56.262977600097656,
  "summary_fg_k": 3.6642563497630833,
  "summary_fg_mad": 84.51918535778688,
  "summary_fg_mean": 575.4589233398438,
  "summary_fg_median": 568.5780639648438,
  "summary_fg_n": 138172.0,
  "summary_fg_p05": 441.3758544921875,
  "summary_fg_p95": 739.4634399414062,
  "summary_fg_stdv": 100.50656127929688,
  "tsnr": 54.48342487378977
}