{
  "aor": 0.0004450975609756098,
  "aqi": 0.009384978804878048,
  "bids_meta": {
    "AcquisitionNumber": 1,
    "AcquisitionTime": "10:31:32.357500",
    "BaseResolution": 96,
    "DeviceSerialNumber": "35466",
    "EchoTime": 0.03,
    "EffectiveEchoSpacing": 0.000691085003455425,
    "FlipAngle": 62,
    "ImageComments": "Unaliased_MB4_PE3_(remote)",
    "ImageType": [
      "ORIGINAL",
      "PRIMARY",
      "M",
      "MB",
      "ND",
      "NORM",
      "MOSAIC"
    ],
    "InstitutionAddress": "Street_StreetNo_District_JP_ZIP",
    "InstitutionName": "Center_for_Information_and_Neural_Networks",
    "InstitutionalDepartmentName": "Department",
    "MRAcquisitionType": "2D",
    "MagneticFieldStrength": 3,
    "Manufacturer": "Siemens",
    "ManufacturersModelName": "TrioTim",
    "Modality": "MR",
    "PartialFourier": 0.75,
    "PatientPosition": "HFS",
    "PhaseEncodingDirection": "j-",
    "PhaseResolution": 1,
    "ProcedureStepDescription": "NICT_Nishimoto",
    "ProtocolName": "mbep2d_MB4_TR1.5_2mm_PF6_410",
    "ReceiveCoilName": "32Ch_Head",
    "RepetitionTime": 1.5,
    "SAR": 0.138623,
    "ScanOptions": "PFP_FS",
    "ScanningSequence": "EP",
    "SequenceName": "epfid2d1_96",
    "SequenceVariant": "SK_SS",
    "SeriesDescription": "mbep2d_MB4_TR1.5_2mm_PF6_410",
    "SeriesNumber": 6,
    "ShimSetting": [
      -305,
      -10042,
      -3985,
      364,
      -73,
      -48,
      -68,
      57
    ],
    "SliceThickness": 2,
    "SliceTiming": [
      0,
      0.79749999999,
      0.08749999999000001,
      0.88499999998,
      0.17749999999,
      0.97499999998,
      0.26499999998,
      1.0625,
      0.35499999998,
      1.1499999999900001,
      0.44249999998,
      1.2399999999900002,
      0.53,
      1.32749999998,
      0.62,
      1.41749999998,
      0.70749999999,
      0,
      0.79749999999,
      0.08749999999000001,
      0.88499999998,
      0.17749999999,
      0.97499999998,
      0.26499999998,
      1.0625,
      0.35499999998,
      1.1499999999900001,
      0.44249999998,
      1.2399999999900002,
      0.53,
      1.32749999998,
      0.62,
      1.41749999998,
      0.70749999999,
      0,
      0.79749999999,
      0.08749999999000001,
      0.88499999998,
      0.17749999999,
      0.97499999998,
      0.26499999998,
      1.0625,
      0.35499999998,
      1.1499999999900001,
      0.44249999998,
      1.2399999999900002,
      0.53,
      1.32749999998,
      0.62,
      1.41749999998,
      0.70749999999,
      0,
      0.79749999999,
      0.08749999999000001,
      0.88499999998,
      0.17749999999,
      0.97499999998,
      0.26499999998,
      1.0625,
      0.35499999998,
      1.1499999999900001,
      0.44249999998,
      1.2399999999900002,
      0.53,
      1.32749999998,
      0.62,
      1.41749999998,
      0.70749999999
    ],
    "SoftwareVersions": "syngo_MR_B17",
    "SpacingBetweenSlices": 2,
    "StationName": "MRC35466",
    "TaskName": "Training",
    "TxRefAmp": 351.354,
    "dataset": "ds003720",
    "modality": "bold",
    "run_id": 2,
    "subject_id": "005",
    "task_id": "Training"
  },
  "dummy_trs": 0,
  "dvars_nstd": 28.4063787343521,
  "dvars_std": 1.1814802650122247,
  "dvars_vstd": 1.007531578655257,
  "efc": 0.5350730191732264,
  "fber": 3497.32373046875,
  "fd_mean": 0.16054783678828924,
  "fd_num": 126,
  "fd_perc": 30.73170731707317,
  "fwhm_avg": 1.958573333333333,
  "fwhm_x": 1.85477,
  "fwhm_y": 2.092405,
  "fwhm_z": 1.928545,
  "gcor": 0.0440564,
  "gsr_x": -0.007024994120001793,
  "gsr_y": 0.038463253527879715,
  "provenance": {
    "md5sum": "819a1b6157447bb2764860138dc56d67",
    "settings": {
      "fd_thres": 0.2,
      "testing": false
    },
    "software": "mriqc",
    "version": "22.0.6",
    "webapi_port": null,
    "webapi_url": "https://mriqc.nimh.nih.gov/api/v1"
  },
  "size_t": 410,
  "size_x": 96,
  "size_y": 96,
  "size_z": 68,
  "snr": 5.668111621244563,
  "spacing_tr": 1.5,
  "spacing_x": 2.0,
  "spacing_y": 2.0,
  "spacing_z": 2.0,
  "summary_bg_k": 45.45162879867202,
  "summary_bg_mad": 7.268367111592796,
  "summary_bg_mean": 32.456260681152344,
  "summary_bg_median": 9.78780460357666,
  "summary_bg_n": 403267.0,
  "summary_bg_p05": 4.109755992889404,
  "summary_bg_p95": 131.37902832031227,
  "summary_bg_stdv": 64.00043487548828,
  "summary_fg_k": 3.6074563020280506,
  "summary_fg_mad": 87.33616576929074,
  "summary_fg_mean": 600.729736328125,
  "summary_fg_median": 593.226806640625,
  "summary_fg_n": 136039.0,
  "summary_fg_p05": 461.4602355957031,
  "summary_fg_p95": 772.1072998046873,
  "summary_fg_stdv": 104.6600112915039,
  "tsnr": 58.098175562918186
}