{
  "aor": 0.0013213170731707316,
  "aqi": 0.012856433780487807,
  "bids_meta": {
    "AcquisitionNumber": 1,
    "AcquisitionTime": "13:46:37.440000",
    "BaseResolution": 96,
    "DeviceSerialNumber": "35466",
    "EchoTime": 0.03,
    "EffectiveEchoSpacing": 0.000691085003455425,
    "FlipAngle": 62,
    "ImageComments": "Unaliased_MB4_PE3_(remote)",
    "ImageType": [
      "ORIGINAL",
      "PRIMARY",
      "M",
      "MB",
      "ND",
      "NORM",
      "MOSAIC"
    ],
    "InstitutionAddress": "Street_StreetNo_District_JP_ZIP",
    "InstitutionName": "Center_for_Information_and_Neural_Networks",
    "InstitutionalDepartmentName": "Department",
    "MRAcquisitionType": "2D",
    "MagneticFieldStrength": 3,
    "Manufacturer": "Siemens",
    "ManufacturersModelName": "TrioTim",
    "Modality": "MR",
    "PartialFourier": 0.75,
    "PatientPosition": "HFS",
    "PhaseEncodingDirection": "j-",
    "PhaseResolution": 1,
    "ProcedureStepDescription": "NICT_Nishimoto",
    "ProtocolName": "mbep2d_MB4_TR1.5_2mm_PF6_410",
    "ReceiveCoilName": "32Ch_Head",
    "RepetitionTime": 1.5,
    "SAR": 0.150146,
    "ScanOptions": "PFP_FS",
    "ScanningSequence": "EP",
    "SequenceName": "epfid2d1_96",
    "SequenceVariant": "SK_SS",
    "SeriesDescription": "mbep2d_MB4_TR1.5_2mm_PF6_410",
    "SeriesNumber": 8,
    "ShimSetting": [
      -318,
      -10006,
      -3962,
      299,
      30,
      54,
      44,
      40
    ],
    "SliceThickness": 2,
    "SliceTiming": [
      0,
      0.79749999999,
      0.08749999999000001,
      0.88499999998,
      0.17749999999,
      0.97499999998,
      0.26499999998,
      1.0625,
      0.35499999998,
      1.1499999999900001,
      0.44249999998,
      1.2399999999900002,
      0.53,
      1.32749999998,
      0.62,
      1.41749999998,
      0.70749999999,
      0,
      0.79749999999,
      0.08749999999000001,
      0.88499999998,
      0.17749999999,
      0.97499999998,
      0.26499999998,
      1.0625,
      0.35499999998,
      1.1499999999900001,
      0.44249999998,
      1.2399999999900002,
      0.53,
      1.32749999998,
      0.62,
      1.41749999998,
      0.70749999999,
      0,
      0.79749999999,
      0.08749999999000001,
      0.88499999998,
      0.17749999999,
      0.97499999998,
      0.26499999998,
      1.0625,
      0.35499999998,
      1.1499999999900001,
      0.44249999998,
      1.2399999999900002,
      0.53,
      1.32749999998,
      0.62,
      1.41749999998,
      0.70749999999,
      0,
      0.79749999999,
      0.08749999999000001,
      0.88499999998,
      0.17749999999,
      0.97499999998,
      0.26499999998,
      1.0625,
      0.35499999998,
      1.1499999999900001,
      0.44249999998,
      1.2399999999900002,
      0.53,
      1.32749999998,
      0.62,
      1.41749999998,
      0.70749999999
    ],
    "SoftwareVersions": "syngo_MR_B17",
    "SpacingBetweenSlices": 2,
    "StationName": "MRC35466",
    "TaskName": "Training",
    "TxRefAmp": 355.524,
    "dataset": "ds003720",
    "modality": "bold",
    "run_id": 7,
    "subject_id": "004",
    "task_id": "Training"
  },
  "dummy_trs": 0,
  "dvars_nstd": 33.13388179041561,
  "dvars_std": 1.2367266218581916,
  "dvars_vstd": 1.008309326039121,
  "efc": 0.5852845209734008,
  "fber": 2025.3349609375,
  "fd_mean": 0.1986581101916662,
  "fd_num": 191,
  "fd_perc": 46.58536585365854,
  "fwhm_avg": 2.0459883333333333,
  "fwhm_x": 1.95124,
  "fwhm_y": 2.146805,
  "fwhm_z": 2.03992,
  "gcor": 0.0187276,
  "gsr_x": 0.015213348902761936,
  "gsr_y": 0.025760667398571968,
  "provenance": {
    "md5sum": "d7ac6b7741b02884ff46f5b2d07451b2",
    "settings": {
      "fd_thres": 0.2,
      "testing": false
    },
    "software": "mriqc",
    "version": "22.0.6",
    "webapi_port": null,
    "webapi_url": "https://mriqc.nimh.nih.gov/api/v1"
  },
  "size_t": 410,
  "size_x": 96,
  "size_y": 96,
  "size_z": 68,
  "snr": 5.503917902413869,
  "spacing_tr": 1.5,
  "spacing_x": 2.0,
  "spacing_y": 2.0,
  "spacing_z": 2.0,
  "summary_bg_k": 20.395041500795735,
  "summary_bg_mad": 10.924247264529475,
  "summary_bg_mean": 42.27639389038086,
  "summary_bg_median": 12.800000190734863,
  "summary_bg_n": 373292.0,
  "summary_bg_p05": 4.458536624908447,
  "summary_bg_p95": 184.52926635742188,
  "summary_bg_stdv": 72.58777618408203,
  "summary_fg_k": 3.4046213169861623,
  "summary_fg_mad": 87.13360198351654,
  "summary_fg_mean": 603.58251953125,
  "summary_fg_median": 597.219482421875,
  "summary_fg_n": 161188.0,
  "summary_fg_p05": 449.5876861572266,
  "summary_fg_p95": 777.9501342773436,
  "summary_fg_stdv": 108.50772857666016,
  "tsnr": 50.2168647069484
}