{
  "aor": 0.00035125,
  "aqi": 0.008065811642156863,
  "bids_meta": {
    "AcquisitionNumber": 1,
    "AcquisitionTime": "16:00:29.175000",
    "BaseResolution": 96,
    "DeviceSerialNumber": "35466",
    "EchoTime": 0.03,
    "EffectiveEchoSpacing": 0.000691085003455425,
    "FlipAngle": 62,
    "ImageComments": "Unaliased_MB4_PE3_(remote)",
    "ImageType": [
      "ORIGINAL",
      "PRIMARY",
      "M",
      "MB",
      "ND",
      "NORM",
      "MOSAIC"
    ],
    "InstitutionAddress": "Street_StreetNo_District_JP_ZIP",
    "InstitutionName": "Center_for_Information_and_Neural_Networks",
    "InstitutionalDepartmentName": "Department",
    "MRAcquisitionType": "2D",
    "MagneticFieldStrength": 3,
    "Manufacturer": "Siemens",
    "ManufacturersModelName": "TrioTim",
    "Modality": "MR",
    "PartialFourier": 0.75,
    "PatientPosition": "HFS",
    "PhaseEncodingDirection": "j-",
    "PhaseResolution": 1,
    "ProcedureStepDescription": "NICT_Nishimoto",
    "ProtocolName": "mbep2d_MB4_TR1.5_2mm_PF6_410",
    "ReceiveCoilName": "32Ch_Head",
    "RepetitionTime": 1.5,
    "SAR": 0.154699,
    "ScanOptions": "PFP_FS",
    "ScanningSequence": "EP",
    "SequenceName": "epfid2d1_96",
    "SequenceVariant": "SK_SS",
    "SeriesDescription": "mbep2d_MB4_TR1.5_2mm_PF6_410",
    "SeriesNumber": 9,
    "ShimSetting": [
      -303,
      -9999,
      -3946,
      245,
      83,
      -21,
      28,
      56
    ],
    "SliceThickness": 2,
    "SliceTiming": [
      0,
      0.79749999999,
      0.08749999999000001,
      0.88499999998,
      0.17749999999,
      0.97499999998,
      0.26499999998,
      1.0625,
      0.35499999998,
      1.1499999999900001,
      0.44249999998,
      1.2399999999900002,
      0.53,
      1.32749999998,
      0.62,
      1.41749999998,
      0.70749999999,
      0,
      0.79749999999,
      0.08749999999000001,
      0.88499999998,
      0.17749999999,
      0.97499999998,
      0.26499999998,
      1.0625,
      0.35499999998,
      1.1499999999900001,
      0.44249999998,
      1.2399999999900002,
      0.53,
      1.32749999998,
      0.62,
      1.41749999998,
      0.70749999999,
      0,
      0.79749999999,
      0.08749999999000001,
      0.88499999998,
      0.17749999999,
      0.97499999998,
      0.26499999998,
      1.0625,
      0.35499999998,
      1.1499999999900001,
      0.44249999998,
      1.2399999999900002,
      0.53,
      1.32749999998,
      0.62,
      1.41749999998,
      0.70749999999,
      0,
      0.79749999999,
      0.08749999999000001,
      0.88499999998,
      0.17749999999,
      0.97499999998,
      0.26499999998,
      1.0625,
      0.35499999998,
      1.1499999999900001,
      0.44249999998,
      1.2399999999900002,
      0.53,
      1.32749999998,
      0.62,
      1.41749999998,
      0.70749999999
    ],
    "SoftwareVersions": "syngo_MR_B17",
    "SpacingBetweenSlices": 2,
    "StationName": "MRC35466",
    "TaskName": "Training",
    "TxRefAmp": 362.814,
    "dataset": "ds003720",
    "modality": "bold",
    "run_id": 4,
    "subject_id": "004",
    "task_id": "Training"
  },
  "dummy_trs": 2,
  "dvars_nstd": 30.976432781523332,
  "dvars_std": 1.2554521724815728,
  "dvars_vstd": 1.0012994170515985,
  "efc": 0.5827238328056173,
  "fber": 2079.96484375,
  "fd_mean": 0.1230022651471693,
  "fd_num": 18,
  "fd_perc": 4.411764705882353,
  "fwhm_avg": 1.996455,
  "fwhm_x": 1.91085,
  "fwhm_y": 2.123295,
  "fwhm_z": 1.95522,
  "gcor": 0.00903736,
  "gsr_x": 0.017502881586551666,
  "gsr_y": 0.017636554315686226,
  "provenance": {
    "md5sum": "0620eaba40e46d7ba0c470ec35fb4ebb",
    "settings": {
      "fd_thres": 0.2,
      "testing": false
    },
    "software": "mriqc",
    "version": "22.0.6",
    "webapi_port": null,
    "webapi_url": "https://mriqc.nimh.nih.gov/api/v1"
  },
  "size_t": 408,
  "size_x": 96,
  "size_y": 96,
  "size_z": 68,
  "snr": 5.394809208695414,
  "spacing_tr": 1.5,
  "spacing_x": 2.0,
  "spacing_y": 2.0,
  "spacing_z": 2.0,
  "summary_bg_k": 22.02917434735094,
  "summary_bg_mad": 10.254665109010471,
  "summary_bg_mean": 38.98417282104492,
  "summary_bg_median": 12.058823585510254,
  "summary_bg_n": 373831.0,
  "summary_bg_p05": 4.296568870544434,
  "summary_bg_p95": 168.06986236572266,
  "summary_bg_stdv": 65.49832153320312,
  "summary_fg_k": 4.044507094538637,
  "summary_fg_mad": 82.74954613750516,
  "summary_fg_mean": 578.6094970703125,
  "summary_fg_median": 573.7916870117188,
  "summary_fg_n": 160002.0,
  "summary_fg_p05": 427.8340789794922,
  "summary_fg_p95": 744.9019775390625,
  "summary_fg_stdv": 106.35962677001953,
  "tsnr": 60.78234168421477
}