{
  "aor": 0.0008982682926829267,
  "aqi": 0.012466449487804879,
  "bids_meta": {
    "AcquisitionNumber": 1,
    "AcquisitionTime": "18:34:31.170000",
    "BaseResolution": 96,
    "DeviceSerialNumber": "35466",
    "EchoTime": 0.03,
    "EffectiveEchoSpacing": 0.000691085003455425,
    "FlipAngle": 62,
    "ImageComments": "Unaliased_MB4_PE3_(remote)",
    "ImageType": [
      "ORIGINAL",
      "PRIMARY",
      "M",
      "MB",
      "ND",
      "NORM",
      "MOSAIC"
    ],
    "InstitutionAddress": "Street_StreetNo_District_JP_ZIP",
    "InstitutionName": "Center_for_Information_and_Neural_Networks",
    "InstitutionalDepartmentName": "Department",
    "MRAcquisitionType": "2D",
    "MagneticFieldStrength": 3,
    "Manufacturer": "Siemens",
    "ManufacturersModelName": "TrioTim",
    "Modality": "MR",
    "PartialFourier": 0.75,
    "PatientPosition": "HFS",
    "PhaseEncodingDirection": "j-",
    "PhaseResolution": 1,
    "ProcedureStepDescription": "NICT_Nishimoto",
    "ProtocolName": "mbep2d_MB4_TR1.5_2mm_PF6_410",
    "ReceiveCoilName": "32Ch_Head",
    "RepetitionTime": 1.5,
    "SAR": 0.162033,
    "ScanOptions": "PFP_FS",
    "ScanningSequence": "EP",
    "SequenceName": "epfid2d1_96",
    "SequenceVariant": "SK_SS",
    "SeriesDescription": "mbep2d_MB4_TR1.5_2mm_PF6_410",
    "SeriesNumber": 10,
    "ShimSetting": [
      -304,
      -10024,
      -3917,
      313,
      2,
      -62,
      129,
      -6
    ],
    "SliceThickness": 2,
    "SliceTiming": [
      0,
      0.79749999999,
      0.08749999999000001,
      0.88499999998,
      0.17749999999,
      0.97499999998,
      0.26499999998,
      1.0625,
      0.35499999998,
      1.1499999999900001,
      0.44249999998,
      1.2399999999900002,
      0.53,
      1.32749999998,
      0.62,
      1.41749999998,
      0.70749999999,
      0,
      0.79749999999,
      0.08749999999000001,
      0.88499999998,
      0.17749999999,
      0.97499999998,
      0.26499999998,
      1.0625,
      0.35499999998,
      1.1499999999900001,
      0.44249999998,
      1.2399999999900002,
      0.53,
      1.32749999998,
      0.62,
      1.41749999998,
      0.70749999999,
      0,
      0.79749999999,
      0.08749999999000001,
      0.88499999998,
      0.17749999999,
      0.97499999998,
      0.26499999998,
      1.0625,
      0.35499999998,
      1.1499999999900001,
      0.44249999998,
      1.2399999999900002,
      0.53,
      1.32749999998,
      0.62,
      1.41749999998,
      0.70749999999,
      0,
      0.79749999999,
      0.08749999999000001,
      0.88499999998,
      0.17749999999,
      0.97499999998,
      0.26499999998,
      1.0625,
      0.35499999998,
      1.1499999999900001,
      0.44249999998,
      1.2399999999900002,
      0.53,
      1.32749999998,
      0.62,
      1.41749999998,
      0.70749999999
    ],
    "SoftwareVersions": "syngo_MR_B17",
    "SpacingBetweenSlices": 2,
    "StationName": "MRC35466",
    "TaskName": "Training",
    "TxRefAmp": 356.098,
    "dataset": "ds003720",
    "modality": "bold",
    "run_id": 12,
    "subject_id": "004",
    "task_id": "Training"
  },
  "dummy_trs": 0,
  "dvars_nstd": 29.46553480256724,
  "dvars_std": 1.1764362182640586,
  "dvars_vstd": 0.9949882004400966,
  "efc": 0.5851878528694777,
  "fber": 1820.06640625,
  "fd_mean": 0.14318949454587035,
  "fd_num": 58,
  "fd_perc": 14.146341463414634,
  "fwhm_avg": 2.0144683333333333,
  "fwhm_x": 1.92186,
  "fwhm_y": 2.15185,
  "fwhm_z": 1.969695,
  "gcor": 0.00925002,
  "gsr_x": 0.01634228229522705,
  "gsr_y": 0.021015994250774384,
  "provenance": {
    "md5sum": "42bfd5a660254faacaeae3c79c515c1a",
    "settings": {
      "fd_thres": 0.2,
      "testing": false
    },
    "software": "mriqc",
    "version": "22.0.6",
    "webapi_port": null,
    "webapi_url": "https://mriqc.nimh.nih.gov/api/v1"
  },
  "size_t": 410,
  "size_x": 96,
  "size_y": 96,
  "size_z": 68,
  "snr": 5.424458883373885,
  "spacing_tr": 1.5,
  "spacing_x": 2.0,
  "spacing_y": 2.0,
  "spacing_z": 2.0,
  "summary_bg_k": 20.235714579840806,
  "summary_bg_mad": 12.168185500572317,
  "summary_bg_mean": 42.8958740234375,
  "summary_bg_median": 13.543902397155762,
  "summary_bg_n": 374925.0,
  "summary_bg_p05": 4.263902664184572,
  "summary_bg_p95": 184.42829895019526,
  "summary_bg_stdv": 71.77836608886719,
  "summary_fg_k": 3.690506797505531,
  "summary_fg_mad": 86.22964355689534,
  "summary_fg_mean": 598.4732055664062,
  "summary_fg_median": 594.7048950195312,
  "summary_fg_n": 159363.0,
  "summary_fg_p05": 437.1421813964844,
  "summary_fg_p95": 769.3080444335936,
  "summary_fg_stdv": 109.63361358642578,
  "tsnr": 50.320246764458716
}