{
  "aor": 0.0013805609756097563,
  "aqi": 0.01167250156097561,
  "bids_meta": {
    "AcquisitionNumber": 1,
    "AcquisitionTime": "13:35:30.690000",
    "BaseResolution": 96,
    "DeviceSerialNumber": "35466",
    "EchoTime": 0.03,
    "EffectiveEchoSpacing": 0.000691085003455425,
    "FlipAngle": 62,
    "ImageComments": "Unaliased_MB4_PE3_(remote)",
    "ImageType": [
      "ORIGINAL",
      "PRIMARY",
      "M",
      "MB",
      "ND",
      "NORM",
      "MOSAIC"
    ],
    "InstitutionAddress": "Street_StreetNo_District_JP_ZIP",
    "InstitutionName": "Center_for_Information_and_Neural_Networks",
    "InstitutionalDepartmentName": "Department",
    "MRAcquisitionType": "2D",
    "MagneticFieldStrength": 3,
    "Manufacturer": "Siemens",
    "ManufacturersModelName": "TrioTim",
    "Modality": "MR",
    "PartialFourier": 0.75,
    "PatientPosition": "HFS",
    "PhaseEncodingDirection": "j-",
    "PhaseResolution": 1,
    "ProcedureStepDescription": "NICT_Nishimoto",
    "ProtocolName": "mbep2d_MB4_TR1.5_2mm_PF6_410",
    "ReceiveCoilName": "32Ch_Head",
    "RepetitionTime": 1.5,
    "SAR": 0.146916,
    "ScanOptions": "PFP_FS",
    "ScanningSequence": "EP",
    "SequenceName": "epfid2d1_96",
    "SequenceVariant": "SK_SS",
    "SeriesDescription": "mbep2d_MB4_TR1.5_2mm_PF6_410",
    "SeriesNumber": 7,
    "ShimSetting": [
      -318,
      -10006,
      -3962,
      299,
      30,
      54,
      44,
      40
    ],
    "SliceThickness": 2,
    "SliceTiming": [
      0,
      0.79749999999,
      0.08749999999000001,
      0.88499999998,
      0.17749999999,
      0.97499999998,
      0.26499999998,
      1.0625,
      0.35499999998,
      1.1499999999900001,
      0.44249999998,
      1.2399999999900002,
      0.53,
      1.32749999998,
      0.62,
      1.41749999998,
      0.70749999999,
      0,
      0.79749999999,
      0.08749999999000001,
      0.88499999998,
      0.17749999999,
      0.97499999998,
      0.26499999998,
      1.0625,
      0.35499999998,
      1.1499999999900001,
      0.44249999998,
      1.2399999999900002,
      0.53,
      1.32749999998,
      0.62,
      1.41749999998,
      0.70749999999,
      0,
      0.79749999999,
      0.08749999999000001,
      0.88499999998,
      0.17749999999,
      0.97499999998,
      0.26499999998,
      1.0625,
      0.35499999998,
      1.1499999999900001,
      0.44249999998,
      1.2399999999900002,
      0.53,
      1.32749999998,
      0.62,
      1.41749999998,
      0.70749999999,
      0,
      0.79749999999,
      0.08749999999000001,
      0.88499999998,
      0.17749999999,
      0.97499999998,
      0.26499999998,
      1.0625,
      0.35499999998,
      1.1499999999900001,
      0.44249999998,
      1.2399999999900002,
      0.53,
      1.32749999998,
      0.62,
      1.41749999998,
      0.70749999999
    ],
    "SoftwareVersions": "syngo_MR_B17",
    "SpacingBetweenSlices": 2,
    "StationName": "MRC35466",
    "TaskName": "Training",
    "TxRefAmp": 355.524,
    "dataset": "ds003720",
    "modality": "bold",
    "run_id": 6,
    "subject_id": "004",
    "task_id": "Training"
  },
  "dummy_trs": 0,
  "dvars_nstd": 32.364149392176024,
  "dvars_std": 1.2415303178484112,
  "dvars_vstd": 1.0147584900488988,
  "efc": 0.5836886655063414,
  "fber": 2125.06787109375,
  "fd_mean": 0.18488363261453727,
  "fd_num": 143,
  "fd_perc": 34.8780487804878,
  "fwhm_avg": 2.0385,
  "fwhm_x": 1.942665,
  "fwhm_y": 2.141775,
  "fwhm_z": 2.03106,
  "gcor": 0.0203046,
  "gsr_x": 0.01465914398431778,
  "gsr_y": 0.025423754006624222,
  "provenance": {
    "md5sum": "97792da998c6f9bc20768e0389d7ac8b",
    "settings": {
      "fd_thres": 0.2,
      "testing": false
    },
    "software": "mriqc",
    "version": "22.0.6",
    "webapi_port": null,
    "webapi_url": "https://mriqc.nimh.nih.gov/api/v1"
  },
  "size_t": 410,
  "size_x": 96,
  "size_y": 96,
  "size_z": 68,
  "snr": 5.5207354495183765,
  "spacing_tr": 1.5,
  "spacing_x": 2.0,
  "spacing_y": 2.0,
  "spacing_z": 2.0,
  "summary_bg_k": 21.00821519184745,
  "summary_bg_mad": 10.436073828873129,
  "summary_bg_mean": 41.20062255859375,
  "summary_bg_median": 12.49756145477295,
  "summary_bg_n": 373308.0,
  "summary_bg_p05": 4.517073154449463,
  "summary_bg_p95": 180.21292648315412,
  "summary_bg_stdv": 70.85799407958984,
  "summary_fg_k": 3.4129270661314415,
  "summary_fg_mad": 86.94560722589047,
  "summary_fg_mean": 603.1544799804688,
  "summary_fg_median": 596.741455078125,
  "summary_fg_n": 161013.0,
  "summary_fg_p05": 449.48341064453126,
  "summary_fg_p95": 776.6624145507812,
  "summary_fg_stdv": 108.0905990600586,
  "tsnr": 52.72079815180041
}