{
  "aor": 0.0005978239608801957,
  "aqi": 0.010874530073349636,
  "bids_meta": {
    "AcquisitionNumber": 1,
    "AcquisitionTime": "14:15:25.737500",
    "BaseResolution": 96,
    "DeviceSerialNumber": "35466",
    "EchoTime": 0.03,
    "EffectiveEchoSpacing": 0.000691085003455425,
    "FlipAngle": 62,
    "ImageComments": "Unaliased_MB4_PE3_(remote)",
    "ImageType": [
      "ORIGINAL",
      "PRIMARY",
      "M",
      "MB",
      "ND",
      "NORM",
      "MOSAIC"
    ],
    "InstitutionAddress": "Street_StreetNo_District_JP_ZIP",
    "InstitutionName": "Center_for_Information_and_Neural_Networks",
    "InstitutionalDepartmentName": "Department",
    "MRAcquisitionType": "2D",
    "MagneticFieldStrength": 3,
    "Manufacturer": "Siemens",
    "ManufacturersModelName": "TrioTim",
    "Modality": "MR",
    "PartialFourier": 0.75,
    "PatientPosition": "HFS",
    "PhaseEncodingDirection": "j-",
    "PhaseResolution": 1,
    "ProcedureStepDescription": "NICT_Nishimoto",
    "ProtocolName": "mbep2d_MB4_TR1.5_2mm_PF6_410",
    "ReceiveCoilName": "32Ch_Head",
    "RepetitionTime": 1.5,
    "SAR": 0.148692,
    "ScanOptions": "PFP_FS",
    "ScanningSequence": "EP",
    "SequenceName": "epfid2d1_96",
    "SequenceVariant": "SK_SS",
    "SeriesDescription": "mbep2d_MB4_TR1.5_2mm_PF6_410",
    "SeriesNumber": 11,
    "ShimSetting": [
      -318,
      -10006,
      -3962,
      299,
      30,
      54,
      44,
      40
    ],
    "SliceThickness": 2,
    "SliceTiming": [
      0,
      0.79749999999,
      0.08749999999000001,
      0.88499999998,
      0.17749999999,
      0.97499999998,
      0.26499999998,
      1.0625,
      0.35499999998,
      1.1499999999900001,
      0.44249999998,
      1.2399999999900002,
      0.53,
      1.32749999998,
      0.62,
      1.41749999998,
      0.70749999999,
      0,
      0.79749999999,
      0.08749999999000001,
      0.88499999998,
      0.17749999999,
      0.97499999998,
      0.26499999998,
      1.0625,
      0.35499999998,
      1.1499999999900001,
      0.44249999998,
      1.2399999999900002,
      0.53,
      1.32749999998,
      0.62,
      1.41749999998,
      0.70749999999,
      0,
      0.79749999999,
      0.08749999999000001,
      0.88499999998,
      0.17749999999,
      0.97499999998,
      0.26499999998,
      1.0625,
      0.35499999998,
      1.1499999999900001,
      0.44249999998,
      1.2399999999900002,
      0.53,
      1.32749999998,
      0.62,
      1.41749999998,
      0.70749999999,
      0,
      0.79749999999,
      0.08749999999000001,
      0.88499999998,
      0.17749999999,
      0.97499999998,
      0.26499999998,
      1.0625,
      0.35499999998,
      1.1499999999900001,
      0.44249999998,
      1.2399999999900002,
      0.53,
      1.32749999998,
      0.62,
      1.41749999998,
      0.70749999999
    ],
    "SoftwareVersions": "syngo_MR_B17",
    "SpacingBetweenSlices": 2,
    "StationName": "MRC35466",
    "TaskName": "Training",
    "TxRefAmp": 355.524,
    "dataset": "ds003720",
    "modality": "bold",
    "run_id": 8,
    "subject_id": "004",
    "task_id": "Training"
  },
  "dummy_trs": 1,
  "dvars_nstd": 31.67864638245101,
  "dvars_std": 1.2269783036764705,
  "dvars_vstd": 1.0019123610539222,
  "efc": 0.5860884095986161,
  "fber": 2008.0283203125,
  "fd_mean": 0.1773034281279468,
  "fd_num": 142,
  "fd_perc": 34.71882640586797,
  "fwhm_avg": 2.0311133333333333,
  "fwhm_x": 1.93577,
  "fwhm_y": 2.130785,
  "fwhm_z": 2.026785,
  "gcor": 0.0134976,
  "gsr_x": 0.015543251298367977,
  "gsr_y": 0.02508956752717495,
  "provenance": {
    "md5sum": "99a0e2f94b423335bfc5515c89cac2ac",
    "settings": {
      "fd_thres": 0.2,
      "testing": false
    },
    "software": "mriqc",
    "version": "22.0.6",
    "webapi_port": null,
    "webapi_url": "https://mriqc.nimh.nih.gov/api/v1"
  },
  "size_t": 409,
  "size_x": 96,
  "size_y": 96,
  "size_z": 68,
  "snr": 5.4830314381756144,
  "spacing_tr": 1.5,
  "spacing_x": 2.0,
  "spacing_y": 2.0,
  "spacing_z": 2.0,
  "summary_bg_k": 20.018123912515687,
  "summary_bg_mad": 11.016205771196772,
  "summary_bg_mean": 42.57083511352539,
  "summary_bg_median": 12.875306129455566,
  "summary_bg_n": 373140.0,
  "summary_bg_p05": 4.4718828201293945,
  "summary_bg_p95": 185.84390258789054,
  "summary_bg_stdv": 72.04747009277344,
  "summary_fg_k": 3.438772875288418,
  "summary_fg_mad": 87.39742808019946,
  "summary_fg_mean": 603.3812866210938,
  "summary_fg_median": 596.501220703125,
  "summary_fg_n": 161301.0,
  "summary_fg_p05": 449.7922058105469,
  "summary_fg_p95": 779.1100463867188,
  "summary_fg_stdv": 108.79006958007812,
  "tsnr": 54.09705368988216
}