{
  "aor": 0.0006294390243902439,
  "aqi": 0.019927556097560976,
  "bids_meta": {
    "AcquisitionNumber": 1,
    "AcquisitionTime": "18:23:21.205000",
    "BaseResolution": 96,
    "DeviceSerialNumber": "35466",
    "EchoTime": 0.03,
    "EffectiveEchoSpacing": 0.000691085003455425,
    "FlipAngle": 62,
    "ImageComments": "Unaliased_MB4_PE3_(remote)",
    "ImageType": [
      "ORIGINAL",
      "PRIMARY",
      "M",
      "MB",
      "ND",
      "NORM",
      "MOSAIC"
    ],
    "InstitutionAddress": "Street_StreetNo_District_JP_ZIP",
    "InstitutionName": "Center_for_Information_and_Neural_Networks",
    "InstitutionalDepartmentName": "Department",
    "MRAcquisitionType": "2D",
    "MagneticFieldStrength": 3,
    "Manufacturer": "Siemens",
    "ManufacturersModelName": "TrioTim",
    "Modality": "MR",
    "PartialFourier": 0.75,
    "PatientPosition": "HFS",
    "PhaseEncodingDirection": "j-",
    "PhaseResolution": 1,
    "ProcedureStepDescription": "NICT_Nishimoto",
    "ProtocolName": "mbep2d_MB4_TR1.5_2mm_PF6_410",
    "ReceiveCoilName": "32Ch_Head",
    "RepetitionTime": 1.5,
    "SAR": 0.162096,
    "ScanOptions": "PFP_FS",
    "ScanningSequence": "EP",
    "SequenceName": "epfid2d1_96",
    "SequenceVariant": "SK_SS",
    "SeriesDescription": "mbep2d_MB4_TR1.5_2mm_PF6_410",
    "SeriesNumber": 9,
    "ShimSetting": [
      -304,
      -10024,
      -3917,
      313,
      2,
      -62,
      129,
      -6
    ],
    "SliceThickness": 2,
    "SliceTiming": [
      0,
      0.79749999999,
      0.08749999999000001,
      0.88499999998,
      0.17749999999,
      0.97499999998,
      0.26499999998,
      1.0625,
      0.35499999998,
      1.1499999999900001,
      0.44249999998,
      1.2399999999900002,
      0.53,
      1.32749999998,
      0.62,
      1.41749999998,
      0.70749999999,
      0,
      0.79749999999,
      0.08749999999000001,
      0.88499999998,
      0.17749999999,
      0.97499999998,
      0.26499999998,
      1.0625,
      0.35499999998,
      1.1499999999900001,
      0.44249999998,
      1.2399999999900002,
      0.53,
      1.32749999998,
      0.62,
      1.41749999998,
      0.70749999999,
      0,
      0.79749999999,
      0.08749999999000001,
      0.88499999998,
      0.17749999999,
      0.97499999998,
      0.26499999998,
      1.0625,
      0.35499999998,
      1.1499999999900001,
      0.44249999998,
      1.2399999999900002,
      0.53,
      1.32749999998,
      0.62,
      1.41749999998,
      0.70749999999,
      0,
      0.79749999999,
      0.08749999999000001,
      0.88499999998,
      0.17749999999,
      0.97499999998,
      0.26499999998,
      1.0625,
      0.35499999998,
      1.1499999999900001,
      0.44249999998,
      1.2399999999900002,
      0.53,
      1.32749999998,
      0.62,
      1.41749999998,
      0.70749999999
    ],
    "SoftwareVersions": "syngo_MR_B17",
    "SpacingBetweenSlices": 2,
    "StationName": "MRC35466",
    "TaskName": "Training",
    "TxRefAmp": 356.098,
    "dataset": "ds003720",
    "modality": "bold",
    "run_id": 11,
    "subject_id": "004",
    "task_id": "Training"
  },
  "dummy_trs": 0,
  "dvars_nstd": 29.556357899022025,
  "dvars_std": 1.1206658308068458,
  "dvars_vstd": 0.964523200220049,
  "efc": 0.5847156485893676,
  "fber": 1845.6883544921875,
  "fd_mean": 0.17599327873104725,
  "fd_num": 117,
  "fd_perc": 28.536585365853657,
  "fwhm_avg": 2.05515,
  "fwhm_x": 1.957565,
  "fwhm_y": 2.18625,
  "fwhm_z": 2.021635,
  "gcor": 0.00490315,
  "gsr_x": 0.01922379806637764,
  "gsr_y": 0.020898837596178055,
  "provenance": {
    "md5sum": "afc0f8e78ce3c40cc1c33d00f05dcb94",
    "settings": {
      "fd_thres": 0.2,
      "testing": false
    },
    "software": "mriqc",
    "version": "22.0.6",
    "webapi_port": null,
    "webapi_url": "https://mriqc.nimh.nih.gov/api/v1"
  },
  "size_t": 410,
  "size_x": 96,
  "size_y": 96,
  "size_z": 68,
  "snr": 5.444337821978312,
  "spacing_tr": 1.5,
  "spacing_x": 2.0,
  "spacing_y": 2.0,
  "spacing_z": 2.0,
  "summary_bg_k": 21.199931076653275,
  "summary_bg_mad": 11.806575548234282,
  "summary_bg_mean": 42.58563232421875,
  "summary_bg_median": 13.553658485412598,
  "summary_bg_n": 374531.0,
  "summary_bg_p05": 4.5780487060546875,
  "summary_bg_p95": 181.55853271484375,
  "summary_bg_stdv": 71.45890808105469,
  "summary_fg_k": 3.7069508589948015,
  "summary_fg_mad": 85.86795159721719,
  "summary_fg_mean": 600.09814453125,
  "summary_fg_median": 596.248779296875,
  "summary_fg_n": 159732.0,
  "summary_fg_p05": 438.4145034790039,
  "summary_fg_p95": 770.1046142578124,
  "summary_fg_stdv": 109.51688385009766,
  "tsnr": 39.85960893519223
}