{
  "aor": 0.002125609756097561,
  "aqi": 0.009501649707317074,
  "bids_meta": {
    "AcquisitionNumber": 1,
    "AcquisitionTime": "18:00:50.512500",
    "BaseResolution": 96,
    "DeviceSerialNumber": "35466",
    "EchoTime": 0.03,
    "EffectiveEchoSpacing": 0.000691085003455425,
    "FlipAngle": 62,
    "ImageComments": "Unaliased_MB4_PE3_(remote)",
    "ImageType": [
      "ORIGINAL",
      "PRIMARY",
      "M",
      "MB",
      "ND",
      "NORM",
      "MOSAIC"
    ],
    "InstitutionAddress": "Street_StreetNo_District_JP_ZIP",
    "InstitutionName": "Center_for_Information_and_Neural_Networks",
    "InstitutionalDepartmentName": "Department",
    "MRAcquisitionType": "2D",
    "MagneticFieldStrength": 3,
    "Manufacturer": "Siemens",
    "ManufacturersModelName": "TrioTim",
    "Modality": "MR",
    "PartialFourier": 0.75,
    "PatientPosition": "HFS",
    "PhaseEncodingDirection": "j-",
    "PhaseResolution": 1,
    "ProcedureStepDescription": "NICT_Nishimoto",
    "ProtocolName": "mbep2d_MB4_TR1.5_2mm_PF6_410",
    "ReceiveCoilName": "32Ch_Head",
    "RepetitionTime": 1.5,
    "SAR": 0.160391,
    "ScanOptions": "PFP_FS",
    "ScanningSequence": "EP",
    "SequenceName": "epfid2d1_96",
    "SequenceVariant": "SK_SS",
    "SeriesDescription": "mbep2d_MB4_TR1.5_2mm_PF6_410",
    "SeriesNumber": 7,
    "ShimSetting": [
      -304,
      -10024,
      -3917,
      313,
      2,
      -62,
      129,
      -6
    ],
    "SliceThickness": 2,
    "SliceTiming": [
      0,
      0.79749999999,
      0.08749999999000001,
      0.88499999998,
      0.17749999999,
      0.97499999998,
      0.26499999998,
      1.0625,
      0.35499999998,
      1.1499999999900001,
      0.44249999998,
      1.2399999999900002,
      0.53,
      1.32749999998,
      0.62,
      1.41749999998,
      0.70749999999,
      0,
      0.79749999999,
      0.08749999999000001,
      0.88499999998,
      0.17749999999,
      0.97499999998,
      0.26499999998,
      1.0625,
      0.35499999998,
      1.1499999999900001,
      0.44249999998,
      1.2399999999900002,
      0.53,
      1.32749999998,
      0.62,
      1.41749999998,
      0.70749999999,
      0,
      0.79749999999,
      0.08749999999000001,
      0.88499999998,
      0.17749999999,
      0.97499999998,
      0.26499999998,
      1.0625,
      0.35499999998,
      1.1499999999900001,
      0.44249999998,
      1.2399999999900002,
      0.53,
      1.32749999998,
      0.62,
      1.41749999998,
      0.70749999999,
      0,
      0.79749999999,
      0.08749999999000001,
      0.88499999998,
      0.17749999999,
      0.97499999998,
      0.26499999998,
      1.0625,
      0.35499999998,
      1.1499999999900001,
      0.44249999998,
      1.2399999999900002,
      0.53,
      1.32749999998,
      0.62,
      1.41749999998,
      0.70749999999
    ],
    "SoftwareVersions": "syngo_MR_B17",
    "SpacingBetweenSlices": 2,
    "StationName": "MRC35466",
    "TaskName": "Training",
    "TxRefAmp": 356.098,
    "dataset": "ds003720",
    "modality": "bold",
    "run_id": 10,
    "subject_id": "004",
    "task_id": "Training"
  },
  "dummy_trs": 0,
  "dvars_nstd": 29.32915957572124,
  "dvars_std": 1.2148200743765272,
  "dvars_vstd": 1.0246746809046456,
  "efc": 0.5824573948098141,
  "fber": 1984.9573974609375,
  "fd_mean": 0.12626955600300357,
  "fd_num": 19,
  "fd_perc": 4.634146341463414,
  "fwhm_avg": 2.0145750000000002,
  "fwhm_x": 1.9169,
  "fwhm_y": 2.15604,
  "fwhm_z": 1.970785,
  "gcor": 0.012566,
  "gsr_x": 0.01501007191836834,
  "gsr_y": 0.02379135973751545,
  "provenance": {
    "md5sum": "022b4c68f4b82a14cee5ab883b6bdf49",
    "settings": {
      "fd_thres": 0.2,
      "testing": false
    },
    "software": "mriqc",
    "version": "22.0.6",
    "webapi_port": null,
    "webapi_url": "https://mriqc.nimh.nih.gov/api/v1"
  },
  "size_t": 410,
  "size_x": 96,
  "size_y": 96,
  "size_z": 68,
  "snr": 5.390409709135319,
  "spacing_tr": 1.5,
  "spacing_x": 2.0,
  "spacing_y": 2.0,
  "spacing_z": 2.0,
  "summary_bg_k": 20.826346317168543,
  "summary_bg_mad": 10.728977183307109,
  "summary_bg_mean": 41.112632751464844,
  "summary_bg_median": 12.81219482421875,
  "summary_bg_n": 374834.0,
  "summary_bg_p05": 4.629268169403076,
  "summary_bg_p95": 177.71218872070312,
  "summary_bg_stdv": 69.5767593383789,
  "summary_fg_k": 3.8134454470359263,
  "summary_fg_mad": 85.82275141361467,
  "summary_fg_mean": 597.8916625976562,
  "summary_fg_median": 594.469482421875,
  "summary_fg_n": 159474.0,
  "summary_fg_p05": 435.9080505371094,
  "summary_fg_p95": 767.7237548828126,
  "summary_fg_stdv": 110.28245544433594,
  "tsnr": 56.312494883779436
}