{
  "aor": 0.0008069268292682927,
  "aqi": 0.011136715756097563,
  "bids_meta": {
    "AcquisitionNumber": 1,
    "AcquisitionTime": "15:27:4.797500",
    "BaseResolution": 96,
    "DeviceSerialNumber": "35466",
    "EchoTime": 0.03,
    "EffectiveEchoSpacing": 0.000691085003455425,
    "FlipAngle": 62,
    "ImageComments": "Unaliased_MB4_PE3_(remote)",
    "ImageType": [
      "ORIGINAL",
      "PRIMARY",
      "M",
      "MB",
      "ND",
      "NORM",
      "MOSAIC"
    ],
    "InstitutionAddress": "Street_StreetNo_District_JP_ZIP",
    "InstitutionName": "Center_for_Information_and_Neural_Networks",
    "InstitutionalDepartmentName": "Department",
    "MRAcquisitionType": "2D",
    "MagneticFieldStrength": 3,
    "Manufacturer": "Siemens",
    "ManufacturersModelName": "TrioTim",
    "Modality": "MR",
    "PartialFourier": 0.75,
    "PatientPosition": "HFS",
    "PhaseEncodingDirection": "j-",
    "PhaseResolution": 1,
    "ProcedureStepDescription": "NICT_Nishimoto",
    "ProtocolName": "mbep2d_MB4_TR1.5_2mm_PF6_410",
    "ReceiveCoilName": "32Ch_Head",
    "RepetitionTime": 1.5,
    "SAR": 0.151736,
    "ScanOptions": "PFP_FS",
    "ScanningSequence": "EP",
    "SequenceName": "epfid2d1_96",
    "SequenceVariant": "SK_SS",
    "SeriesDescription": "mbep2d_MB4_TR1.5_2mm_PF6_410",
    "SeriesNumber": 6,
    "ShimSetting": [
      -303,
      -9999,
      -3946,
      245,
      83,
      -21,
      28,
      56
    ],
    "SliceThickness": 2,
    "SliceTiming": [
      0,
      0.79749999999,
      0.08749999999000001,
      0.88499999998,
      0.17749999999,
      0.97499999998,
      0.26499999998,
      1.0625,
      0.35499999998,
      1.1499999999900001,
      0.44249999998,
      1.2399999999900002,
      0.53,
      1.32749999998,
      0.62,
      1.41749999998,
      0.70749999999,
      0,
      0.79749999999,
      0.08749999999000001,
      0.88499999998,
      0.17749999999,
      0.97499999998,
      0.26499999998,
      1.0625,
      0.35499999998,
      1.1499999999900001,
      0.44249999998,
      1.2399999999900002,
      0.53,
      1.32749999998,
      0.62,
      1.41749999998,
      0.70749999999,
      0,
      0.79749999999,
      0.08749999999000001,
      0.88499999998,
      0.17749999999,
      0.97499999998,
      0.26499999998,
      1.0625,
      0.35499999998,
      1.1499999999900001,
      0.44249999998,
      1.2399999999900002,
      0.53,
      1.32749999998,
      0.62,
      1.41749999998,
      0.70749999999,
      0,
      0.79749999999,
      0.08749999999000001,
      0.88499999998,
      0.17749999999,
      0.97499999998,
      0.26499999998,
      1.0625,
      0.35499999998,
      1.1499999999900001,
      0.44249999998,
      1.2399999999900002,
      0.53,
      1.32749999998,
      0.62,
      1.41749999998,
      0.70749999999
    ],
    "SoftwareVersions": "syngo_MR_B17",
    "SpacingBetweenSlices": 2,
    "StationName": "MRC35466",
    "TaskName": "Training",
    "TxRefAmp": 362.814,
    "dataset": "ds003720",
    "modality": "bold",
    "run_id": 2,
    "subject_id": "004",
    "task_id": "Training"
  },
  "dummy_trs": 0,
  "dvars_nstd": 32.94275961430316,
  "dvars_std": 1.2640350874327633,
  "dvars_vstd": 1.001079985354523,
  "efc": 0.5820242366806672,
  "fber": 2123.635498046875,
  "fd_mean": 0.15405450873282833,
  "fd_num": 77,
  "fd_perc": 18.78048780487805,
  "fwhm_avg": 2.0059233333333335,
  "fwhm_x": 1.91482,
  "fwhm_y": 2.139295,
  "fwhm_z": 1.963655,
  "gcor": 0.0211612,
  "gsr_x": 0.017395799979567528,
  "gsr_y": 0.018717221915721893,
  "provenance": {
    "md5sum": "1faf46dd9a1ac1179d1297b1dac8bf86",
    "settings": {
      "fd_thres": 0.2,
      "testing": false
    },
    "software": "mriqc",
    "version": "22.0.6",
    "webapi_port": null,
    "webapi_url": "https://mriqc.nimh.nih.gov/api/v1"
  },
  "size_t": 410,
  "size_x": 96,
  "size_y": 96,
  "size_z": 68,
  "snr": 5.4159697115767935,
  "spacing_tr": 1.5,
  "spacing_x": 2.0,
  "spacing_y": 2.0,
  "spacing_z": 2.0,
  "summary_bg_k": 21.949833033161674,
  "summary_bg_mad": 10.370983330492454,
  "summary_bg_mean": 38.537540435791016,
  "summary_bg_median": 12.0,
  "summary_bg_n": 373392.0,
  "summary_bg_p05": 4.099999904632568,
  "summary_bg_p95": 165.75024566650413,
  "summary_bg_stdv": 65.29435729980469,
  "summary_fg_k": 3.979865465715987,
  "summary_fg_mad": 82.87388057648386,
  "summary_fg_mean": 579.0654296875,
  "summary_fg_median": 574.5999755859375,
  "summary_fg_n": 160121.0,
  "summary_fg_p05": 427.260986328125,
  "summary_fg_p95": 745.029296875,
  "summary_fg_stdv": 106.09331512451172,
  "tsnr": 53.27108115772717
}