{
  "aor": 0.00047875305623471887,
  "aqi": 0.008822807995110026,
  "bids_meta": {
    "AcquisitionNumber": 1,
    "AcquisitionTime": "15:49:22.680000",
    "BaseResolution": 96,
    "DeviceSerialNumber": "35466",
    "EchoTime": 0.03,
    "EffectiveEchoSpacing": 0.000691085003455425,
    "FlipAngle": 62,
    "ImageComments": "Unaliased_MB4_PE3_(remote)",
    "ImageType": [
      "ORIGINAL",
      "PRIMARY",
      "M",
      "MB",
      "ND",
      "NORM",
      "MOSAIC"
    ],
    "InstitutionAddress": "Street_StreetNo_District_JP_ZIP",
    "InstitutionName": "Center_for_Information_and_Neural_Networks",
    "InstitutionalDepartmentName": "Department",
    "MRAcquisitionType": "2D",
    "MagneticFieldStrength": 3,
    "Manufacturer": "Siemens",
    "ManufacturersModelName": "TrioTim",
    "Modality": "MR",
    "PartialFourier": 0.75,
    "PatientPosition": "HFS",
    "PhaseEncodingDirection": "j-",
    "PhaseResolution": 1,
    "ProcedureStepDescription": "NICT_Nishimoto",
    "ProtocolName": "mbep2d_MB4_TR1.5_2mm_PF6_410",
    "ReceiveCoilName": "32Ch_Head",
    "RepetitionTime": 1.5,
    "SAR": 0.154252,
    "ScanOptions": "PFP_FS",
    "ScanningSequence": "EP",
    "SequenceName": "epfid2d1_96",
    "SequenceVariant": "SK_SS",
    "SeriesDescription": "mbep2d_MB4_TR1.5_2mm_PF6_410",
    "SeriesNumber": 8,
    "ShimSetting": [
      -303,
      -9999,
      -3946,
      245,
      83,
      -21,
      28,
      56
    ],
    "SliceThickness": 2,
    "SliceTiming": [
      0,
      0.79749999999,
      0.08749999999000001,
      0.88499999998,
      0.17749999999,
      0.97499999998,
      0.26499999998,
      1.0625,
      0.35499999998,
      1.1499999999900001,
      0.44249999998,
      1.2399999999900002,
      0.53,
      1.32749999998,
      0.62,
      1.41749999998,
      0.70749999999,
      0,
      0.79749999999,
      0.08749999999000001,
      0.88499999998,
      0.17749999999,
      0.97499999998,
      0.26499999998,
      1.0625,
      0.35499999998,
      1.1499999999900001,
      0.44249999998,
      1.2399999999900002,
      0.53,
      1.32749999998,
      0.62,
      1.41749999998,
      0.70749999999,
      0,
      0.79749999999,
      0.08749999999000001,
      0.88499999998,
      0.17749999999,
      0.97499999998,
      0.26499999998,
      1.0625,
      0.35499999998,
      1.1499999999900001,
      0.44249999998,
      1.2399999999900002,
      0.53,
      1.32749999998,
      0.62,
      1.41749999998,
      0.70749999999,
      0,
      0.79749999999,
      0.08749999999000001,
      0.88499999998,
      0.17749999999,
      0.97499999998,
      0.26499999998,
      1.0625,
      0.35499999998,
      1.1499999999900001,
      0.44249999998,
      1.2399999999900002,
      0.53,
      1.32749999998,
      0.62,
      1.41749999998,
      0.70749999999
    ],
    "SoftwareVersions": "syngo_MR_B17",
    "SpacingBetweenSlices": 2,
    "StationName": "MRC35466",
    "TaskName": "Training",
    "TxRefAmp": 362.814,
    "dataset": "ds003720",
    "modality": "bold",
    "run_id": 3,
    "subject_id": "004",
    "task_id": "Training"
  },
  "dummy_trs": 1,
  "dvars_nstd": 29.603992064999993,
  "dvars_std": 1.2161463372058816,
  "dvars_vstd": 1.0023179759313734,
  "efc": 0.5821450718105711,
  "fber": 2064.9287109375,
  "fd_mean": 0.12232792851003815,
  "fd_num": 12,
  "fd_perc": 2.93398533007335,
  "fwhm_avg": 1.9923833333333334,
  "fwhm_x": 1.899815,
  "fwhm_y": 2.12546,
  "fwhm_z": 1.951875,
  "gcor": 0.0109834,
  "gsr_x": 0.015331769362092018,
  "gsr_y": 0.022442996501922607,
  "provenance": {
    "md5sum": "353fb052ffba670f66875d751564f5f7",
    "settings": {
      "fd_thres": 0.2,
      "testing": false
    },
    "software": "mriqc",
    "version": "22.0.6",
    "webapi_port": null,
    "webapi_url": "https://mriqc.nimh.nih.gov/api/v1"
  },
  "size_t": 409,
  "size_x": 96,
  "size_y": 96,
  "size_z": 68,
  "snr": 5.394626583858304,
  "spacing_tr": 1.5,
  "spacing_x": 2.0,
  "spacing_y": 2.0,
  "spacing_z": 2.0,
  "summary_bg_k": 23.68453958913818,
  "summary_bg_mad": 10.381840819540367,
  "summary_bg_mean": 39.857566833496094,
  "summary_bg_median": 12.176039695739746,
  "summary_bg_n": 375318.0,
  "summary_bg_p05": 4.295843601226807,
  "summary_bg_p95": 172.01260375976554,
  "summary_bg_stdv": 68.45460510253906,
  "summary_fg_k": 4.041391496833141,
  "summary_fg_mad": 82.65235895594542,
  "summary_fg_mean": 579.541015625,
  "summary_fg_median": 574.6968383789062,
  "summary_fg_n": 159549.0,
  "summary_fg_p05": 427.82789306640626,
  "summary_fg_p95": 746.4112548828125,
  "summary_fg_stdv": 106.53101348876953,
  "tsnr": 58.50600581453182
}