{
  "aor": 0.0013848048780487807,
  "aqi": 0.013134017756097563,
  "bids_meta": {
    "AcquisitionNumber": 1,
    "AcquisitionTime": "15:15:53.345000",
    "BaseResolution": 96,
    "DeviceSerialNumber": "35466",
    "EchoTime": 0.03,
    "EffectiveEchoSpacing": 0.000691085003455425,
    "FlipAngle": 62,
    "ImageComments": "Unaliased_MB4_PE3_(remote)",
    "ImageType": [
      "ORIGINAL",
      "PRIMARY",
      "M",
      "MB",
      "ND",
      "NORM",
      "MOSAIC"
    ],
    "InstitutionAddress": "Street_StreetNo_District_JP_ZIP",
    "InstitutionName": "Center_for_Information_and_Neural_Networks",
    "InstitutionalDepartmentName": "Department",
    "MRAcquisitionType": "2D",
    "MagneticFieldStrength": 3,
    "Manufacturer": "Siemens",
    "ManufacturersModelName": "TrioTim",
    "Modality": "MR",
    "PartialFourier": 0.75,
    "PatientPosition": "HFS",
    "PhaseEncodingDirection": "j-",
    "PhaseResolution": 1,
    "ProcedureStepDescription": "NICT_Nishimoto",
    "ProtocolName": "mbep2d_MB4_TR1.5_2mm_PF6_410",
    "ReceiveCoilName": "32Ch_Head",
    "RepetitionTime": 1.5,
    "SAR": 0.148657,
    "ScanOptions": "PFP_FS",
    "ScanningSequence": "EP",
    "SequenceName": "epfid2d1_96",
    "SequenceVariant": "SK_SS",
    "SeriesDescription": "mbep2d_MB4_TR1.5_2mm_PF6_410",
    "SeriesNumber": 5,
    "ShimSetting": [
      -303,
      -9999,
      -3946,
      245,
      83,
      -21,
      28,
      56
    ],
    "SliceThickness": 2,
    "SliceTiming": [
      0,
      0.79749999999,
      0.08749999999000001,
      0.88499999998,
      0.17749999999,
      0.97499999998,
      0.26499999998,
      1.0625,
      0.35499999998,
      1.1499999999900001,
      0.44249999998,
      1.2399999999900002,
      0.53,
      1.32749999998,
      0.62,
      1.41749999998,
      0.70749999999,
      0,
      0.79749999999,
      0.08749999999000001,
      0.88499999998,
      0.17749999999,
      0.97499999998,
      0.26499999998,
      1.0625,
      0.35499999998,
      1.1499999999900001,
      0.44249999998,
      1.2399999999900002,
      0.53,
      1.32749999998,
      0.62,
      1.41749999998,
      0.70749999999,
      0,
      0.79749999999,
      0.08749999999000001,
      0.88499999998,
      0.17749999999,
      0.97499999998,
      0.26499999998,
      1.0625,
      0.35499999998,
      1.1499999999900001,
      0.44249999998,
      1.2399999999900002,
      0.53,
      1.32749999998,
      0.62,
      1.41749999998,
      0.70749999999,
      0,
      0.79749999999,
      0.08749999999000001,
      0.88499999998,
      0.17749999999,
      0.97499999998,
      0.26499999998,
      1.0625,
      0.35499999998,
      1.1499999999900001,
      0.44249999998,
      1.2399999999900002,
      0.53,
      1.32749999998,
      0.62,
      1.41749999998,
      0.70749999999
    ],
    "SoftwareVersions": "syngo_MR_B17",
    "SpacingBetweenSlices": 2,
    "StationName": "MRC35466",
    "TaskName": "Training",
    "TxRefAmp": 362.814,
    "dataset": "ds003720",
    "modality": "bold",
    "run_id": 1,
    "subject_id": "004",
    "task_id": "Training"
  },
  "dummy_trs": 0,
  "dvars_nstd": 32.853019644278774,
  "dvars_std": 1.250898823545232,
  "dvars_vstd": 0.9979497939853301,
  "efc": 0.5811977059087395,
  "fber": 2170.014404296875,
  "fd_mean": 0.15456779603766457,
  "fd_num": 96,
  "fd_perc": 23.414634146341463,
  "fwhm_avg": 2.0198316666666667,
  "fwhm_x": 1.925975,
  "fwhm_y": 2.155075,
  "fwhm_z": 1.978445,
  "gcor": 0.0131742,
  "gsr_x": 0.017524028196930885,
  "gsr_y": 0.018731629475951195,
  "provenance": {
    "md5sum": "a4e73f20ce0b9bdbd942c2114056c0a7",
    "settings": {
      "fd_thres": 0.2,
      "testing": false
    },
    "software": "mriqc",
    "version": "22.0.6",
    "webapi_port": null,
    "webapi_url": "https://mriqc.nimh.nih.gov/api/v1"
  },
  "size_t": 410,
  "size_x": 96,
  "size_y": 96,
  "size_z": 68,
  "snr": 5.4385608017335985,
  "spacing_tr": 1.5,
  "spacing_x": 2.0,
  "spacing_y": 2.0,
  "spacing_z": 2.0,
  "summary_bg_k": 22.036281311653248,
  "summary_bg_mad": 10.62410959016925,
  "summary_bg_mean": 37.99773406982422,
  "summary_bg_median": 11.978048324584961,
  "summary_bg_n": 373192.0,
  "summary_bg_p05": 3.7926828861236572,
  "summary_bg_p95": 162.52170639038093,
  "summary_bg_stdv": 64.32465362548828,
  "summary_fg_k": 3.9738950179209933,
  "summary_fg_mad": 82.67679148762245,
  "summary_fg_mean": 579.2271728515625,
  "summary_fg_median": 574.6060791015625,
  "summary_fg_n": 160454.0,
  "summary_fg_p05": 428.0574447631836,
  "summary_fg_p95": 745.2333984375,
  "summary_fg_stdv": 105.65373992919922,
  "tsnr": 49.44803937524557
}