{
  "aor": 0.0006846829268292682,
  "aqi": 0.015041334585365855,
  "bids_meta": {
    "AcquisitionNumber": 1,
    "AcquisitionTime": "15:53:21.432500",
    "BaseResolution": 96,
    "DeviceSerialNumber": "35466",
    "EchoTime": 0.03,
    "EffectiveEchoSpacing": 0.000691085003455425,
    "FlipAngle": 62,
    "ImageComments": "Unaliased_MB4_PE3_(remote)",
    "ImageType": [
      "ORIGINAL",
      "PRIMARY",
      "M",
      "MB",
      "ND",
      "NORM",
      "MOSAIC"
    ],
    "InstitutionAddress": "Street_StreetNo_B390A3_District_JP_ZIP",
    "InstitutionName": "Center_for_Information_and_Neural_Networks",
    "InstitutionalDepartmentName": "Department",
    "MRAcquisitionType": "2D",
    "MagneticFieldStrength": 3,
    "Manufacturer": "Siemens",
    "ManufacturersModelName": "TrioTim",
    "Modality": "MR",
    "PartialFourier": 0.75,
    "PatientPosition": "HFS",
    "PhaseEncodingDirection": "j-",
    "PhaseResolution": 1,
    "ProcedureStepDescription": "NICT_Nishimoto",
    "ProtocolName": "mbep2d_MB4_TR1.5_2mm_PF6_410",
    "ReceiveCoilName": "32Ch_Head",
    "RepetitionTime": 1.5,
    "SAR": 0.170306,
    "ScanOptions": "PFP_FS",
    "ScanningSequence": "EP",
    "SequenceName": "epfid2d1_96",
    "SequenceVariant": "SK_SS",
    "SeriesDescription": "mbep2d_MB4_TR1.5_2mm_PF6_410",
    "SeriesNumber": 8,
    "ShimSetting": [
      -305,
      -10155,
      -3950,
      305,
      -26,
      -348,
      327,
      66
    ],
    "SliceThickness": 2,
    "SliceTiming": [
      0,
      0.79749999999,
      0.08749999999000001,
      0.88499999998,
      0.17749999999,
      0.97499999998,
      0.26499999998,
      1.0625,
      0.35499999998,
      1.1499999999900001,
      0.44249999998,
      1.2399999999900002,
      0.53,
      1.32749999998,
      0.62,
      1.41749999998,
      0.70749999999,
      0,
      0.79749999999,
      0.08749999999000001,
      0.88499999998,
      0.17749999999,
      0.97499999998,
      0.26499999998,
      1.0625,
      0.35499999998,
      1.1499999999900001,
      0.44249999998,
      1.2399999999900002,
      0.53,
      1.32749999998,
      0.62,
      1.41749999998,
      0.70749999999,
      0,
      0.79749999999,
      0.08749999999000001,
      0.88499999998,
      0.17749999999,
      0.97499999998,
      0.26499999998,
      1.0625,
      0.35499999998,
      1.1499999999900001,
      0.44249999998,
      1.2399999999900002,
      0.53,
      1.32749999998,
      0.62,
      1.41749999998,
      0.70749999999,
      0,
      0.79749999999,
      0.08749999999000001,
      0.88499999998,
      0.17749999999,
      0.97499999998,
      0.26499999998,
      1.0625,
      0.35499999998,
      1.1499999999900001,
      0.44249999998,
      1.2399999999900002,
      0.53,
      1.32749999998,
      0.62,
      1.41749999998,
      0.70749999999
    ],
    "SoftwareVersions": "syngo_MR_B17",
    "SpacingBetweenSlices": 2,
    "StationName": "MRC35466",
    "TaskName": "Training",
    "TxRefAmp": 353.257,
    "dataset": "ds003720",
    "modality": "bold",
    "run_id": 7,
    "subject_id": "001",
    "task_id": "Training"
  },
  "dummy_trs": 0,
  "dvars_nstd": 32.40452992122251,
  "dvars_std": 1.1237255246943771,
  "dvars_vstd": 0.9692060466014669,
  "efc": 0.5831962681280408,
  "fber": 1107.0665283203125,
  "fd_mean": 0.17392074013034925,
  "fd_num": 151,
  "fd_perc": 36.829268292682926,
  "fwhm_avg": 2.234196666666666,
  "fwhm_x": 2.060315,
  "fwhm_y": 2.39118,
  "fwhm_z": 2.251095,
  "gcor": 0.0130782,
  "gsr_x": 0.01950220577418804,
  "gsr_y": 0.018674075603485107,
  "provenance": {
    "md5sum": "77e4f364d336617b67cb98300eb6c200",
    "settings": {
      "fd_thres": 0.2,
      "testing": false
    },
    "software": "mriqc",
    "version": "22.0.6",
    "webapi_port": null,
    "webapi_url": "https://mriqc.nimh.nih.gov/api/v1"
  },
  "size_t": 410,
  "size_x": 96,
  "size_y": 96,
  "size_z": 68,
  "snr": 4.458979396705779,
  "spacing_tr": 1.5,
  "spacing_x": 2.0,
  "spacing_y": 2.0,
  "spacing_z": 2.0,
  "summary_bg_k": 15.024338606462944,
  "summary_bg_mad": 14.565662312412805,
  "summary_bg_mean": 36.20133972167969,
  "summary_bg_median": 15.23902416229248,
  "summary_bg_n": 370871.0,
  "summary_bg_p05": 3.8902440071105957,
  "summary_bg_p95": 143.4536590576172,
  "summary_bg_stdv": 54.919734954833984,
  "summary_fg_k": 3.561378525283173,
  "summary_fg_mad": 88.34857748930055,
  "summary_fg_mean": 534.2070922851562,
  "summary_fg_median": 520.4536743164062,
  "summary_fg_n": 163286.0,
  "summary_fg_p05": 389.1664733886719,
  "summary_fg_p95": 743.8018188476562,
  "summary_fg_stdv": 116.72000122070312,
  "tsnr": 39.779304172843695
}