{
  "aor": 0.0007521271393643032,
  "aqi": 0.00795055762836186,
  "bids_meta": {
    "AcquisitionNumber": 1,
    "AcquisitionTime": "14:04:3.390000",
    "BaseResolution": 96,
    "DeviceSerialNumber": "35466",
    "EchoTime": 0.03,
    "EffectiveEchoSpacing": 0.000691085003455425,
    "FlipAngle": 62,
    "ImageComments": "Unaliased_MB4_PE3_(remote)",
    "ImageType": [
      "ORIGINAL",
      "PRIMARY",
      "M",
      "MB",
      "ND",
      "NORM",
      "MOSAIC"
    ],
    "InstitutionAddress": "Street_StreetNo_B390A3_District_JP_ZIP",
    "InstitutionName": "Center_for_Information_and_Neural_Networks",
    "InstitutionalDepartmentName": "Department",
    "MRAcquisitionType": "2D",
    "MagneticFieldStrength": 3,
    "Manufacturer": "Siemens",
    "ManufacturersModelName": "TrioTim",
    "Modality": "MR",
    "PartialFourier": 0.75,
    "PatientPosition": "HFS",
    "PhaseEncodingDirection": "j-",
    "PhaseResolution": 1,
    "ProcedureStepDescription": "NICT_Nishimoto",
    "ProtocolName": "mbep2d_MB4_TR1.5_2mm_PF6_410",
    "ReceiveCoilName": "32Ch_Head",
    "RepetitionTime": 1.5,
    "SAR": 0.18199,
    "ScanOptions": "PFP_FS",
    "ScanningSequence": "EP",
    "SequenceName": "epfid2d1_96",
    "SequenceVariant": "SK_SS",
    "SeriesDescription": "mbep2d_MB4_TR1.5_2mm_PF6_410",
    "SeriesNumber": 9,
    "ShimSetting": [
      -301,
      -10174,
      -3957,
      258,
      -80,
      -413,
      360,
      27
    ],
    "SliceThickness": 2,
    "SliceTiming": [
      0,
      0.79749999999,
      0.08749999999000001,
      0.88499999998,
      0.17749999999,
      0.97499999998,
      0.26499999998,
      1.0625,
      0.35499999998,
      1.1499999999900001,
      0.44249999998,
      1.2399999999900002,
      0.53,
      1.32749999998,
      0.62,
      1.41749999998,
      0.70749999999,
      0,
      0.79749999999,
      0.08749999999000001,
      0.88499999998,
      0.17749999999,
      0.97499999998,
      0.26499999998,
      1.0625,
      0.35499999998,
      1.1499999999900001,
      0.44249999998,
      1.2399999999900002,
      0.53,
      1.32749999998,
      0.62,
      1.41749999998,
      0.70749999999,
      0,
      0.79749999999,
      0.08749999999000001,
      0.88499999998,
      0.17749999999,
      0.97499999998,
      0.26499999998,
      1.0625,
      0.35499999998,
      1.1499999999900001,
      0.44249999998,
      1.2399999999900002,
      0.53,
      1.32749999998,
      0.62,
      1.41749999998,
      0.70749999999,
      0,
      0.79749999999,
      0.08749999999000001,
      0.88499999998,
      0.17749999999,
      0.97499999998,
      0.26499999998,
      1.0625,
      0.35499999998,
      1.1499999999900001,
      0.44249999998,
      1.2399999999900002,
      0.53,
      1.32749999998,
      0.62,
      1.41749999998,
      0.70749999999
    ],
    "SoftwareVersions": "syngo_MR_B17",
    "SpacingBetweenSlices": 2,
    "StationName": "MRC35466",
    "TaskName": "Training",
    "TxRefAmp": 354.625,
    "dataset": "ds003720",
    "modality": "bold",
    "run_id": 4,
    "subject_id": "001",
    "task_id": "Training"
  },
  "dummy_trs": 1,
  "dvars_nstd": 32.651703726813764,
  "dvars_std": 1.187302894926471,
  "dvars_vstd": 1.014095122352941,
  "efc": 0.5830721521972868,
  "fber": 1074.1962890625,
  "fd_mean": 0.18092286645804245,
  "fd_num": 184,
  "fd_perc": 44.987775061124694,
  "fwhm_avg": 2.1946350000000003,
  "fwhm_x": 2.032245,
  "fwhm_y": 2.352215,
  "fwhm_z": 2.199445,
  "gcor": 0.0131657,
  "gsr_x": 0.021609239280223846,
  "gsr_y": 0.019770050421357155,
  "provenance": {
    "md5sum": "9e040ca4c1035fdfe0c5efc63997897a",
    "settings": {
      "fd_thres": 0.2,
      "testing": false
    },
    "software": "mriqc",
    "version": "22.0.6",
    "webapi_port": null,
    "webapi_url": "https://mriqc.nimh.nih.gov/api/v1"
  },
  "size_t": 409,
  "size_x": 96,
  "size_y": 96,
  "size_z": 68,
  "snr": 4.46373275699249,
  "spacing_tr": 1.5,
  "spacing_x": 2.0,
  "spacing_y": 2.0,
  "spacing_z": 2.0,
  "summary_bg_k": 15.789930405485897,
  "summary_bg_mad": 15.02177087808236,
  "summary_bg_mean": 37.91825485229492,
  "summary_bg_median": 16.080684661865234,
  "summary_bg_n": 371392.0,
  "summary_bg_p05": 4.156479358673096,
  "summary_bg_p95": 148.5132057189942,
  "summary_bg_stdv": 57.741153717041016,
  "summary_fg_k": 3.314837746613465,
  "summary_fg_mad": 93.20096877121742,
  "summary_fg_mean": 560.9392700195312,
  "summary_fg_median": 546.3423461914062,
  "summary_fg_n": 162705.0,
  "summary_fg_p05": 405.0176147460938,
  "summary_fg_p95": 784.5291137695311,
  "summary_fg_stdv": 122.39546966552734,
  "tsnr": 51.2605095282197
}