{
  "aor": 0.0008376039119804401,
  "aqi": 0.00790663281173594,
  "bids_meta": {
    "AcquisitionNumber": 1,
    "AcquisitionTime": "13:52:48.560000",
    "BaseResolution": 96,
    "DeviceSerialNumber": "35466",
    "EchoTime": 0.03,
    "EffectiveEchoSpacing": 0.000691085003455425,
    "FlipAngle": 62,
    "ImageComments": "Unaliased_MB4_PE3_(remote)",
    "ImageType": [
      "ORIGINAL",
      "PRIMARY",
      "M",
      "MB",
      "ND",
      "NORM",
      "MOSAIC"
    ],
    "InstitutionAddress": "Street_StreetNo_B390A3_District_JP_ZIP",
    "InstitutionName": "Center_for_Information_and_Neural_Networks",
    "InstitutionalDepartmentName": "Department",
    "MRAcquisitionType": "2D",
    "MagneticFieldStrength": 3,
    "Manufacturer": "Siemens",
    "ManufacturersModelName": "TrioTim",
    "Modality": "MR",
    "PartialFourier": 0.75,
    "PatientPosition": "HFS",
    "PhaseEncodingDirection": "j-",
    "PhaseResolution": 1,
    "ProcedureStepDescription": "NICT_Nishimoto",
    "ProtocolName": "mbep2d_MB4_TR1.5_2mm_PF6_410",
    "ReceiveCoilName": "32Ch_Head",
    "RepetitionTime": 1.5,
    "SAR": 0.17991,
    "ScanOptions": "PFP_FS",
    "ScanningSequence": "EP",
    "SequenceName": "epfid2d1_96",
    "SequenceVariant": "SK_SS",
    "SeriesDescription": "mbep2d_MB4_TR1.5_2mm_PF6_410",
    "SeriesNumber": 8,
    "ShimSetting": [
      -301,
      -10174,
      -3957,
      258,
      -80,
      -413,
      360,
      27
    ],
    "SliceThickness": 2,
    "SliceTiming": [
      0,
      0.79749999999,
      0.08749999999000001,
      0.88499999998,
      0.17749999999,
      0.97499999998,
      0.26499999998,
      1.0625,
      0.35499999998,
      1.1499999999900001,
      0.44249999998,
      1.2399999999900002,
      0.53,
      1.32749999998,
      0.62,
      1.41749999998,
      0.70749999999,
      0,
      0.79749999999,
      0.08749999999000001,
      0.88499999998,
      0.17749999999,
      0.97499999998,
      0.26499999998,
      1.0625,
      0.35499999998,
      1.1499999999900001,
      0.44249999998,
      1.2399999999900002,
      0.53,
      1.32749999998,
      0.62,
      1.41749999998,
      0.70749999999,
      0,
      0.79749999999,
      0.08749999999000001,
      0.88499999998,
      0.17749999999,
      0.97499999998,
      0.26499999998,
      1.0625,
      0.35499999998,
      1.1499999999900001,
      0.44249999998,
      1.2399999999900002,
      0.53,
      1.32749999998,
      0.62,
      1.41749999998,
      0.70749999999,
      0,
      0.79749999999,
      0.08749999999000001,
      0.88499999998,
      0.17749999999,
      0.97499999998,
      0.26499999998,
      1.0625,
      0.35499999998,
      1.1499999999900001,
      0.44249999998,
      1.2399999999900002,
      0.53,
      1.32749999998,
      0.62,
      1.41749999998,
      0.70749999999
    ],
    "SoftwareVersions": "syngo_MR_B17",
    "SpacingBetweenSlices": 2,
    "StationName": "MRC35466",
    "TaskName": "Training",
    "TxRefAmp": 354.625,
    "dataset": "ds003720",
    "modality": "bold",
    "run_id": 3,
    "subject_id": "001",
    "task_id": "Training"
  },
  "dummy_trs": 1,
  "dvars_nstd": 32.31582778098038,
  "dvars_std": 1.181148195318627,
  "dvars_vstd": 1.0148248046813728,
  "efc": 0.58331391487402,
  "fber": 1057.3013916015625,
  "fd_mean": 0.16569032263512565,
  "fd_num": 142,
  "fd_perc": 34.71882640586797,
  "fwhm_avg": 2.1838933333333337,
  "fwhm_x": 2.02835,
  "fwhm_y": 2.342035,
  "fwhm_z": 2.181295,
  "gcor": 0.0167359,
  "gsr_x": 0.021707210689783096,
  "gsr_y": 0.018760554492473602,
  "provenance": {
    "md5sum": "f720ec2bd47700c1cc0a90706bb2eadb",
    "settings": {
      "fd_thres": 0.2,
      "testing": false
    },
    "software": "mriqc",
    "version": "22.0.6",
    "webapi_port": null,
    "webapi_url": "https://mriqc.nimh.nih.gov/api/v1"
  },
  "size_t": 409,
  "size_x": 96,
  "size_y": 96,
  "size_z": 68,
  "snr": 4.481129507477945,
  "spacing_tr": 1.5,
  "spacing_x": 2.0,
  "spacing_y": 2.0,
  "spacing_z": 2.0,
  "summary_bg_k": 15.63020045554233,
  "summary_bg_mad": 15.395140400209627,
  "summary_bg_mean": 37.9248046875,
  "summary_bg_median": 16.23472023010254,
  "summary_bg_n": 371168.0,
  "summary_bg_p05": 3.8630807399749756,
  "summary_bg_p95": 148.6379035949702,
  "summary_bg_stdv": 57.557945251464844,
  "summary_fg_k": 3.3185713191012223,
  "summary_fg_mad": 92.40347283910744,
  "summary_fg_mean": 560.1865844726562,
  "summary_fg_median": 545.1124877929688,
  "summary_fg_n": 162739.0,
  "summary_fg_p05": 405.8995361328125,
  "summary_fg_p95": 783.4161437988283,
  "summary_fg_stdv": 121.6458511352539,
  "tsnr": 51.33841909188777
}