{
  "aor": 0.0004764058679706602,
  "aqi": 0.010061314596577017,
  "bids_meta": {
    "AcquisitionNumber": 1,
    "AcquisitionTime": "16:24:0.630000",
    "BaseResolution": 96,
    "DeviceSerialNumber": "35466",
    "EchoTime": 0.03,
    "EffectiveEchoSpacing": 0.000691085003455425,
    "FlipAngle": 62,
    "ImageComments": "Unaliased_MB4_PE3_(remote)",
    "ImageType": [
      "ORIGINAL",
      "PRIMARY",
      "M",
      "MB",
      "ND",
      "NORM",
      "MOSAIC"
    ],
    "InstitutionAddress": "Street_StreetNo_B390A3_District_JP_ZIP",
    "InstitutionName": "Center_for_Information_and_Neural_Networks",
    "InstitutionalDepartmentName": "Department",
    "MRAcquisitionType": "2D",
    "MagneticFieldStrength": 3,
    "Manufacturer": "Siemens",
    "ManufacturersModelName": "TrioTim",
    "Modality": "MR",
    "PartialFourier": 0.75,
    "PatientPosition": "HFS",
    "PhaseEncodingDirection": "j-",
    "PhaseResolution": 1,
    "ProcedureStepDescription": "NICT_Nishimoto",
    "ProtocolName": "mbep2d_MB4_TR1.5_2mm_PF6_410",
    "ReceiveCoilName": "32Ch_Head",
    "RepetitionTime": 1.5,
    "SAR": 0.177543,
    "ScanOptions": "PFP_FS",
    "ScanningSequence": "EP",
    "SequenceName": "epfid2d1_96",
    "SequenceVariant": "SK_SS",
    "SeriesDescription": "mbep2d_MB4_TR1.5_2mm_PF6_410",
    "SeriesNumber": 11,
    "ShimSetting": [
      -301,
      -10186,
      -3897,
      345,
      5,
      -415,
      417,
      39
    ],
    "SliceThickness": 2,
    "SliceTiming": [
      0,
      0.79749999999,
      0.08749999999000001,
      0.88499999998,
      0.17749999999,
      0.97499999998,
      0.26499999998,
      1.0625,
      0.35499999998,
      1.1499999999900001,
      0.44249999998,
      1.2399999999900002,
      0.53,
      1.32749999998,
      0.62,
      1.41749999998,
      0.70749999999,
      0,
      0.79749999999,
      0.08749999999000001,
      0.88499999998,
      0.17749999999,
      0.97499999998,
      0.26499999998,
      1.0625,
      0.35499999998,
      1.1499999999900001,
      0.44249999998,
      1.2399999999900002,
      0.53,
      1.32749999998,
      0.62,
      1.41749999998,
      0.70749999999,
      0,
      0.79749999999,
      0.08749999999000001,
      0.88499999998,
      0.17749999999,
      0.97499999998,
      0.26499999998,
      1.0625,
      0.35499999998,
      1.1499999999900001,
      0.44249999998,
      1.2399999999900002,
      0.53,
      1.32749999998,
      0.62,
      1.41749999998,
      0.70749999999,
      0,
      0.79749999999,
      0.08749999999000001,
      0.88499999998,
      0.17749999999,
      0.97499999998,
      0.26499999998,
      1.0625,
      0.35499999998,
      1.1499999999900001,
      0.44249999998,
      1.2399999999900002,
      0.53,
      1.32749999998,
      0.62,
      1.41749999998,
      0.70749999999
    ],
    "SoftwareVersions": "syngo_MR_B17",
    "SpacingBetweenSlices": 2,
    "StationName": "MRC35466",
    "TaskName": "Training",
    "TxRefAmp": 352.758,
    "dataset": "ds003720",
    "modality": "bold",
    "run_id": 12,
    "subject_id": "001",
    "task_id": "Training"
  },
  "dummy_trs": 1,
  "dvars_nstd": 31.534253989852978,
  "dvars_std": 1.1364984025980398,
  "dvars_vstd": 0.9779586146323528,
  "efc": 0.5869246441477061,
  "fber": 917.51416015625,
  "fd_mean": 0.17161978141681117,
  "fd_num": 137,
  "fd_perc": 33.49633251833741,
  "fwhm_avg": 2.2062933333333334,
  "fwhm_x": 2.04252,
  "fwhm_y": 2.369955,
  "fwhm_z": 2.206405,
  "gcor": 0.00650075,
  "gsr_x": 0.017911089584231377,
  "gsr_y": 0.014071404933929443,
  "provenance": {
    "md5sum": "dc79f3fc3c74b6a9a0db0b0cebb5daec",
    "settings": {
      "fd_thres": 0.2,
      "testing": false
    },
    "software": "mriqc",
    "version": "22.0.6",
    "webapi_port": null,
    "webapi_url": "https://mriqc.nimh.nih.gov/api/v1"
  },
  "size_t": 409,
  "size_x": 96,
  "size_y": 96,
  "size_z": 68,
  "snr": 4.455270843153116,
  "spacing_tr": 1.5,
  "spacing_x": 2.0,
  "spacing_y": 2.0,
  "spacing_z": 2.0,
  "summary_bg_k": 15.104769469430082,
  "summary_bg_mad": 16.08025234228388,
  "summary_bg_mean": 39.84814453125,
  "summary_bg_median": 17.400978088378906,
  "summary_bg_n": 371384.0,
  "summary_bg_p05": 4.572127342224121,
  "summary_bg_p95": 156.6112518310547,
  "summary_bg_stdv": 59.76499938964844,
  "summary_fg_k": 3.432905519395555,
  "summary_fg_mad": 93.22089938270582,
  "summary_fg_mean": 557.2786254882812,
  "summary_fg_median": 542.3411254882812,
  "summary_fg_n": 162318.0,
  "summary_fg_p05": 405.9609069824219,
  "summary_fg_p95": 777.8792724609375,
  "summary_fg_stdv": 121.72985076904297,
  "tsnr": 46.63059952808544
}