{
  "bids_meta": {
    "AcquisitionMatrixPE": 256,
    "AcquisitionNumber": 1,
    "AcquisitionTime": "14:52:16.160000",
    "BaseResolution": 256,
    "ConversionSoftware": "dcm2niix",
    "ConversionSoftwareVersion": "v1.0.20180918  GCC4.8.4",
    "DeviceSerialNumber": "35466",
    "DwellTime": 9.8e-06,
    "EchoTime": 0.00326,
    "FlipAngle": 9,
    "ImageOrientationPatientDICOM": [
      0.0191998,
      0.999816,
      -2.27021e-09,
      -0.0157015,
      0.000301519,
      -0.999877
    ],
    "ImageType": [
      "ORIGINAL",
      "PRIMARY",
      "M",
      "ND",
      "NORM"
    ],
    "InPlanePhaseEncodingDirectionDICOM": "ROW",
    "InstitutionAddress": "Street_StreetNo_B390A3_District_JP_ZIP",
    "InstitutionName": "Center_for_Information_and_Neural_Networks",
    "InstitutionalDepartmentName": "Department",
    "InversionTime": 1.2,
    "MRAcquisitionType": "3D",
    "MagneticFieldStrength": 3,
    "Manufacturer": "Siemens",
    "ManufacturersModelName": "TrioTim",
    "Modality": "MR",
    "ParallelReductionFactorInPlane": 2,
    "PartialFourier": 1,
    "PatientPosition": "HFS",
    "PercentPhaseFOV": 100,
    "PhaseEncodingSteps": 255,
    "PhaseResolution": 1,
    "PixelBandwidth": 199,
    "ProcedureStepDescription": "NICT_Nishimoto",
    "ProtocolName": "t1_mpr_sag_p2_iso_1.0mm_SN",
    "PulseSequenceDetails": "%SiemensSeq%_tfl",
    "ReceiveCoilName": "32Ch_Head",
    "ReconMatrixPE": 256,
    "RepetitionTime": 2.53,
    "SAR": 0.123256,
    "ScanOptions": "IR",
    "ScanningSequence": "GR_IR",
    "SequenceName": "_tfl3d1rr_ns",
    "SequenceVariant": "SP_MP",
    "SeriesDescription": "t1_mpr_sag_p2_iso_1.0mm_SN",
    "SeriesNumber": 12,
    "ShimSetting": [
      -286,
      -10214,
      -4026,
      -75,
      125,
      -589,
      493,
      97
    ],
    "SliceThickness": 1,
    "SoftwareVersions": "syngo_MR_B17",
    "StationName": "MRC35466",
    "TxRefAmp": 347.639,
    "dataset": "ds003720",
    "modality": "T1w",
    "subject_id": "001"
  },
  "cjv": 0.361468098888507,
  "cnr": 3.653708787796236,
  "efc": 0.46589759083776167,
  "fber": -1.0,
  "fwhm_avg": 4.356853411268614,
  "fwhm_x": 4.311830233805842,
  "fwhm_y": 4.38051,
  "fwhm_z": 4.37822,
  "icvs_csf": 0.2627954664932587,
  "icvs_gm": 0.41521625402487783,
  "icvs_wm": 0.3219882794818635,
  "inu_med": 0.452591672539711,
  "inu_range": 0.14509380757808682,
  "provenance": {
    "md5sum": "ea40da7257f8d590f5ffd434f32dd5be",
    "settings": {
      "testing": false
    },
    "software": "mriqc",
    "version": "22.0.6",
    "warnings": {
      "large_rot_frame": true,
      "small_air_mask": false
    },
    "webapi_port": null,
    "webapi_url": "https://mriqc.nimh.nih.gov/api/v1"
  },
  "qi_1": 0.0,
  "qi_2": 0.006665140952235616,
  "rpve_csf": 23.728771252378394,
  "rpve_gm": 14.682185956914548,
  "rpve_wm": 21.128101338455973,
  "size_x": 208,
  "size_y": 256,
  "size_z": 256,
  "snr_csf": 3.135743215004015,
  "snr_gm": 16.02499814796266,
  "snr_total": 15.611847112678925,
  "snr_wm": 27.674799975070105,
  "snrd_csf": 45.86832584772172,
  "snrd_gm": 124.66596730910464,
  "snrd_total": 110.23602316198271,
  "snrd_wm": 160.1737763291218,
  "spacing_x": 1.0000022649765015,
  "spacing_y": 1.0,
  "spacing_z": 1.0,
  "summary_bg_k": 38.99389376967192,
  "summary_bg_mad": 0.0,
  "summary_bg_mean": 1.4703229079587599,
  "summary_bg_median": 0.0,
  "summary_bg_n": 3917358.0,
  "summary_bg_p05": 0.0,
  "summary_bg_p95": 8.252455621957779,
  "summary_bg_stdv": 4.090160280589074,
  "summary_csf_k": 3.4825737496348763,
  "summary_csf_mad": 54.75642097119699,
  "summary_csf_mean": 290.75649713479817,
  "summary_csf_median": 286.3660216704011,
  "summary_csf_n": 90334.0,
  "summary_csf_p05": 116.95821788161993,
  "summary_csf_p95": 449.06144078075886,
  "summary_csf_stdv": 91.32266802196207,
  "summary_gm_k": 0.3083343159633829,
  "summary_gm_mad": 46.05398427868574,
  "summary_gm_mean": 776.7882045311516,
  "summary_gm_median": 778.3169853314757,
  "summary_gm_n": 38740.0,
  "summary_gm_p05": 694.6867744062096,
  "summary_gm_p95": 854.855605430901,
  "summary_gm_stdv": 48.56830139312244,
  "summary_wm_k": 0.6560509460332828,
  "summary_wm_mad": 34.077363484041555,
  "summary_wm_mean": 1000.8127800857218,
  "summary_wm_median": 1000.0000273734331,
  "summary_wm_n": 183468.0,
  "summary_wm_p05": 943.1336342319846,
  "summary_wm_p95": 1061.254169806838,
  "summary_wm_stdv": 36.1338583476508,
  "tpm_overlap_csf": 0.15986134122350804,
  "tpm_overlap_gm": 0.4561739880415095,
  "tpm_overlap_wm": 0.4977571908496916,
  "wm2max": 0.7827234061910069
}