{
  "aor": 0.00032468292682926835,
  "aqi": 0.008989963926829268,
  "bids_meta": {
    "AcquisitionNumber": 1,
    "AcquisitionTime": "11:24:55.062500",
    "BaseResolution": 96,
    "DeviceSerialNumber": "35466",
    "EchoTime": 0.03,
    "EffectiveEchoSpacing": 0.000691085003455425,
    "FlipAngle": 62,
    "ImageComments": "Unaliased_MB4_PE3_(remote)",
    "ImageType": [
      "ORIGINAL",
      "PRIMARY",
      "M",
      "MB",
      "ND",
      "NORM",
      "MOSAIC"
    ],
    "InstitutionAddress": "Street_StreetNo_District_JP_ZIP",
    "InstitutionName": "Center_for_Information_and_Neural_Networks",
    "InstitutionalDepartmentName": "Department",
    "MRAcquisitionType": "2D",
    "MagneticFieldStrength": 3,
    "Manufacturer": "Siemens",
    "ManufacturersModelName": "TrioTim",
    "Modality": "MR",
    "PartialFourier": 0.75,
    "PatientPosition": "HFS",
    "PhaseEncodingDirection": "j-",
    "PhaseResolution": 1,
    "ProcedureStepDescription": "NICT_Nishimoto",
    "ProtocolName": "mbep2d_MB4_TR1.5_2mm_PF6_410",
    "ReceiveCoilName": "32Ch_Head",
    "RepetitionTime": 1.5,
    "SAR": 0.153718,
    "ScanOptions": "PFP_FS",
    "ScanningSequence": "EP",
    "SequenceName": "epfid2d1_96",
    "SequenceVariant": "SK_SS",
    "SeriesDescription": "mbep2d_MB4_TR1.5_2mm_PF6_410",
    "SeriesNumber": 10,
    "ShimSetting": [
      -302,
      -10103,
      -3923,
      346,
      -79,
      -172,
      168,
      24
    ],
    "SliceThickness": 2,
    "SliceTiming": [
      0,
      0.79749999999,
      0.08749999999000001,
      0.88499999998,
      0.17749999999,
      0.97499999998,
      0.26499999998,
      1.0625,
      0.35499999998,
      1.1499999999900001,
      0.44249999998,
      1.2399999999900002,
      0.53,
      1.32749999998,
      0.62,
      1.41749999998,
      0.70749999999,
      0,
      0.79749999999,
      0.08749999999000001,
      0.88499999998,
      0.17749999999,
      0.97499999998,
      0.26499999998,
      1.0625,
      0.35499999998,
      1.1499999999900001,
      0.44249999998,
      1.2399999999900002,
      0.53,
      1.32749999998,
      0.62,
      1.41749999998,
      0.70749999999,
      0,
      0.79749999999,
      0.08749999999000001,
      0.88499999998,
      0.17749999999,
      0.97499999998,
      0.26499999998,
      1.0625,
      0.35499999998,
      1.1499999999900001,
      0.44249999998,
      1.2399999999900002,
      0.53,
      1.32749999998,
      0.62,
      1.41749999998,
      0.70749999999,
      0,
      0.79749999999,
      0.08749999999000001,
      0.88499999998,
      0.17749999999,
      0.97499999998,
      0.26499999998,
      1.0625,
      0.35499999998,
      1.1499999999900001,
      0.44249999998,
      1.2399999999900002,
      0.53,
      1.32749999998,
      0.62,
      1.41749999998,
      0.70749999999
    ],
    "SoftwareVersions": "syngo_MR_B17",
    "SpacingBetweenSlices": 2,
    "StationName": "MRC35466",
    "TaskName": "Training",
    "TxRefAmp": 361.486,
    "dataset": "ds003720",
    "modality": "bold",
    "run_id": 8,
    "subject_id": "003",
    "task_id": "Training"
  },
  "dummy_trs": 0,
  "dvars_nstd": 30.5600025203423,
  "dvars_std": 1.1977159427383868,
  "dvars_vstd": 1.0049730427383872,
  "efc": 0.5880020868719772,
  "fber": 1066.9696044921875,
  "fd_mean": 0.1396272484197664,
  "fd_num": 100,
  "fd_perc": 24.390243902439025,
  "fwhm_avg": 2.03013,
  "fwhm_x": 1.885705,
  "fwhm_y": 2.207075,
  "fwhm_z": 1.99761,
  "gcor": 0.0150969,
  "gsr_x": 0.00022498831094708294,
  "gsr_y": 0.02295215241611004,
  "provenance": {
    "md5sum": "7b3ef48feab6e19728511ef460516ff8",
    "settings": {
      "fd_thres": 0.2,
      "testing": false
    },
    "software": "mriqc",
    "version": "22.0.6",
    "webapi_port": null,
    "webapi_url": "https://mriqc.nimh.nih.gov/api/v1"
  },
  "size_t": 410,
  "size_x": 96,
  "size_y": 96,
  "size_z": 68,
  "snr": 5.819928844318988,
  "spacing_tr": 1.5,
  "spacing_x": 2.0,
  "spacing_y": 2.0,
  "spacing_z": 2.0,
  "summary_bg_k": 11.849508691697672,
  "summary_bg_mad": 16.18206021328348,
  "summary_bg_mean": 41.27613067626953,
  "summary_bg_median": 16.773170471191406,
  "summary_bg_n": 376862.0,
  "summary_bg_p05": 4.287805080413818,
  "summary_bg_p95": 169.28683547973657,
  "summary_bg_stdv": 61.15397262573242,
  "summary_fg_k": 3.8433485478709173,
  "summary_fg_mad": 80.19788492184227,
  "summary_fg_mean": 576.130126953125,
  "summary_fg_median": 570.4292602539062,
  "summary_fg_n": 157155.0,
  "summary_fg_p05": 442.1712127685547,
  "summary_fg_p95": 735.3741455078123,
  "summary_fg_stdv": 98.01278686523438,
  "tsnr": 57.03089534724131
}