{
  "aor": 0.00037334146341463416,
  "aqi": 0.008170994731707317,
  "bids_meta": {
    "AcquisitionNumber": 1,
    "AcquisitionTime": "11:04:40.572500",
    "BaseResolution": 96,
    "DeviceSerialNumber": "35466",
    "EchoTime": 0.03,
    "EffectiveEchoSpacing": 0.000691085003455425,
    "FlipAngle": 62,
    "ImageComments": "Unaliased_MB4_PE3_(remote)",
    "ImageType": [
      "ORIGINAL",
      "PRIMARY",
      "M",
      "MB",
      "ND",
      "NORM",
      "MOSAIC"
    ],
    "InstitutionAddress": "Street_StreetNo_District_JP_ZIP",
    "InstitutionName": "Center_for_Information_and_Neural_Networks",
    "InstitutionalDepartmentName": "Department",
    "MRAcquisitionType": "2D",
    "MagneticFieldStrength": 3,
    "Manufacturer": "Siemens",
    "ManufacturersModelName": "TrioTim",
    "Modality": "MR",
    "PartialFourier": 0.75,
    "PatientPosition": "HFS",
    "PhaseEncodingDirection": "j-",
    "PhaseResolution": 1,
    "ProcedureStepDescription": "NICT_Nishimoto",
    "ProtocolName": "mbep2d_MB4_TR1.5_2mm_PF6_410",
    "ReceiveCoilName": "32Ch_Head",
    "RepetitionTime": 1.5,
    "SAR": 0.150856,
    "ScanOptions": "PFP_FS",
    "ScanningSequence": "EP",
    "SequenceName": "epfid2d1_96",
    "SequenceVariant": "SK_SS",
    "SeriesDescription": "mbep2d_MB4_TR1.5_2mm_PF6_410",
    "SeriesNumber": 9,
    "ShimSetting": [
      -306,
      -10103,
      -3934,
      387,
      -85,
      -272,
      203,
      80
    ],
    "SliceThickness": 2,
    "SliceTiming": [
      0,
      0.79749999999,
      0.08749999999000001,
      0.88499999998,
      0.17749999999,
      0.97499999998,
      0.26499999998,
      1.0625,
      0.35499999998,
      1.1499999999900001,
      0.44249999998,
      1.2399999999900002,
      0.53,
      1.32749999998,
      0.62,
      1.41749999998,
      0.70749999999,
      0,
      0.79749999999,
      0.08749999999000001,
      0.88499999998,
      0.17749999999,
      0.97499999998,
      0.26499999998,
      1.0625,
      0.35499999998,
      1.1499999999900001,
      0.44249999998,
      1.2399999999900002,
      0.53,
      1.32749999998,
      0.62,
      1.41749999998,
      0.70749999999,
      0,
      0.79749999999,
      0.08749999999000001,
      0.88499999998,
      0.17749999999,
      0.97499999998,
      0.26499999998,
      1.0625,
      0.35499999998,
      1.1499999999900001,
      0.44249999998,
      1.2399999999900002,
      0.53,
      1.32749999998,
      0.62,
      1.41749999998,
      0.70749999999,
      0,
      0.79749999999,
      0.08749999999000001,
      0.88499999998,
      0.17749999999,
      0.97499999998,
      0.26499999998,
      1.0625,
      0.35499999998,
      1.1499999999900001,
      0.44249999998,
      1.2399999999900002,
      0.53,
      1.32749999998,
      0.62,
      1.41749999998,
      0.70749999999
    ],
    "SoftwareVersions": "syngo_MR_B17",
    "SpacingBetweenSlices": 2,
    "StationName": "MRC35466",
    "TaskName": "Training",
    "TxRefAmp": 356.947,
    "dataset": "ds003720",
    "modality": "bold",
    "run_id": 11,
    "subject_id": "003",
    "task_id": "Training"
  },
  "dummy_trs": 0,
  "dvars_nstd": 30.718632420440084,
  "dvars_std": 1.2237873841320295,
  "dvars_vstd": 1.0063671881418101,
  "efc": 0.5878728418018658,
  "fber": 1108.517822265625,
  "fd_mean": 0.13630650392443722,
  "fd_num": 69,
  "fd_perc": 16.829268292682926,
  "fwhm_avg": 2.0709733333333333,
  "fwhm_x": 1.91256,
  "fwhm_y": 2.25128,
  "fwhm_z": 2.04908,
  "gcor": 0.0177404,
  "gsr_x": 0.0021993895061314106,
  "gsr_y": 0.02562144584953785,
  "provenance": {
    "md5sum": "a8058b51bc0f343ebd76fc3a8d8d969d",
    "settings": {
      "fd_thres": 0.2,
      "testing": false
    },
    "software": "mriqc",
    "version": "22.0.6",
    "webapi_port": null,
    "webapi_url": "https://mriqc.nimh.nih.gov/api/v1"
  },
  "size_t": 410,
  "size_x": 96,
  "size_y": 96,
  "size_z": 68,
  "snr": 5.748876357019673,
  "spacing_tr": 1.5,
  "spacing_x": 2.0,
  "spacing_y": 2.0,
  "spacing_z": 2.0,
  "summary_bg_k": 15.96359542795416,
  "summary_bg_mad": 16.05549602300534,
  "summary_bg_mean": 40.61647415161133,
  "summary_bg_median": 16.69268226623535,
  "summary_bg_n": 374136.0,
  "summary_bg_p05": 4.297561168670654,
  "summary_bg_p95": 162.30853271484375,
  "summary_bg_stdv": 60.52426528930664,
  "summary_fg_k": 3.8277651965887376,
  "summary_fg_mad": 82.25003660099694,
  "summary_fg_mean": 584.365478515625,
  "summary_fg_median": 578.25732421875,
  "summary_fg_n": 158834.0,
  "summary_fg_p05": 446.8609619140625,
  "summary_fg_p95": 747.5764770507812,
  "summary_fg_stdv": 100.58583068847656,
  "tsnr": 58.69691489718389
}