{
  "aor": 0.00038624390243902437,
  "aqi": 0.008587206878048781,
  "bids_meta": {
    "AcquisitionNumber": 1,
    "AcquisitionTime": "10:29:25.672500",
    "BaseResolution": 96,
    "DeviceSerialNumber": "35466",
    "EchoTime": 0.03,
    "EffectiveEchoSpacing": 0.000691085003455425,
    "FlipAngle": 62,
    "ImageComments": "Unaliased_MB4_PE3_(remote)",
    "ImageType": [
      "ORIGINAL",
      "PRIMARY",
      "M",
      "MB",
      "ND",
      "NORM",
      "MOSAIC"
    ],
    "InstitutionAddress": "Street_StreetNo_District_JP_ZIP",
    "InstitutionName": "Center_for_Information_and_Neural_Networks",
    "InstitutionalDepartmentName": "Department",
    "MRAcquisitionType": "2D",
    "MagneticFieldStrength": 3,
    "Manufacturer": "Siemens",
    "ManufacturersModelName": "TrioTim",
    "Modality": "MR",
    "PartialFourier": 0.75,
    "PatientPosition": "HFS",
    "PhaseEncodingDirection": "j-",
    "PhaseResolution": 1,
    "ProcedureStepDescription": "NICT_Nishimoto",
    "ProtocolName": "mbep2d_MB4_TR1.5_2mm_PF6_410",
    "ReceiveCoilName": "32Ch_Head",
    "RepetitionTime": 1.5,
    "SAR": 0.151811,
    "ScanOptions": "PFP_FS",
    "ScanningSequence": "EP",
    "SequenceName": "epfid2d1_96",
    "SequenceVariant": "SK_SS",
    "SeriesDescription": "mbep2d_MB4_TR1.5_2mm_PF6_410",
    "SeriesNumber": 5,
    "ShimSetting": [
      -302,
      -10103,
      -3923,
      346,
      -79,
      -172,
      168,
      24
    ],
    "SliceThickness": 2,
    "SliceTiming": [
      0,
      0.79749999999,
      0.08749999999000001,
      0.88499999998,
      0.17749999999,
      0.97499999998,
      0.26499999998,
      1.0625,
      0.35499999998,
      1.1499999999900001,
      0.44249999998,
      1.2399999999900002,
      0.53,
      1.32749999998,
      0.62,
      1.41749999998,
      0.70749999999,
      0,
      0.79749999999,
      0.08749999999000001,
      0.88499999998,
      0.17749999999,
      0.97499999998,
      0.26499999998,
      1.0625,
      0.35499999998,
      1.1499999999900001,
      0.44249999998,
      1.2399999999900002,
      0.53,
      1.32749999998,
      0.62,
      1.41749999998,
      0.70749999999,
      0,
      0.79749999999,
      0.08749999999000001,
      0.88499999998,
      0.17749999999,
      0.97499999998,
      0.26499999998,
      1.0625,
      0.35499999998,
      1.1499999999900001,
      0.44249999998,
      1.2399999999900002,
      0.53,
      1.32749999998,
      0.62,
      1.41749999998,
      0.70749999999,
      0,
      0.79749999999,
      0.08749999999000001,
      0.88499999998,
      0.17749999999,
      0.97499999998,
      0.26499999998,
      1.0625,
      0.35499999998,
      1.1499999999900001,
      0.44249999998,
      1.2399999999900002,
      0.53,
      1.32749999998,
      0.62,
      1.41749999998,
      0.70749999999
    ],
    "SoftwareVersions": "syngo_MR_B17",
    "SpacingBetweenSlices": 2,
    "StationName": "MRC35466",
    "TaskName": "Training",
    "TxRefAmp": 361.486,
    "dataset": "ds003720",
    "modality": "bold",
    "run_id": 5,
    "subject_id": "003",
    "task_id": "Training"
  },
  "dummy_trs": 0,
  "dvars_nstd": 30.39492937755501,
  "dvars_std": 1.1926103678484117,
  "dvars_vstd": 1.0050527353789722,
  "efc": 0.5836544250354967,
  "fber": 1193.7686767578125,
  "fd_mean": 0.15735394932004343,
  "fd_num": 142,
  "fd_perc": 34.63414634146341,
  "fwhm_avg": 2.0325,
  "fwhm_x": 1.88301,
  "fwhm_y": 2.218235,
  "fwhm_z": 1.996255,
  "gcor": 0.0143749,
  "gsr_x": 1.3258182889330783e-06,
  "gsr_y": 0.023009657859802246,
  "provenance": {
    "md5sum": "9c05209fdac291e6d5525145e5bf63ae",
    "settings": {
      "fd_thres": 0.2,
      "testing": false
    },
    "software": "mriqc",
    "version": "22.0.6",
    "webapi_port": null,
    "webapi_url": "https://mriqc.nimh.nih.gov/api/v1"
  },
  "size_t": 410,
  "size_x": 96,
  "size_y": 96,
  "size_z": 68,
  "snr": 5.799397875203086,
  "spacing_tr": 1.5,
  "spacing_x": 2.0,
  "spacing_y": 2.0,
  "spacing_z": 2.0,
  "summary_bg_k": 12.683671581025347,
  "summary_bg_mad": 15.375669312609833,
  "summary_bg_mean": 39.18331527709961,
  "summary_bg_median": 15.856097221374512,
  "summary_bg_n": 377010.0,
  "summary_bg_p05": 3.9268293380737305,
  "summary_bg_p95": 160.12329101562497,
  "summary_bg_stdv": 58.65184020996094,
  "summary_fg_k": 3.8696981608706933,
  "summary_fg_mad": 80.48356456074744,
  "summary_fg_mean": 576.5164184570312,
  "summary_fg_median": 570.9121704101562,
  "summary_fg_n": 156883.0,
  "summary_fg_p05": 442.0985412597656,
  "summary_fg_p95": 735.6097412109375,
  "summary_fg_stdv": 98.44303894042969,
  "tsnr": 56.70135541725904
}