{
  "aor": 0.00034955990220048895,
  "aqi": 0.009091128410757947,
  "bids_meta": {
    "AcquisitionNumber": 1,
    "AcquisitionTime": "10:51:43.887500",
    "BaseResolution": 96,
    "DeviceSerialNumber": "35466",
    "EchoTime": 0.03,
    "EffectiveEchoSpacing": 0.000691085003455425,
    "FlipAngle": 62,
    "ImageComments": "Unaliased_MB4_PE3_(remote)",
    "ImageType": [
      "ORIGINAL",
      "PRIMARY",
      "M",
      "MB",
      "ND",
      "NORM",
      "MOSAIC"
    ],
    "InstitutionAddress": "Street_StreetNo_District_JP_ZIP",
    "InstitutionName": "Center_for_Information_and_Neural_Networks",
    "InstitutionalDepartmentName": "Department",
    "MRAcquisitionType": "2D",
    "MagneticFieldStrength": 3,
    "Manufacturer": "Siemens",
    "ManufacturersModelName": "TrioTim",
    "Modality": "MR",
    "PartialFourier": 0.75,
    "PatientPosition": "HFS",
    "PhaseEncodingDirection": "j-",
    "PhaseResolution": 1,
    "ProcedureStepDescription": "NICT_Nishimoto",
    "ProtocolName": "mbep2d_MB4_TR1.5_2mm_PF6_410",
    "ReceiveCoilName": "32Ch_Head",
    "RepetitionTime": 1.5,
    "SAR": 0.152342,
    "ScanOptions": "PFP_FS",
    "ScanningSequence": "EP",
    "SequenceName": "epfid2d1_96",
    "SequenceVariant": "SK_SS",
    "SeriesDescription": "mbep2d_MB4_TR1.5_2mm_PF6_410",
    "SeriesNumber": 7,
    "ShimSetting": [
      -302,
      -10103,
      -3923,
      346,
      -79,
      -172,
      168,
      24
    ],
    "SliceThickness": 2,
    "SliceTiming": [
      0,
      0.79749999999,
      0.08749999999000001,
      0.88499999998,
      0.17749999999,
      0.97499999998,
      0.26499999998,
      1.0625,
      0.35499999998,
      1.1499999999900001,
      0.44249999998,
      1.2399999999900002,
      0.53,
      1.32749999998,
      0.62,
      1.41749999998,
      0.70749999999,
      0,
      0.79749999999,
      0.08749999999000001,
      0.88499999998,
      0.17749999999,
      0.97499999998,
      0.26499999998,
      1.0625,
      0.35499999998,
      1.1499999999900001,
      0.44249999998,
      1.2399999999900002,
      0.53,
      1.32749999998,
      0.62,
      1.41749999998,
      0.70749999999,
      0,
      0.79749999999,
      0.08749999999000001,
      0.88499999998,
      0.17749999999,
      0.97499999998,
      0.26499999998,
      1.0625,
      0.35499999998,
      1.1499999999900001,
      0.44249999998,
      1.2399999999900002,
      0.53,
      1.32749999998,
      0.62,
      1.41749999998,
      0.70749999999,
      0,
      0.79749999999,
      0.08749999999000001,
      0.88499999998,
      0.17749999999,
      0.97499999998,
      0.26499999998,
      1.0625,
      0.35499999998,
      1.1499999999900001,
      0.44249999998,
      1.2399999999900002,
      0.53,
      1.32749999998,
      0.62,
      1.41749999998,
      0.70749999999
    ],
    "SoftwareVersions": "syngo_MR_B17",
    "SpacingBetweenSlices": 2,
    "StationName": "MRC35466",
    "TaskName": "Training",
    "TxRefAmp": 361.486,
    "dataset": "ds003720",
    "modality": "bold",
    "run_id": 6,
    "subject_id": "003",
    "task_id": "Training"
  },
  "dummy_trs": 1,
  "dvars_nstd": 30.23745923428921,
  "dvars_std": 1.1835671126960796,
  "dvars_vstd": 1.0010284403921577,
  "efc": 0.585735007276052,
  "fber": 1144.0321044921875,
  "fd_mean": 0.15738524938810244,
  "fd_num": 135,
  "fd_perc": 33.007334963325185,
  "fwhm_avg": 2.03941,
  "fwhm_x": 1.890865,
  "fwhm_y": 2.216445,
  "fwhm_z": 2.01092,
  "gcor": 0.0116052,
  "gsr_x": 0.0006140037439763546,
  "gsr_y": 0.022256074473261833,
  "provenance": {
    "md5sum": "7d99ee61e14503bdcbafccd7bcf20fc4",
    "settings": {
      "fd_thres": 0.2,
      "testing": false
    },
    "software": "mriqc",
    "version": "22.0.6",
    "webapi_port": null,
    "webapi_url": "https://mriqc.nimh.nih.gov/api/v1"
  },
  "size_t": 409,
  "size_x": 96,
  "size_y": 96,
  "size_z": 68,
  "snr": 5.809174325192539,
  "spacing_tr": 1.5,
  "spacing_x": 2.0,
  "spacing_y": 2.0,
  "spacing_z": 2.0,
  "summary_bg_k": 12.498346305361304,
  "summary_bg_mad": 15.656135829738767,
  "summary_bg_mean": 40.29291534423828,
  "summary_bg_median": 16.210269927978516,
  "summary_bg_n": 376895.0,
  "summary_bg_p05": 4.154034614562988,
  "summary_bg_p95": 165.67922363281232,
  "summary_bg_stdv": 60.390316009521484,
  "summary_fg_k": 3.7336850709029274,
  "summary_fg_mad": 80.71666901111794,
  "summary_fg_mean": 577.3602905273438,
  "summary_fg_median": 571.640625,
  "summary_fg_n": 157172.0,
  "summary_fg_p05": 441.8511215209961,
  "summary_fg_p95": 737.382568359375,
  "summary_fg_stdv": 98.40276336669922,
  "tsnr": 55.88643130310811
}