{
  "aor": 0.0003064950980392157,
  "aqi": 0.008325375392156864,
  "bids_meta": {
    "AcquisitionNumber": 1,
    "AcquisitionTime": "11:15:45.017500",
    "BaseResolution": 96,
    "DeviceSerialNumber": "35466",
    "EchoTime": 0.03,
    "EffectiveEchoSpacing": 0.000691085003455425,
    "FlipAngle": 62,
    "ImageComments": "Unaliased_MB4_PE3_(remote)",
    "ImageType": [
      "ORIGINAL",
      "PRIMARY",
      "M",
      "MB",
      "ND",
      "NORM",
      "MOSAIC"
    ],
    "InstitutionAddress": "Street_StreetNo_District_JP_ZIP",
    "InstitutionName": "Center_for_Information_and_Neural_Networks",
    "InstitutionalDepartmentName": "Department",
    "MRAcquisitionType": "2D",
    "MagneticFieldStrength": 3,
    "Manufacturer": "Siemens",
    "ManufacturersModelName": "TrioTim",
    "Modality": "MR",
    "PartialFourier": 0.75,
    "PatientPosition": "HFS",
    "PhaseEncodingDirection": "j-",
    "PhaseResolution": 1,
    "ProcedureStepDescription": "NICT_Nishimoto",
    "ProtocolName": "mbep2d_MB4_TR1.5_2mm_PF6_410",
    "ReceiveCoilName": "32Ch_Head",
    "RepetitionTime": 1.5,
    "SAR": 0.151594,
    "ScanOptions": "PFP_FS",
    "ScanningSequence": "EP",
    "SequenceName": "epfid2d1_96",
    "SequenceVariant": "SK_SS",
    "SeriesDescription": "mbep2d_MB4_TR1.5_2mm_PF6_410",
    "SeriesNumber": 10,
    "ShimSetting": [
      -306,
      -10103,
      -3934,
      387,
      -85,
      -272,
      203,
      80
    ],
    "SliceThickness": 2,
    "SliceTiming": [
      0,
      0.79749999999,
      0.08749999999000001,
      0.88499999998,
      0.17749999999,
      0.97499999998,
      0.26499999998,
      1.0625,
      0.35499999998,
      1.1499999999900001,
      0.44249999998,
      1.2399999999900002,
      0.53,
      1.32749999998,
      0.62,
      1.41749999998,
      0.70749999999,
      0,
      0.79749999999,
      0.08749999999000001,
      0.88499999998,
      0.17749999999,
      0.97499999998,
      0.26499999998,
      1.0625,
      0.35499999998,
      1.1499999999900001,
      0.44249999998,
      1.2399999999900002,
      0.53,
      1.32749999998,
      0.62,
      1.41749999998,
      0.70749999999,
      0,
      0.79749999999,
      0.08749999999000001,
      0.88499999998,
      0.17749999999,
      0.97499999998,
      0.26499999998,
      1.0625,
      0.35499999998,
      1.1499999999900001,
      0.44249999998,
      1.2399999999900002,
      0.53,
      1.32749999998,
      0.62,
      1.41749999998,
      0.70749999999,
      0,
      0.79749999999,
      0.08749999999000001,
      0.88499999998,
      0.17749999999,
      0.97499999998,
      0.26499999998,
      1.0625,
      0.35499999998,
      1.1499999999900001,
      0.44249999998,
      1.2399999999900002,
      0.53,
      1.32749999998,
      0.62,
      1.41749999998,
      0.70749999999
    ],
    "SoftwareVersions": "syngo_MR_B17",
    "SpacingBetweenSlices": 2,
    "StationName": "MRC35466",
    "TaskName": "Training",
    "TxRefAmp": 356.947,
    "dataset": "ds003720",
    "modality": "bold",
    "run_id": 12,
    "subject_id": "003",
    "task_id": "Training"
  },
  "dummy_trs": 2,
  "dvars_nstd": 30.75387213341526,
  "dvars_std": 1.2181585263390666,
  "dvars_vstd": 0.9998520947420162,
  "efc": 0.5890038863428438,
  "fber": 1076.964111328125,
  "fd_mean": 0.13508389255280587,
  "fd_num": 61,
  "fd_perc": 14.950980392156863,
  "fwhm_avg": 2.06103,
  "fwhm_x": 1.913025,
  "fwhm_y": 2.234965,
  "fwhm_z": 2.0351,
  "gcor": 0.0196808,
  "gsr_x": 0.002793877851217985,
  "gsr_y": 0.02551194466650486,
  "provenance": {
    "md5sum": "c1b871339d5c7ebad31e4a6d7121f387",
    "settings": {
      "fd_thres": 0.2,
      "testing": false
    },
    "software": "mriqc",
    "version": "22.0.6",
    "webapi_port": null,
    "webapi_url": "https://mriqc.nimh.nih.gov/api/v1"
  },
  "size_t": 408,
  "size_x": 96,
  "size_y": 96,
  "size_z": 68,
  "snr": 5.788064871977983,
  "spacing_tr": 1.5,
  "spacing_x": 2.0,
  "spacing_y": 2.0,
  "spacing_z": 2.0,
  "summary_bg_k": 14.17330751414437,
  "summary_bg_mad": 16.37766610042444,
  "summary_bg_mean": 41.45224380493164,
  "summary_bg_median": 16.95098114013672,
  "summary_bg_n": 374504.0,
  "summary_bg_p05": 4.340686321258545,
  "summary_bg_p95": 167.3297836303709,
  "summary_bg_stdv": 61.77276611328125,
  "summary_fg_k": 3.7458355980557867,
  "summary_fg_mad": 82.21356878519751,
  "summary_fg_mean": 584.2391357421875,
  "summary_fg_median": 578.1495361328125,
  "summary_fg_n": 158892.0,
  "summary_fg_p05": 447.2772216796875,
  "summary_fg_p95": 746.6776123046875,
  "summary_fg_stdv": 99.88618469238281,
  "tsnr": 58.767876795027405
}