{
  "aor": 0.0003548292682926829,
  "aqi": 0.008387198463414635,
  "bids_meta": {
    "AcquisitionNumber": 1,
    "AcquisitionTime": "11:02:45.682500",
    "BaseResolution": 96,
    "DeviceSerialNumber": "35466",
    "EchoTime": 0.03,
    "EffectiveEchoSpacing": 0.000691085003455425,
    "FlipAngle": 62,
    "ImageComments": "Unaliased_MB4_PE3_(remote)",
    "ImageType": [
      "ORIGINAL",
      "PRIMARY",
      "M",
      "MB",
      "ND",
      "NORM",
      "MOSAIC"
    ],
    "InstitutionAddress": "Street_StreetNo_District_JP_ZIP",
    "InstitutionName": "Center_for_Information_and_Neural_Networks",
    "InstitutionalDepartmentName": "Department",
    "MRAcquisitionType": "2D",
    "MagneticFieldStrength": 3,
    "Manufacturer": "Siemens",
    "ManufacturersModelName": "TrioTim",
    "Modality": "MR",
    "PartialFourier": 0.75,
    "PatientPosition": "HFS",
    "PhaseEncodingDirection": "j-",
    "PhaseResolution": 1,
    "ProcedureStepDescription": "NICT_Nishimoto",
    "ProtocolName": "mbep2d_MB4_TR1.5_2mm_PF6_410",
    "ReceiveCoilName": "32Ch_Head",
    "RepetitionTime": 1.5,
    "SAR": 0.152536,
    "ScanOptions": "PFP_FS",
    "ScanningSequence": "EP",
    "SequenceName": "epfid2d1_96",
    "SequenceVariant": "SK_SS",
    "SeriesDescription": "mbep2d_MB4_TR1.5_2mm_PF6_410",
    "SeriesNumber": 8,
    "ShimSetting": [
      -302,
      -10103,
      -3923,
      346,
      -79,
      -172,
      168,
      24
    ],
    "SliceThickness": 2,
    "SliceTiming": [
      0,
      0.79749999999,
      0.08749999999000001,
      0.88499999998,
      0.17749999999,
      0.97499999998,
      0.26499999998,
      1.0625,
      0.35499999998,
      1.1499999999900001,
      0.44249999998,
      1.2399999999900002,
      0.53,
      1.32749999998,
      0.62,
      1.41749999998,
      0.70749999999,
      0,
      0.79749999999,
      0.08749999999000001,
      0.88499999998,
      0.17749999999,
      0.97499999998,
      0.26499999998,
      1.0625,
      0.35499999998,
      1.1499999999900001,
      0.44249999998,
      1.2399999999900002,
      0.53,
      1.32749999998,
      0.62,
      1.41749999998,
      0.70749999999,
      0,
      0.79749999999,
      0.08749999999000001,
      0.88499999998,
      0.17749999999,
      0.97499999998,
      0.26499999998,
      1.0625,
      0.35499999998,
      1.1499999999900001,
      0.44249999998,
      1.2399999999900002,
      0.53,
      1.32749999998,
      0.62,
      1.41749999998,
      0.70749999999,
      0,
      0.79749999999,
      0.08749999999000001,
      0.88499999998,
      0.17749999999,
      0.97499999998,
      0.26499999998,
      1.0625,
      0.35499999998,
      1.1499999999900001,
      0.44249999998,
      1.2399999999900002,
      0.53,
      1.32749999998,
      0.62,
      1.41749999998,
      0.70749999999
    ],
    "SoftwareVersions": "syngo_MR_B17",
    "SpacingBetweenSlices": 2,
    "StationName": "MRC35466",
    "TaskName": "Training",
    "TxRefAmp": 361.486,
    "dataset": "ds003720",
    "modality": "bold",
    "run_id": 7,
    "subject_id": "003",
    "task_id": "Training"
  },
  "dummy_trs": 0,
  "dvars_nstd": 30.343761173594107,
  "dvars_std": 1.1954380034229835,
  "dvars_vstd": 1.0067790814914424,
  "efc": 0.5870498228731018,
  "fber": 1097.6273193359375,
  "fd_mean": 0.14772812745703506,
  "fd_num": 120,
  "fd_perc": 29.26829268292683,
  "fwhm_avg": 2.03138,
  "fwhm_x": 1.88727,
  "fwhm_y": 2.209865,
  "fwhm_z": 1.997005,
  "gcor": 0.0150692,
  "gsr_x": 0.0003872645611409098,
  "gsr_y": 0.02214687690138817,
  "provenance": {
    "md5sum": "586db452ec64f2e7000b1db5cc81e390",
    "settings": {
      "fd_thres": 0.2,
      "testing": false
    },
    "software": "mriqc",
    "version": "22.0.6",
    "webapi_port": null,
    "webapi_url": "https://mriqc.nimh.nih.gov/api/v1"
  },
  "size_t": 410,
  "size_x": 96,
  "size_y": 96,
  "size_z": 68,
  "snr": 5.800726456104274,
  "spacing_tr": 1.5,
  "spacing_x": 2.0,
  "spacing_y": 2.0,
  "spacing_z": 2.0,
  "summary_bg_k": 12.04503145165765,
  "summary_bg_mad": 15.947013037303929,
  "summary_bg_mean": 40.934295654296875,
  "summary_bg_median": 16.536584854125977,
  "summary_bg_n": 376804.0,
  "summary_bg_p05": 4.2390241622924805,
  "summary_bg_p95": 168.76060485839838,
  "summary_bg_stdv": 61.01946258544922,
  "summary_fg_k": 3.801225899231005,
  "summary_fg_mad": 80.43478998825142,
  "summary_fg_mean": 576.8290405273438,
  "summary_fg_median": 571.1731567382812,
  "summary_fg_n": 157340.0,
  "summary_fg_p05": 440.93621826171875,
  "summary_fg_p95": 736.3002319335938,
  "summary_fg_stdv": 98.46548461914062,
  "tsnr": 57.19772480428219
}