{
  "aor": 0.00027978048780487807,
  "aqi": 0.008754441707317073,
  "bids_meta": {
    "AcquisitionNumber": 1,
    "AcquisitionTime": "10:21:23.252500",
    "BaseResolution": 96,
    "DeviceSerialNumber": "35466",
    "EchoTime": 0.03,
    "EffectiveEchoSpacing": 0.000691085003455425,
    "FlipAngle": 62,
    "ImageComments": "Unaliased_MB4_PE3_(remote)",
    "ImageType": [
      "ORIGINAL",
      "PRIMARY",
      "M",
      "MB",
      "ND",
      "NORM",
      "MOSAIC"
    ],
    "InstitutionAddress": "Street_StreetNo_District_JP_ZIP",
    "InstitutionName": "Center_for_Information_and_Neural_Networks",
    "InstitutionalDepartmentName": "Department",
    "MRAcquisitionType": "2D",
    "MagneticFieldStrength": 3,
    "Manufacturer": "Siemens",
    "ManufacturersModelName": "TrioTim",
    "Modality": "MR",
    "PartialFourier": 0.75,
    "PatientPosition": "HFS",
    "PhaseEncodingDirection": "j-",
    "PhaseResolution": 1,
    "ProcedureStepDescription": "NICT_Nishimoto",
    "ProtocolName": "mbep2d_MB4_TR1.5_2mm_PF6_410",
    "ReceiveCoilName": "32Ch_Head",
    "RepetitionTime": 1.5,
    "SAR": 0.157566,
    "ScanOptions": "PFP_FS",
    "ScanningSequence": "EP",
    "SequenceName": "epfid2d1_96",
    "SequenceVariant": "SK_SS",
    "SeriesDescription": "mbep2d_MB4_TR1.5_2mm_PF6_410",
    "SeriesNumber": 5,
    "ShimSetting": [
      -301,
      -10092,
      -3897,
      371,
      -145,
      -256,
      71,
      35
    ],
    "SliceThickness": 2,
    "SliceTiming": [
      0,
      0.79749999999,
      0.08749999999000001,
      0.88499999998,
      0.17749999999,
      0.97499999998,
      0.26499999998,
      1.0625,
      0.35499999998,
      1.1499999999900001,
      0.44249999998,
      1.2399999999900002,
      0.53,
      1.32749999998,
      0.62,
      1.41749999998,
      0.70749999999,
      0,
      0.79749999999,
      0.08749999999000001,
      0.88499999998,
      0.17749999999,
      0.97499999998,
      0.26499999998,
      1.0625,
      0.35499999998,
      1.1499999999900001,
      0.44249999998,
      1.2399999999900002,
      0.53,
      1.32749999998,
      0.62,
      1.41749999998,
      0.70749999999,
      0,
      0.79749999999,
      0.08749999999000001,
      0.88499999998,
      0.17749999999,
      0.97499999998,
      0.26499999998,
      1.0625,
      0.35499999998,
      1.1499999999900001,
      0.44249999998,
      1.2399999999900002,
      0.53,
      1.32749999998,
      0.62,
      1.41749999998,
      0.70749999999,
      0,
      0.79749999999,
      0.08749999999000001,
      0.88499999998,
      0.17749999999,
      0.97499999998,
      0.26499999998,
      1.0625,
      0.35499999998,
      1.1499999999900001,
      0.44249999998,
      1.2399999999900002,
      0.53,
      1.32749999998,
      0.62,
      1.41749999998,
      0.70749999999
    ],
    "SoftwareVersions": "syngo_MR_B17",
    "SpacingBetweenSlices": 2,
    "StationName": "MRC35466",
    "TaskName": "Training",
    "TxRefAmp": 360.772,
    "dataset": "ds003720",
    "modality": "bold",
    "run_id": 1,
    "subject_id": "003",
    "task_id": "Training"
  },
  "dummy_trs": 0,
  "dvars_nstd": 31.956148875012214,
  "dvars_std": 1.1946904546943757,
  "dvars_vstd": 1.0019922269926653,
  "efc": 0.5855631117948885,
  "fber": 1178.02001953125,
  "fd_mean": 0.16463638150580187,
  "fd_num": 150,
  "fd_perc": 36.58536585365854,
  "fwhm_avg": 2.0454833333333333,
  "fwhm_x": 1.91657,
  "fwhm_y": 2.206195,
  "fwhm_z": 2.013685,
  "gcor": 0.0142774,
  "gsr_x": 0.002758974442258477,
  "gsr_y": 0.02353391982614994,
  "provenance": {
    "md5sum": "0ca1c8b0be6f0ec2a9512b3a444e882c",
    "settings": {
      "fd_thres": 0.2,
      "testing": false
    },
    "software": "mriqc",
    "version": "22.0.6",
    "webapi_port": null,
    "webapi_url": "https://mriqc.nimh.nih.gov/api/v1"
  },
  "size_t": 410,
  "size_x": 96,
  "size_y": 96,
  "size_z": 68,
  "snr": 5.715408404984387,
  "spacing_tr": 1.5,
  "spacing_x": 2.0,
  "spacing_y": 2.0,
  "spacing_z": 2.0,
  "summary_bg_k": 14.955586278063137,
  "summary_bg_mad": 14.185972569417697,
  "summary_bg_mean": 37.6613883972168,
  "summary_bg_median": 15.051219940185547,
  "summary_bg_n": 375707.0,
  "summary_bg_p05": 4.2707319259643555,
  "summary_bg_p95": 151.47195434570327,
  "summary_bg_stdv": 56.84314727783203,
  "summary_fg_k": 3.8433620882679653,
  "summary_fg_mad": 76.6540819383757,
  "summary_fg_mean": 543.340087890625,
  "summary_fg_median": 537.51953125,
  "summary_fg_n": 157609.0,
  "summary_fg_p05": 415.6560974121094,
  "summary_fg_p95": 694.6951293945312,
  "summary_fg_stdv": 94.0471420288086,
  "tsnr": 55.78844735212624
}