{
  "aor": 0.0004435365853658537,
  "aqi": 0.00896473487804878,
  "bids_meta": {
    "AcquisitionNumber": 1,
    "AcquisitionTime": "10:55:12.460000",
    "BaseResolution": 96,
    "DeviceSerialNumber": "35466",
    "EchoTime": 0.03,
    "EffectiveEchoSpacing": 0.000691085003455425,
    "FlipAngle": 62,
    "ImageComments": "Unaliased_MB4_PE3_(remote)",
    "ImageType": [
      "ORIGINAL",
      "PRIMARY",
      "M",
      "MB",
      "ND",
      "NORM",
      "MOSAIC"
    ],
    "InstitutionAddress": "Street_StreetNo_District_JP_ZIP",
    "InstitutionName": "Center_for_Information_and_Neural_Networks",
    "InstitutionalDepartmentName": "Department",
    "MRAcquisitionType": "2D",
    "MagneticFieldStrength": 3,
    "Manufacturer": "Siemens",
    "ManufacturersModelName": "TrioTim",
    "Modality": "MR",
    "PartialFourier": 0.75,
    "PatientPosition": "HFS",
    "PhaseEncodingDirection": "j-",
    "PhaseResolution": 1,
    "ProcedureStepDescription": "NICT_Nishimoto",
    "ProtocolName": "mbep2d_MB4_TR1.5_2mm_PF6_410",
    "ReceiveCoilName": "32Ch_Head",
    "RepetitionTime": 1.5,
    "SAR": 0.159578,
    "ScanOptions": "PFP_FS",
    "ScanningSequence": "EP",
    "SequenceName": "epfid2d1_96",
    "SequenceVariant": "SK_SS",
    "SeriesDescription": "mbep2d_MB4_TR1.5_2mm_PF6_410",
    "SeriesNumber": 8,
    "ShimSetting": [
      -301,
      -10092,
      -3897,
      371,
      -145,
      -256,
      71,
      35
    ],
    "SliceThickness": 2,
    "SliceTiming": [
      0,
      0.79749999999,
      0.08749999999000001,
      0.88499999998,
      0.17749999999,
      0.97499999998,
      0.26499999998,
      1.0625,
      0.35499999998,
      1.1499999999900001,
      0.44249999998,
      1.2399999999900002,
      0.53,
      1.32749999998,
      0.62,
      1.41749999998,
      0.70749999999,
      0,
      0.79749999999,
      0.08749999999000001,
      0.88499999998,
      0.17749999999,
      0.97499999998,
      0.26499999998,
      1.0625,
      0.35499999998,
      1.1499999999900001,
      0.44249999998,
      1.2399999999900002,
      0.53,
      1.32749999998,
      0.62,
      1.41749999998,
      0.70749999999,
      0,
      0.79749999999,
      0.08749999999000001,
      0.88499999998,
      0.17749999999,
      0.97499999998,
      0.26499999998,
      1.0625,
      0.35499999998,
      1.1499999999900001,
      0.44249999998,
      1.2399999999900002,
      0.53,
      1.32749999998,
      0.62,
      1.41749999998,
      0.70749999999,
      0,
      0.79749999999,
      0.08749999999000001,
      0.88499999998,
      0.17749999999,
      0.97499999998,
      0.26499999998,
      1.0625,
      0.35499999998,
      1.1499999999900001,
      0.44249999998,
      1.2399999999900002,
      0.53,
      1.32749999998,
      0.62,
      1.41749999998,
      0.70749999999
    ],
    "SoftwareVersions": "syngo_MR_B17",
    "SpacingBetweenSlices": 2,
    "StationName": "MRC35466",
    "TaskName": "Training",
    "TxRefAmp": 360.772,
    "dataset": "ds003720",
    "modality": "bold",
    "run_id": 3,
    "subject_id": "003",
    "task_id": "Training"
  },
  "dummy_trs": 0,
  "dvars_nstd": 31.44032694723716,
  "dvars_std": 1.2003525428850863,
  "dvars_vstd": 1.0064843808801953,
  "efc": 0.588302210837073,
  "fber": 1105.7501220703125,
  "fd_mean": 0.15088660308913557,
  "fd_num": 121,
  "fd_perc": 29.51219512195122,
  "fwhm_avg": 2.06166,
  "fwhm_x": 1.90923,
  "fwhm_y": 2.23405,
  "fwhm_z": 2.0417,
  "gcor": 0.0136955,
  "gsr_x": 0.0011697560548782349,
  "gsr_y": 0.02311386913061142,
  "provenance": {
    "md5sum": "a30abb1a24a28a592a76fe1c384a95b5",
    "settings": {
      "fd_thres": 0.2,
      "testing": false
    },
    "software": "mriqc",
    "version": "22.0.6",
    "webapi_port": null,
    "webapi_url": "https://mriqc.nimh.nih.gov/api/v1"
  },
  "size_t": 410,
  "size_x": 96,
  "size_y": 96,
  "size_z": 68,
  "snr": 5.680080494131807,
  "spacing_tr": 1.5,
  "spacing_x": 2.0,
  "spacing_y": 2.0,
  "spacing_z": 2.0,
  "summary_bg_k": 14.819856976182002,
  "summary_bg_mad": 14.869416086296413,
  "summary_bg_mean": 38.606632232666016,
  "summary_bg_median": 15.560976028442383,
  "summary_bg_n": 374949.0,
  "summary_bg_p05": 4.297561168670654,
  "summary_bg_p95": 154.25999450683588,
  "summary_bg_stdv": 57.28840255737305,
  "summary_fg_k": 3.937623391774302,
  "summary_fg_mad": 77.04835060695656,
  "summary_fg_mean": 544.5673828125,
  "summary_fg_median": 538.98779296875,
  "summary_fg_n": 157767.0,
  "summary_fg_p05": 416.6585388183594,
  "summary_fg_p95": 696.710998535156,
  "summary_fg_stdv": 94.89057159423828,
  "tsnr": 55.713006681762636
}