{
  "aor": 0.00028370731707317074,
  "aqi": 0.011362258951219513,
  "bids_meta": {
    "AcquisitionNumber": 1,
    "AcquisitionTime": "10:32:43.467500",
    "BaseResolution": 96,
    "DeviceSerialNumber": "35466",
    "EchoTime": 0.03,
    "EffectiveEchoSpacing": 0.000691085003455425,
    "FlipAngle": 62,
    "ImageComments": "Unaliased_MB4_PE3_(remote)",
    "ImageType": [
      "ORIGINAL",
      "PRIMARY",
      "M",
      "MB",
      "ND",
      "NORM",
      "MOSAIC"
    ],
    "InstitutionAddress": "Street_StreetNo_District_JP_ZIP",
    "InstitutionName": "Center_for_Information_and_Neural_Networks",
    "InstitutionalDepartmentName": "Department",
    "MRAcquisitionType": "2D",
    "MagneticFieldStrength": 3,
    "Manufacturer": "Siemens",
    "ManufacturersModelName": "TrioTim",
    "Modality": "MR",
    "PartialFourier": 0.75,
    "PatientPosition": "HFS",
    "PhaseEncodingDirection": "j-",
    "PhaseResolution": 1,
    "ProcedureStepDescription": "NICT_Nishimoto",
    "ProtocolName": "mbep2d_MB4_TR1.5_2mm_PF6_410",
    "ReceiveCoilName": "32Ch_Head",
    "RepetitionTime": 1.5,
    "SAR": 0.157973,
    "ScanOptions": "PFP_FS",
    "ScanningSequence": "EP",
    "SequenceName": "epfid2d1_96",
    "SequenceVariant": "SK_SS",
    "SeriesDescription": "mbep2d_MB4_TR1.5_2mm_PF6_410",
    "SeriesNumber": 6,
    "ShimSetting": [
      -301,
      -10092,
      -3897,
      371,
      -145,
      -256,
      71,
      35
    ],
    "SliceThickness": 2,
    "SliceTiming": [
      0,
      0.79749999999,
      0.08749999999000001,
      0.88499999998,
      0.17749999999,
      0.97499999998,
      0.26499999998,
      1.0625,
      0.35499999998,
      1.1499999999900001,
      0.44249999998,
      1.2399999999900002,
      0.53,
      1.32749999998,
      0.62,
      1.41749999998,
      0.70749999999,
      0,
      0.79749999999,
      0.08749999999000001,
      0.88499999998,
      0.17749999999,
      0.97499999998,
      0.26499999998,
      1.0625,
      0.35499999998,
      1.1499999999900001,
      0.44249999998,
      1.2399999999900002,
      0.53,
      1.32749999998,
      0.62,
      1.41749999998,
      0.70749999999,
      0,
      0.79749999999,
      0.08749999999000001,
      0.88499999998,
      0.17749999999,
      0.97499999998,
      0.26499999998,
      1.0625,
      0.35499999998,
      1.1499999999900001,
      0.44249999998,
      1.2399999999900002,
      0.53,
      1.32749999998,
      0.62,
      1.41749999998,
      0.70749999999,
      0,
      0.79749999999,
      0.08749999999000001,
      0.88499999998,
      0.17749999999,
      0.97499999998,
      0.26499999998,
      1.0625,
      0.35499999998,
      1.1499999999900001,
      0.44249999998,
      1.2399999999900002,
      0.53,
      1.32749999998,
      0.62,
      1.41749999998,
      0.70749999999
    ],
    "SoftwareVersions": "syngo_MR_B17",
    "SpacingBetweenSlices": 2,
    "StationName": "MRC35466",
    "TaskName": "Training",
    "TxRefAmp": 360.772,
    "dataset": "ds003720",
    "modality": "bold",
    "run_id": 2,
    "subject_id": "003",
    "task_id": "Training"
  },
  "dummy_trs": 0,
  "dvars_nstd": 31.709811012542776,
  "dvars_std": 1.1745363469926637,
  "dvars_vstd": 0.9862681571393642,
  "efc": 0.5868087995317715,
  "fber": 1145.5938720703125,
  "fd_mean": 0.15807649123411308,
  "fd_num": 132,
  "fd_perc": 32.19512195121951,
  "fwhm_avg": 2.056423333333333,
  "fwhm_x": 1.917725,
  "fwhm_y": 2.22231,
  "fwhm_z": 2.029235,
  "gcor": 0.0136514,
  "gsr_x": 0.002956477226689458,
  "gsr_y": 0.023304134607315063,
  "provenance": {
    "md5sum": "ec88b8d0ac1e7bb231d2cdcc1132c572",
    "settings": {
      "fd_thres": 0.2,
      "testing": false
    },
    "software": "mriqc",
    "version": "22.0.6",
    "webapi_port": null,
    "webapi_url": "https://mriqc.nimh.nih.gov/api/v1"
  },
  "size_t": 410,
  "size_x": 96,
  "size_y": 96,
  "size_z": 68,
  "snr": 5.707504565444162,
  "spacing_tr": 1.5,
  "spacing_x": 2.0,
  "spacing_y": 2.0,
  "spacing_z": 2.0,
  "summary_bg_k": 14.152451887922485,
  "summary_bg_mad": 14.659681606980524,
  "summary_bg_mean": 38.454933166503906,
  "summary_bg_median": 15.334146499633789,
  "summary_bg_n": 375912.0,
  "summary_bg_p05": 4.257439255714415,
  "summary_bg_p95": 155.47780685424812,
  "summary_bg_stdv": 57.70948791503906,
  "summary_fg_k": 3.786013327027108,
  "summary_fg_mad": 77.16942737504498,
  "summary_fg_mean": 543.584228515625,
  "summary_fg_median": 537.9329223632812,
  "summary_fg_n": 157688.0,
  "summary_fg_p05": 415.7780456542969,
  "summary_fg_p95": 694.7680664062499,
  "summary_fg_stdv": 94.24980926513672,
  "tsnr": 50.41820903751068
}