{
  "bids_meta": {
    "AcquisitionMatrixPE": 256,
    "AcquisitionNumber": 1,
    "AcquisitionTime": "16:22:55.135000",
    "BaseResolution": 256,
    "ConversionSoftware": "dcm2niix",
    "ConversionSoftwareVersion": "v1.0.20180918  GCC4.8.4",
    "DeviceSerialNumber": "35466",
    "DwellTime": 9.8e-06,
    "EchoTime": 0.00326,
    "FlipAngle": 9,
    "ImageOrientationPatientDICOM": [
      -0.0888943,
      0.996041,
      2.37646e-08,
      0.0312864,
      0.00279226,
      -0.999507
    ],
    "ImageType": [
      "ORIGINAL",
      "PRIMARY",
      "M",
      "ND",
      "NORM"
    ],
    "InPlanePhaseEncodingDirectionDICOM": "ROW",
    "InstitutionAddress": "Street_StreetNo_B390A3_District_JP_ZIP",
    "InstitutionName": "Center_for_Information_and_Neural_Networks",
    "InstitutionalDepartmentName": "Department",
    "InversionTime": 1.2,
    "MRAcquisitionType": "3D",
    "MagneticFieldStrength": 3,
    "Manufacturer": "Siemens",
    "ManufacturersModelName": "TrioTim",
    "Modality": "MR",
    "ParallelReductionFactorInPlane": 2,
    "PartialFourier": 1,
    "PatientPosition": "HFS",
    "PercentPhaseFOV": 100,
    "PhaseEncodingSteps": 255,
    "PhaseResolution": 1,
    "PixelBandwidth": 199,
    "ProcedureStepDescription": "NICT_Nishimoto",
    "ProtocolName": "t1_mpr_sag_p2_iso_1.0mm_SN",
    "PulseSequenceDetails": "%SiemensSeq%_tfl",
    "ReceiveCoilName": "32Ch_Head",
    "ReconMatrixPE": 256,
    "RepetitionTime": 2.53,
    "SAR": 0.0936226,
    "ScanOptions": "IR",
    "ScanningSequence": "GR_IR",
    "SequenceName": "_tfl3d1rr_ns",
    "SequenceVariant": "SP_MP",
    "SeriesDescription": "t1_mpr_sag_p2_iso_1.0mm_SN",
    "SeriesNumber": 11,
    "ShimSetting": [
      -298,
      -10126,
      -4037,
      60,
      -56,
      -541,
      93,
      21
    ],
    "SliceThickness": 1,
    "SoftwareVersions": "syngo_MR_B17",
    "StationName": "MRC35466",
    "TxRefAmp": 351.692,
    "dataset": "ds003720",
    "modality": "T1w",
    "subject_id": "005"
  },
  "cjv": 0.3887464063979816,
  "cnr": 3.475924937820802,
  "efc": 0.4166733833421241,
  "fber": 102304.97255171061,
  "fwhm_avg": 4.072540120425533,
  "fwhm_x": 3.949520112790779,
  "fwhm_y": 4.0992,
  "fwhm_z": 4.168900248485818,
  "icvs_csf": 0.20321151346843483,
  "icvs_gm": 0.44493977083857594,
  "icvs_wm": 0.35184871569298926,
  "inu_med": 0.30629777908325195,
  "inu_range": 0.06649603247642516,
  "provenance": {
    "md5sum": "29c100e8da1aa126e1e789c9ddb4c809",
    "settings": {
      "testing": false
    },
    "software": "mriqc",
    "version": "22.0.6",
    "warnings": {
      "large_rot_frame": true,
      "small_air_mask": false
    },
    "webapi_port": null,
    "webapi_url": "https://mriqc.nimh.nih.gov/api/v1"
  },
  "qi_1": 0.0,
  "qi_2": 0.013915471715764936,
  "rpve_csf": 34.21163170063259,
  "rpve_gm": 16.346295145588734,
  "rpve_wm": 23.147449599803316,
  "size_x": 208,
  "size_y": 256,
  "size_z": 256,
  "snr_csf": 2.542069036481906,
  "snr_gm": 15.211726054076971,
  "snr_total": 15.43478308172862,
  "snr_wm": 28.550554154626983,
  "snrd_csf": 66.45686710747222,
  "snrd_gm": 177.71257616132863,
  "snrd_total": 157.01527640675866,
  "snrd_wm": 226.87638595147507,
  "spacing_x": 1.0000025033950806,
  "spacing_y": 1.0,
  "spacing_z": 0.9999999403953552,
  "summary_bg_k": 44.12836155631958,
  "summary_bg_mad": 0.0,
  "summary_bg_mean": 1.7149436124307704,
  "summary_bg_median": 0.0,
  "summary_bg_n": 4581512.0,
  "summary_bg_p05": 0.0,
  "summary_bg_p95": 6.494965564459562,
  "summary_bg_stdv": 2.887694973534272,
  "summary_csf_k": 0.8999535864665265,
  "summary_csf_mad": 76.42997703139226,
  "summary_csf_mean": 309.7527546304579,
  "summary_csf_median": 292.92703184112906,
  "summary_csf_n": 33507.0,
  "summary_csf_p05": 103.08204781077802,
  "summary_csf_p95": 530.3527447361495,
  "summary_csf_stdv": 115.23001793925492,
  "summary_gm_k": -0.12302380575597471,
  "summary_gm_mad": 52.2957885630802,
  "summary_gm_mean": 780.2596674506221,
  "summary_gm_median": 783.31735637784,
  "summary_gm_n": 42821.0,
  "summary_gm_p05": 691.7546814549714,
  "summary_gm_p95": 860.6850593909621,
  "summary_gm_stdv": 51.49370999213684,
  "summary_wm_k": 1.3875167597642406,
  "summary_wm_mad": 31.94676139782838,
  "summary_wm_mean": 1000.9988300315706,
  "summary_wm_median": 1000.0204527266324,
  "summary_wm_n": 161554.0,
  "summary_wm_p05": 945.9365885294974,
  "summary_wm_p95": 1057.4743462260813,
  "summary_wm_stdv": 35.026197820965436,
  "tpm_overlap_csf": 0.14416792863926478,
  "tpm_overlap_gm": 0.45397658098023813,
  "tpm_overlap_wm": 0.4776048256219405,
  "wm2max": 0.8977264393105977
}