{
  "aor": 0.0014047560975609759,
  "aqi": 0.012084926073170731,
  "bids_meta": {
    "AcquisitionNumber": 1,
    "AcquisitionTime": "15:41:52.720000",
    "BaseResolution": 96,
    "DeviceSerialNumber": "35466",
    "EchoTime": 0.03,
    "EffectiveEchoSpacing": 0.000691085003455425,
    "FlipAngle": 62,
    "ImageComments": "Unaliased_MB4_PE3_(remote)",
    "ImageType": [
      "ORIGINAL",
      "PRIMARY",
      "M",
      "MB",
      "ND",
      "NORM",
      "MOSAIC"
    ],
    "InstitutionAddress": "Street_StreetNo_B390A3_District_JP_ZIP",
    "InstitutionName": "Center_for_Information_and_Neural_Networks",
    "InstitutionalDepartmentName": "Department",
    "MRAcquisitionType": "2D",
    "MagneticFieldStrength": 3,
    "Manufacturer": "Siemens",
    "ManufacturersModelName": "TrioTim",
    "Modality": "MR",
    "PartialFourier": 0.75,
    "PatientPosition": "HFS",
    "PhaseEncodingDirection": "j-",
    "PhaseResolution": 1,
    "ProcedureStepDescription": "NICT_Nishimoto",
    "ProtocolName": "mbep2d_MB4_TR1.5_2mm_PF6_410",
    "ReceiveCoilName": "32Ch_Head",
    "RepetitionTime": 1.5,
    "SAR": 0.170762,
    "ScanOptions": "PFP_FS",
    "ScanningSequence": "EP",
    "SequenceName": "epfid2d1_96",
    "SequenceVariant": "SK_SS",
    "SeriesDescription": "mbep2d_MB4_TR1.5_2mm_PF6_410",
    "SeriesNumber": 7,
    "ShimSetting": [
      -305,
      -10155,
      -3950,
      305,
      -26,
      -348,
      327,
      66
    ],
    "SliceThickness": 2,
    "SliceTiming": [
      0,
      0.79749999999,
      0.08749999999000001,
      0.88499999998,
      0.17749999999,
      0.97499999998,
      0.26499999998,
      1.0625,
      0.35499999998,
      1.1499999999900001,
      0.44249999998,
      1.2399999999900002,
      0.53,
      1.32749999998,
      0.62,
      1.41749999998,
      0.70749999999,
      0,
      0.79749999999,
      0.08749999999000001,
      0.88499999998,
      0.17749999999,
      0.97499999998,
      0.26499999998,
      1.0625,
      0.35499999998,
      1.1499999999900001,
      0.44249999998,
      1.2399999999900002,
      0.53,
      1.32749999998,
      0.62,
      1.41749999998,
      0.70749999999,
      0,
      0.79749999999,
      0.08749999999000001,
      0.88499999998,
      0.17749999999,
      0.97499999998,
      0.26499999998,
      1.0625,
      0.35499999998,
      1.1499999999900001,
      0.44249999998,
      1.2399999999900002,
      0.53,
      1.32749999998,
      0.62,
      1.41749999998,
      0.70749999999,
      0,
      0.79749999999,
      0.08749999999000001,
      0.88499999998,
      0.17749999999,
      0.97499999998,
      0.26499999998,
      1.0625,
      0.35499999998,
      1.1499999999900001,
      0.44249999998,
      1.2399999999900002,
      0.53,
      1.32749999998,
      0.62,
      1.41749999998,
      0.70749999999
    ],
    "SoftwareVersions": "syngo_MR_B17",
    "SpacingBetweenSlices": 2,
    "StationName": "MRC35466",
    "TaskName": "Training",
    "TxRefAmp": 353.257,
    "dataset": "ds003720",
    "modality": "bold",
    "run_id": 6,
    "subject_id": "001",
    "task_id": "Training"
  },
  "dummy_trs": 0,
  "dvars_nstd": 33.152210053985364,
  "dvars_std": 1.1843154395110018,
  "dvars_vstd": 1.0049923817359416,
  "efc": 0.5825705131264506,
  "fber": 1110.228759765625,
  "fd_mean": 0.18078094703532338,
  "fd_num": 172,
  "fd_perc": 41.951219512195124,
  "fwhm_avg": 2.21933,
  "fwhm_x": 2.047785,
  "fwhm_y": 2.376595,
  "fwhm_z": 2.23361,
  "gcor": 0.010803,
  "gsr_x": 0.020240463316440582,
  "gsr_y": 0.01704014465212822,
  "provenance": {
    "md5sum": "43a33073bd96cf8b1799fe0b665eb952",
    "settings": {
      "fd_thres": 0.2,
      "testing": false
    },
    "software": "mriqc",
    "version": "22.0.6",
    "webapi_port": null,
    "webapi_url": "https://mriqc.nimh.nih.gov/api/v1"
  },
  "size_t": 410,
  "size_x": 96,
  "size_y": 96,
  "size_z": 68,
  "snr": 4.416152786944194,
  "spacing_tr": 1.5,
  "spacing_x": 2.0,
  "spacing_y": 2.0,
  "spacing_z": 2.0,
  "summary_bg_k": 15.199025393122572,
  "summary_bg_mad": 14.41017073986728,
  "summary_bg_mean": 35.690460205078125,
  "summary_bg_median": 15.104878425598145,
  "summary_bg_n": 370702.0,
  "summary_bg_p05": 3.7487804889678955,
  "summary_bg_p95": 141.03903198242188,
  "summary_bg_stdv": 54.24467468261719,
  "summary_fg_k": 3.579882431782636,
  "summary_fg_mad": 88.43906834736364,
  "summary_fg_mean": 533.7804565429688,
  "summary_fg_median": 519.8927001953125,
  "summary_fg_n": 163305.0,
  "summary_fg_p05": 387.56634521484375,
  "summary_fg_p95": 746.51953125,
  "summary_fg_stdv": 117.72489166259766,
  "tsnr": 43.35163922281936
}