{
  "aor": 0.0007032762836185819,
  "aqi": 0.008918312420537897,
  "bids_meta": {
    "AcquisitionNumber": 1,
    "AcquisitionTime": "16:18:23.407500",
    "BaseResolution": 96,
    "DeviceSerialNumber": "35466",
    "EchoTime": 0.03,
    "EffectiveEchoSpacing": 0.000691085003455425,
    "FlipAngle": 62,
    "ImageComments": "Unaliased_MB4_PE3_(remote)",
    "ImageType": [
      "ORIGINAL",
      "PRIMARY",
      "M",
      "MB",
      "ND",
      "NORM",
      "MOSAIC"
    ],
    "InstitutionAddress": "Street_StreetNo_B390A3_District_JP_ZIP",
    "InstitutionName": "Center_for_Information_and_Neural_Networks",
    "InstitutionalDepartmentName": "Department",
    "MRAcquisitionType": "2D",
    "MagneticFieldStrength": 3,
    "Manufacturer": "Siemens",
    "ManufacturersModelName": "TrioTim",
    "Modality": "MR",
    "PartialFourier": 0.75,
    "PatientPosition": "HFS",
    "PhaseEncodingDirection": "j-",
    "PhaseResolution": 1,
    "ProcedureStepDescription": "NICT_Nishimoto",
    "ProtocolName": "mbep2d_MB4_TR1.5_2mm_PF6_410",
    "ReceiveCoilName": "32Ch_Head",
    "RepetitionTime": 1.5,
    "SAR": 0.171524,
    "ScanOptions": "PFP_FS",
    "ScanningSequence": "EP",
    "SequenceName": "epfid2d1_96",
    "SequenceVariant": "SK_SS",
    "SeriesDescription": "mbep2d_MB4_TR1.5_2mm_PF6_410",
    "SeriesNumber": 10,
    "ShimSetting": [
      -305,
      -10155,
      -3950,
      305,
      -26,
      -348,
      327,
      66
    ],
    "SliceThickness": 2,
    "SliceTiming": [
      0,
      0.79749999999,
      0.08749999999000001,
      0.88499999998,
      0.17749999999,
      0.97499999998,
      0.26499999998,
      1.0625,
      0.35499999998,
      1.1499999999900001,
      0.44249999998,
      1.2399999999900002,
      0.53,
      1.32749999998,
      0.62,
      1.41749999998,
      0.70749999999,
      0,
      0.79749999999,
      0.08749999999000001,
      0.88499999998,
      0.17749999999,
      0.97499999998,
      0.26499999998,
      1.0625,
      0.35499999998,
      1.1499999999900001,
      0.44249999998,
      1.2399999999900002,
      0.53,
      1.32749999998,
      0.62,
      1.41749999998,
      0.70749999999,
      0,
      0.79749999999,
      0.08749999999000001,
      0.88499999998,
      0.17749999999,
      0.97499999998,
      0.26499999998,
      1.0625,
      0.35499999998,
      1.1499999999900001,
      0.44249999998,
      1.2399999999900002,
      0.53,
      1.32749999998,
      0.62,
      1.41749999998,
      0.70749999999,
      0,
      0.79749999999,
      0.08749999999000001,
      0.88499999998,
      0.17749999999,
      0.97499999998,
      0.26499999998,
      1.0625,
      0.35499999998,
      1.1499999999900001,
      0.44249999998,
      1.2399999999900002,
      0.53,
      1.32749999998,
      0.62,
      1.41749999998,
      0.70749999999
    ],
    "SoftwareVersions": "syngo_MR_B17",
    "SpacingBetweenSlices": 2,
    "StationName": "MRC35466",
    "TaskName": "Training",
    "TxRefAmp": 353.257,
    "dataset": "ds003720",
    "modality": "bold",
    "run_id": 8,
    "subject_id": "001",
    "task_id": "Training"
  },
  "dummy_trs": 1,
  "dvars_nstd": 33.58541030512257,
  "dvars_std": 1.1907369556372547,
  "dvars_vstd": 1.005816896715686,
  "efc": 0.584004777599524,
  "fber": 1074.96533203125,
  "fd_mean": 0.19056212695130445,
  "fd_num": 193,
  "fd_perc": 47.18826405867971,
  "fwhm_avg": 2.195115,
  "fwhm_x": 2.03646,
  "fwhm_y": 2.347285,
  "fwhm_z": 2.2016,
  "gcor": 0.0096915,
  "gsr_x": 0.02117198146879673,
  "gsr_y": 0.015315989032387733,
  "provenance": {
    "md5sum": "4c67537c6f60a94764e7baaedc7928c4",
    "settings": {
      "fd_thres": 0.2,
      "testing": false
    },
    "software": "mriqc",
    "version": "22.0.6",
    "webapi_port": null,
    "webapi_url": "https://mriqc.nimh.nih.gov/api/v1"
  },
  "size_t": 409,
  "size_x": 96,
  "size_y": 96,
  "size_z": 68,
  "snr": 4.444312697094913,
  "spacing_tr": 1.5,
  "spacing_x": 2.0,
  "spacing_y": 2.0,
  "spacing_z": 2.0,
  "summary_bg_k": 14.404475073331966,
  "summary_bg_mad": 14.64839994203544,
  "summary_bg_mean": 36.587467193603516,
  "summary_bg_median": 15.364303588867188,
  "summary_bg_n": 371133.0,
  "summary_bg_p05": 3.892420768737793,
  "summary_bg_p95": 145.7247009277343,
  "summary_bg_stdv": 55.26799011230469,
  "summary_fg_k": 3.603248064262237,
  "summary_fg_mad": 88.32541182963641,
  "summary_fg_mean": 533.8387451171875,
  "summary_fg_median": 520.0978393554688,
  "summary_fg_n": 162869.0,
  "summary_fg_p05": 388.22544555664064,
  "summary_fg_p95": 744.2499145507813,
  "summary_fg_stdv": 117.0251235961914,
  "tsnr": 49.24482943757903
}