{
  "aor": 0.0005568048780487805,
  "aqi": 0.007926010609756097,
  "bids_meta": {
    "AcquisitionNumber": 1,
    "AcquisitionTime": "16:07:52.950000",
    "BaseResolution": 96,
    "DeviceSerialNumber": "35466",
    "EchoTime": 0.03,
    "EffectiveEchoSpacing": 0.000691085003455425,
    "FlipAngle": 62,
    "ImageComments": "Unaliased_MB4_PE3_(remote)",
    "ImageType": [
      "ORIGINAL",
      "PRIMARY",
      "M",
      "MB",
      "ND",
      "NORM",
      "MOSAIC"
    ],
    "InstitutionAddress": "Street_StreetNo_B390A3_District_JP_ZIP",
    "InstitutionName": "Center_for_Information_and_Neural_Networks",
    "InstitutionalDepartmentName": "Department",
    "MRAcquisitionType": "2D",
    "MagneticFieldStrength": 3,
    "Manufacturer": "Siemens",
    "ManufacturersModelName": "TrioTim",
    "Modality": "MR",
    "PartialFourier": 0.75,
    "PatientPosition": "HFS",
    "PhaseEncodingDirection": "j-",
    "PhaseResolution": 1,
    "ProcedureStepDescription": "NICT_Nishimoto",
    "ProtocolName": "mbep2d_MB4_TR1.5_2mm_PF6_410",
    "ReceiveCoilName": "32Ch_Head",
    "RepetitionTime": 1.5,
    "SAR": 0.178151,
    "ScanOptions": "PFP_FS",
    "ScanningSequence": "EP",
    "SequenceName": "epfid2d1_96",
    "SequenceVariant": "SK_SS",
    "SeriesDescription": "mbep2d_MB4_TR1.5_2mm_PF6_410",
    "SeriesNumber": 10,
    "ShimSetting": [
      -301,
      -10186,
      -3897,
      345,
      5,
      -415,
      417,
      39
    ],
    "SliceThickness": 2,
    "SliceTiming": [
      0,
      0.79749999999,
      0.08749999999000001,
      0.88499999998,
      0.17749999999,
      0.97499999998,
      0.26499999998,
      1.0625,
      0.35499999998,
      1.1499999999900001,
      0.44249999998,
      1.2399999999900002,
      0.53,
      1.32749999998,
      0.62,
      1.41749999998,
      0.70749999999,
      0,
      0.79749999999,
      0.08749999999000001,
      0.88499999998,
      0.17749999999,
      0.97499999998,
      0.26499999998,
      1.0625,
      0.35499999998,
      1.1499999999900001,
      0.44249999998,
      1.2399999999900002,
      0.53,
      1.32749999998,
      0.62,
      1.41749999998,
      0.70749999999,
      0,
      0.79749999999,
      0.08749999999000001,
      0.88499999998,
      0.17749999999,
      0.97499999998,
      0.26499999998,
      1.0625,
      0.35499999998,
      1.1499999999900001,
      0.44249999998,
      1.2399999999900002,
      0.53,
      1.32749999998,
      0.62,
      1.41749999998,
      0.70749999999,
      0,
      0.79749999999,
      0.08749999999000001,
      0.88499999998,
      0.17749999999,
      0.97499999998,
      0.26499999998,
      1.0625,
      0.35499999998,
      1.1499999999900001,
      0.44249999998,
      1.2399999999900002,
      0.53,
      1.32749999998,
      0.62,
      1.41749999998,
      0.70749999999
    ],
    "SoftwareVersions": "syngo_MR_B17",
    "SpacingBetweenSlices": 2,
    "StationName": "MRC35466",
    "TaskName": "Training",
    "TxRefAmp": 352.758,
    "dataset": "ds003720",
    "modality": "bold",
    "run_id": 11,
    "subject_id": "001",
    "task_id": "Training"
  },
  "dummy_trs": 0,
  "dvars_nstd": 31.66441705259169,
  "dvars_std": 1.1770780856234717,
  "dvars_vstd": 1.0049221499266507,
  "efc": 0.5866278009834603,
  "fber": 932.7125854492188,
  "fd_mean": 0.17606537804988887,
  "fd_num": 154,
  "fd_perc": 37.5609756097561,
  "fwhm_avg": 2.1237066666666666,
  "fwhm_x": 2.008725,
  "fwhm_y": 2.267555,
  "fwhm_z": 2.09484,
  "gcor": 0.00690779,
  "gsr_x": 0.02407488040626049,
  "gsr_y": 0.012846746481955051,
  "provenance": {
    "md5sum": "bfba8a43712eda72e709aa4d21c48f08",
    "settings": {
      "fd_thres": 0.2,
      "testing": false
    },
    "software": "mriqc",
    "version": "22.0.6",
    "webapi_port": null,
    "webapi_url": "https://mriqc.nimh.nih.gov/api/v1"
  },
  "size_t": 410,
  "size_x": 96,
  "size_y": 96,
  "size_z": 68,
  "snr": 4.652534371540769,
  "spacing_tr": 1.5,
  "spacing_x": 2.0,
  "spacing_y": 2.0,
  "spacing_z": 2.0,
  "summary_bg_k": 14.358828505603771,
  "summary_bg_mad": 16.08442623311204,
  "summary_bg_mean": 41.37333679199219,
  "summary_bg_median": 17.363414764404297,
  "summary_bg_n": 374050.0,
  "summary_bg_p05": 4.656097412109375,
  "summary_bg_p95": 167.68780517578125,
  "summary_bg_stdv": 63.94041061401367,
  "summary_fg_k": 2.977501191134701,
  "summary_fg_mad": 93.04595793135536,
  "summary_fg_mean": 561.3131713867188,
  "summary_fg_median": 544.3268432617188,
  "summary_fg_n": 161006.0,
  "summary_fg_p05": 414.39086151123047,
  "summary_fg_p95": 780.4847412109375,
  "summary_fg_stdv": 116.99540710449219,
  "tsnr": 51.60621548281051
}