{
  "aor": 0.0007822439024390244,
  "aqi": 0.008276337487804878,
  "bids_meta": {
    "AcquisitionNumber": 1,
    "AcquisitionTime": "15:20:0.300000",
    "BaseResolution": 96,
    "DeviceSerialNumber": "35466",
    "EchoTime": 0.03,
    "EffectiveEchoSpacing": 0.000691085003455425,
    "FlipAngle": 62,
    "ImageComments": "Unaliased_MB4_PE3_(remote)",
    "ImageType": [
      "ORIGINAL",
      "PRIMARY",
      "M",
      "MB",
      "ND",
      "NORM",
      "MOSAIC"
    ],
    "InstitutionAddress": "Street_StreetNo_B390A3_District_JP_ZIP",
    "InstitutionName": "Center_for_Information_and_Neural_Networks",
    "InstitutionalDepartmentName": "Department",
    "MRAcquisitionType": "2D",
    "MagneticFieldStrength": 3,
    "Manufacturer": "Siemens",
    "ManufacturersModelName": "TrioTim",
    "Modality": "MR",
    "PartialFourier": 0.75,
    "PatientPosition": "HFS",
    "PhaseEncodingDirection": "j-",
    "PhaseResolution": 1,
    "ProcedureStepDescription": "NICT_Nishimoto",
    "ProtocolName": "mbep2d_MB4_TR1.5_2mm_PF6_410",
    "ReceiveCoilName": "32Ch_Head",
    "RepetitionTime": 1.5,
    "SAR": 0.170905,
    "ScanOptions": "PFP_FS",
    "ScanningSequence": "EP",
    "SequenceName": "epfid2d1_96",
    "SequenceVariant": "SK_SS",
    "SeriesDescription": "mbep2d_MB4_TR1.5_2mm_PF6_410",
    "SeriesNumber": 6,
    "ShimSetting": [
      -301,
      -10186,
      -3897,
      345,
      5,
      -415,
      417,
      39
    ],
    "SliceThickness": 2,
    "SliceTiming": [
      0,
      0.79749999999,
      0.08749999999000001,
      0.88499999998,
      0.17749999999,
      0.97499999998,
      0.26499999998,
      1.0625,
      0.35499999998,
      1.1499999999900001,
      0.44249999998,
      1.2399999999900002,
      0.53,
      1.32749999998,
      0.62,
      1.41749999998,
      0.70749999999,
      0,
      0.79749999999,
      0.08749999999000001,
      0.88499999998,
      0.17749999999,
      0.97499999998,
      0.26499999998,
      1.0625,
      0.35499999998,
      1.1499999999900001,
      0.44249999998,
      1.2399999999900002,
      0.53,
      1.32749999998,
      0.62,
      1.41749999998,
      0.70749999999,
      0,
      0.79749999999,
      0.08749999999000001,
      0.88499999998,
      0.17749999999,
      0.97499999998,
      0.26499999998,
      1.0625,
      0.35499999998,
      1.1499999999900001,
      0.44249999998,
      1.2399999999900002,
      0.53,
      1.32749999998,
      0.62,
      1.41749999998,
      0.70749999999,
      0,
      0.79749999999,
      0.08749999999000001,
      0.88499999998,
      0.17749999999,
      0.97499999998,
      0.26499999998,
      1.0625,
      0.35499999998,
      1.1499999999900001,
      0.44249999998,
      1.2399999999900002,
      0.53,
      1.32749999998,
      0.62,
      1.41749999998,
      0.70749999999
    ],
    "SoftwareVersions": "syngo_MR_B17",
    "SpacingBetweenSlices": 2,
    "StationName": "MRC35466",
    "TaskName": "Training",
    "TxRefAmp": 352.758,
    "dataset": "ds003720",
    "modality": "bold",
    "run_id": 9,
    "subject_id": "001",
    "task_id": "Training"
  },
  "dummy_trs": 0,
  "dvars_nstd": 31.856022724938875,
  "dvars_std": 1.1839630078239611,
  "dvars_vstd": 1.0084103798777497,
  "efc": 0.5849966884593774,
  "fber": 996.8157348632812,
  "fd_mean": 0.16660425756011008,
  "fd_num": 130,
  "fd_perc": 31.70731707317073,
  "fwhm_avg": 2.275316666666667,
  "fwhm_x": 2.07452,
  "fwhm_y": 2.468305,
  "fwhm_z": 2.283125,
  "gcor": 0.01324,
  "gsr_x": 0.012245056219398975,
  "gsr_y": 0.016829580068588257,
  "provenance": {
    "md5sum": "f439757905380baf1049883ea3ae8458",
    "settings": {
      "fd_thres": 0.2,
      "testing": false
    },
    "software": "mriqc",
    "version": "22.0.6",
    "webapi_port": null,
    "webapi_url": "https://mriqc.nimh.nih.gov/api/v1"
  },
  "size_t": 410,
  "size_x": 96,
  "size_y": 96,
  "size_z": 68,
  "snr": 4.303780780592863,
  "spacing_tr": 1.5,
  "spacing_x": 2.0,
  "spacing_y": 2.0,
  "spacing_z": 2.0,
  "summary_bg_k": 17.869292792037566,
  "summary_bg_mad": 14.959817160461263,
  "summary_bg_mean": 36.9328498840332,
  "summary_bg_median": 16.45853614807129,
  "summary_bg_n": 367536.0,
  "summary_bg_p05": 4.407317161560059,
  "summary_bg_p95": 141.38536071777344,
  "summary_bg_stdv": 55.490787506103516,
  "summary_fg_k": 3.5187771393345786,
  "summary_fg_mad": 94.34052014680586,
  "summary_fg_mean": 553.5016479492188,
  "summary_fg_median": 540.5805053710938,
  "summary_fg_n": 164477.0,
  "summary_fg_p05": 395.9185485839844,
  "summary_fg_p95": 776.2092773437496,
  "summary_fg_stdv": 125.60557556152344,
  "tsnr": 50.386795995756984
}