{
  "aor": 0.0011406585365853659,
  "aqi": 0.011955160731707317,
  "bids_meta": {
    "AcquisitionNumber": 1,
    "AcquisitionTime": "13:29:48.172500",
    "BaseResolution": 96,
    "DeviceSerialNumber": "35466",
    "EchoTime": 0.03,
    "EffectiveEchoSpacing": 0.000691085003455425,
    "FlipAngle": 62,
    "ImageComments": "Unaliased_MB4_PE3_(remote)",
    "ImageType": [
      "ORIGINAL",
      "PRIMARY",
      "M",
      "MB",
      "ND",
      "NORM",
      "MOSAIC"
    ],
    "InstitutionAddress": "Street_StreetNo_B390A3_District_JP_ZIP",
    "InstitutionName": "Center_for_Information_and_Neural_Networks",
    "InstitutionalDepartmentName": "Department",
    "MRAcquisitionType": "2D",
    "MagneticFieldStrength": 3,
    "Manufacturer": "Siemens",
    "ManufacturersModelName": "TrioTim",
    "Modality": "MR",
    "PartialFourier": 0.75,
    "PatientPosition": "HFS",
    "PhaseEncodingDirection": "j-",
    "PhaseResolution": 1,
    "ProcedureStepDescription": "NICT_Nishimoto",
    "ProtocolName": "mbep2d_MB4_TR1.5_2mm_PF6_410",
    "ReceiveCoilName": "32Ch_Head",
    "RepetitionTime": 1.5,
    "SAR": 0.180245,
    "ScanOptions": "PFP_FS",
    "ScanningSequence": "EP",
    "SequenceName": "epfid2d1_96",
    "SequenceVariant": "SK_SS",
    "SeriesDescription": "mbep2d_MB4_TR1.5_2mm_PF6_410",
    "SeriesNumber": 6,
    "ShimSetting": [
      -301,
      -10174,
      -3957,
      258,
      -80,
      -413,
      360,
      27
    ],
    "SliceThickness": 2,
    "SliceTiming": [
      0,
      0.79749999999,
      0.08749999999000001,
      0.88499999998,
      0.17749999999,
      0.97499999998,
      0.26499999998,
      1.0625,
      0.35499999998,
      1.1499999999900001,
      0.44249999998,
      1.2399999999900002,
      0.53,
      1.32749999998,
      0.62,
      1.41749999998,
      0.70749999999,
      0,
      0.79749999999,
      0.08749999999000001,
      0.88499999998,
      0.17749999999,
      0.97499999998,
      0.26499999998,
      1.0625,
      0.35499999998,
      1.1499999999900001,
      0.44249999998,
      1.2399999999900002,
      0.53,
      1.32749999998,
      0.62,
      1.41749999998,
      0.70749999999,
      0,
      0.79749999999,
      0.08749999999000001,
      0.88499999998,
      0.17749999999,
      0.97499999998,
      0.26499999998,
      1.0625,
      0.35499999998,
      1.1499999999900001,
      0.44249999998,
      1.2399999999900002,
      0.53,
      1.32749999998,
      0.62,
      1.41749999998,
      0.70749999999,
      0,
      0.79749999999,
      0.08749999999000001,
      0.88499999998,
      0.17749999999,
      0.97499999998,
      0.26499999998,
      1.0625,
      0.35499999998,
      1.1499999999900001,
      0.44249999998,
      1.2399999999900002,
      0.53,
      1.32749999998,
      0.62,
      1.41749999998,
      0.70749999999
    ],
    "SoftwareVersions": "syngo_MR_B17",
    "SpacingBetweenSlices": 2,
    "StationName": "MRC35466",
    "TaskName": "Training",
    "TxRefAmp": 354.625,
    "dataset": "ds003720",
    "modality": "bold",
    "run_id": 2,
    "subject_id": "001",
    "task_id": "Training"
  },
  "dummy_trs": 0,
  "dvars_nstd": 32.53191428422983,
  "dvars_std": 1.1724009333496335,
  "dvars_vstd": 1.0061485900489,
  "efc": 0.5825979609532815,
  "fber": 1086.85009765625,
  "fd_mean": 0.18925224526558368,
  "fd_num": 173,
  "fd_perc": 42.19512195121951,
  "fwhm_avg": 2.227255,
  "fwhm_x": 2.050895,
  "fwhm_y": 2.3885,
  "fwhm_z": 2.24237,
  "gcor": 0.0209049,
  "gsr_x": 0.02102157659828663,
  "gsr_y": 0.021480927243828773,
  "provenance": {
    "md5sum": "9ea186496b8590db933a5e5e008647aa",
    "settings": {
      "fd_thres": 0.2,
      "testing": false
    },
    "software": "mriqc",
    "version": "22.0.6",
    "webapi_port": null,
    "webapi_url": "https://mriqc.nimh.nih.gov/api/v1"
  },
  "size_t": 410,
  "size_x": 96,
  "size_y": 96,
  "size_z": 68,
  "snr": 4.462038500180983,
  "spacing_tr": 1.5,
  "spacing_x": 2.0,
  "spacing_y": 2.0,
  "spacing_z": 2.0,
  "summary_bg_k": 16.40752795816408,
  "summary_bg_mad": 15.397367323669773,
  "summary_bg_mean": 37.25260925292969,
  "summary_bg_median": 16.06829261779785,
  "summary_bg_n": 370863.0,
  "summary_bg_p05": 3.653658628463745,
  "summary_bg_p95": 145.0414581298828,
  "summary_bg_stdv": 57.23484802246094,
  "summary_fg_k": 3.266610209113332,
  "summary_fg_mad": 93.26652939788413,
  "summary_fg_mean": 559.6616821289062,
  "summary_fg_median": 545.5780639648438,
  "summary_fg_n": 163365.0,
  "summary_fg_p05": 403.29901123046875,
  "summary_fg_p95": 782.3341674804685,
  "summary_fg_stdv": 122.27066040039062,
  "tsnr": 42.65253861108795
}