{
  "aor": 0.0010409024390243902,
  "aqi": 0.01115460180487805,
  "bids_meta": {
    "AcquisitionNumber": 1,
    "AcquisitionTime": "15:16:22.550000",
    "BaseResolution": 96,
    "DeviceSerialNumber": "35466",
    "EchoTime": 0.03,
    "EffectiveEchoSpacing": 0.000691085003455425,
    "FlipAngle": 62,
    "ImageComments": "Unaliased_MB4_PE3_(remote)",
    "ImageType": [
      "ORIGINAL",
      "PRIMARY",
      "M",
      "MB",
      "ND",
      "NORM",
      "MOSAIC"
    ],
    "InstitutionAddress": "Street_StreetNo_B390A3_District_JP_ZIP",
    "InstitutionName": "Center_for_Information_and_Neural_Networks",
    "InstitutionalDepartmentName": "Department",
    "MRAcquisitionType": "2D",
    "MagneticFieldStrength": 3,
    "Manufacturer": "Siemens",
    "ManufacturersModelName": "TrioTim",
    "Modality": "MR",
    "PartialFourier": 0.75,
    "PatientPosition": "HFS",
    "PhaseEncodingDirection": "j-",
    "PhaseResolution": 1,
    "ProcedureStepDescription": "NICT_Nishimoto",
    "ProtocolName": "mbep2d_MB4_TR1.5_2mm_PF6_410",
    "ReceiveCoilName": "32Ch_Head",
    "RepetitionTime": 1.5,
    "SAR": 0.169297,
    "ScanOptions": "PFP_FS",
    "ScanningSequence": "EP",
    "SequenceName": "epfid2d1_96",
    "SequenceVariant": "SK_SS",
    "SeriesDescription": "mbep2d_MB4_TR1.5_2mm_PF6_410",
    "SeriesNumber": 5,
    "ShimSetting": [
      -305,
      -10155,
      -3950,
      305,
      -26,
      -348,
      327,
      66
    ],
    "SliceThickness": 2,
    "SliceTiming": [
      0,
      0.79749999999,
      0.08749999999000001,
      0.88499999998,
      0.17749999999,
      0.97499999998,
      0.26499999998,
      1.0625,
      0.35499999998,
      1.1499999999900001,
      0.44249999998,
      1.2399999999900002,
      0.53,
      1.32749999998,
      0.62,
      1.41749999998,
      0.70749999999,
      0,
      0.79749999999,
      0.08749999999000001,
      0.88499999998,
      0.17749999999,
      0.97499999998,
      0.26499999998,
      1.0625,
      0.35499999998,
      1.1499999999900001,
      0.44249999998,
      1.2399999999900002,
      0.53,
      1.32749999998,
      0.62,
      1.41749999998,
      0.70749999999,
      0,
      0.79749999999,
      0.08749999999000001,
      0.88499999998,
      0.17749999999,
      0.97499999998,
      0.26499999998,
      1.0625,
      0.35499999998,
      1.1499999999900001,
      0.44249999998,
      1.2399999999900002,
      0.53,
      1.32749999998,
      0.62,
      1.41749999998,
      0.70749999999,
      0,
      0.79749999999,
      0.08749999999000001,
      0.88499999998,
      0.17749999999,
      0.97499999998,
      0.26499999998,
      1.0625,
      0.35499999998,
      1.1499999999900001,
      0.44249999998,
      1.2399999999900002,
      0.53,
      1.32749999998,
      0.62,
      1.41749999998,
      0.70749999999
    ],
    "SoftwareVersions": "syngo_MR_B17",
    "SpacingBetweenSlices": 2,
    "StationName": "MRC35466",
    "TaskName": "Training",
    "TxRefAmp": 353.257,
    "dataset": "ds003720",
    "modality": "bold",
    "run_id": 5,
    "subject_id": "001",
    "task_id": "Training"
  },
  "dummy_trs": 0,
  "dvars_nstd": 33.104883828288514,
  "dvars_std": 1.1779555733007323,
  "dvars_vstd": 1.0045609852811732,
  "efc": 0.5802721041928296,
  "fber": 1183.9359130859375,
  "fd_mean": 0.18647972699125098,
  "fd_num": 168,
  "fd_perc": 40.97560975609756,
  "fwhm_avg": 2.2265383333333335,
  "fwhm_x": 2.05318,
  "fwhm_y": 2.390325,
  "fwhm_z": 2.23611,
  "gcor": 0.0130556,
  "gsr_x": 0.018877821043133736,
  "gsr_y": 0.01850099116563797,
  "provenance": {
    "md5sum": "ccf052492d9eb292a0e60db259769bd4",
    "settings": {
      "fd_thres": 0.2,
      "testing": false
    },
    "software": "mriqc",
    "version": "22.0.6",
    "webapi_port": null,
    "webapi_url": "https://mriqc.nimh.nih.gov/api/v1"
  },
  "size_t": 410,
  "size_x": 96,
  "size_y": 96,
  "size_z": 68,
  "snr": 4.401243120756787,
  "spacing_tr": 1.5,
  "spacing_x": 2.0,
  "spacing_y": 2.0,
  "spacing_z": 2.0,
  "summary_bg_k": 16.420849895802526,
  "summary_bg_mad": 13.549538346342926,
  "summary_bg_mean": 34.51179504394531,
  "summary_bg_median": 14.585366249084473,
  "summary_bg_n": 370541.0,
  "summary_bg_p05": 3.9292683601379395,
  "summary_bg_p95": 135.8341522216797,
  "summary_bg_stdv": 53.33063888549805,
  "summary_fg_k": 3.49524104268073,
  "summary_fg_mad": 89.0157892085142,
  "summary_fg_mean": 533.1031494140625,
  "summary_fg_median": 519.7036743164062,
  "summary_fg_n": 163652.0,
  "summary_fg_p05": 385.4531692504883,
  "summary_fg_p95": 744.6879272460934,
  "summary_fg_stdv": 118.08074951171875,
  "tsnr": 44.499419254017994
}