{
  "aor": 0.0004426829268292683,
  "aqi": 0.009351898219512196,
  "bids_meta": {
    "AcquisitionNumber": 1,
    "AcquisitionTime": "13:18:28.690000",
    "BaseResolution": 96,
    "DeviceSerialNumber": "35466",
    "EchoTime": 0.03,
    "EffectiveEchoSpacing": 0.000691085003455425,
    "FlipAngle": 62,
    "ImageComments": "Unaliased_MB4_PE3_(remote)",
    "ImageType": [
      "ORIGINAL",
      "PRIMARY",
      "M",
      "MB",
      "ND",
      "NORM",
      "MOSAIC"
    ],
    "InstitutionAddress": "Street_StreetNo_B390A3_District_JP_ZIP",
    "InstitutionName": "Center_for_Information_and_Neural_Networks",
    "InstitutionalDepartmentName": "Department",
    "MRAcquisitionType": "2D",
    "MagneticFieldStrength": 3,
    "Manufacturer": "Siemens",
    "ManufacturersModelName": "TrioTim",
    "Modality": "MR",
    "PartialFourier": 0.75,
    "PatientPosition": "HFS",
    "PhaseEncodingDirection": "j-",
    "PhaseResolution": 1,
    "ProcedureStepDescription": "NICT_Nishimoto",
    "ProtocolName": "mbep2d_MB4_TR1.5_2mm_PF6_410",
    "ReceiveCoilName": "32Ch_Head",
    "RepetitionTime": 1.5,
    "SAR": 0.17789,
    "ScanOptions": "PFP_FS",
    "ScanningSequence": "EP",
    "SequenceName": "epfid2d1_96",
    "SequenceVariant": "SK_SS",
    "SeriesDescription": "mbep2d_MB4_TR1.5_2mm_PF6_410",
    "SeriesNumber": 5,
    "ShimSetting": [
      -301,
      -10174,
      -3957,
      258,
      -80,
      -413,
      360,
      27
    ],
    "SliceThickness": 2,
    "SliceTiming": [
      0,
      0.79749999999,
      0.08749999999000001,
      0.88499999998,
      0.17749999999,
      0.97499999998,
      0.26499999998,
      1.0625,
      0.35499999998,
      1.1499999999900001,
      0.44249999998,
      1.2399999999900002,
      0.53,
      1.32749999998,
      0.62,
      1.41749999998,
      0.70749999999,
      0,
      0.79749999999,
      0.08749999999000001,
      0.88499999998,
      0.17749999999,
      0.97499999998,
      0.26499999998,
      1.0625,
      0.35499999998,
      1.1499999999900001,
      0.44249999998,
      1.2399999999900002,
      0.53,
      1.32749999998,
      0.62,
      1.41749999998,
      0.70749999999,
      0,
      0.79749999999,
      0.08749999999000001,
      0.88499999998,
      0.17749999999,
      0.97499999998,
      0.26499999998,
      1.0625,
      0.35499999998,
      1.1499999999900001,
      0.44249999998,
      1.2399999999900002,
      0.53,
      1.32749999998,
      0.62,
      1.41749999998,
      0.70749999999,
      0,
      0.79749999999,
      0.08749999999000001,
      0.88499999998,
      0.17749999999,
      0.97499999998,
      0.26499999998,
      1.0625,
      0.35499999998,
      1.1499999999900001,
      0.44249999998,
      1.2399999999900002,
      0.53,
      1.32749999998,
      0.62,
      1.41749999998,
      0.70749999999
    ],
    "SoftwareVersions": "syngo_MR_B17",
    "SpacingBetweenSlices": 2,
    "StationName": "MRC35466",
    "TaskName": "Training",
    "TxRefAmp": 354.625,
    "dataset": "ds003720",
    "modality": "bold",
    "run_id": 1,
    "subject_id": "001",
    "task_id": "Training"
  },
  "dummy_trs": 0,
  "dvars_nstd": 32.67499549696819,
  "dvars_std": 1.1477707169926656,
  "dvars_vstd": 0.9860847482885085,
  "efc": 0.5812064393081857,
  "fber": 1121.0604248046875,
  "fd_mean": 0.19415158275647154,
  "fd_num": 206,
  "fd_perc": 50.24390243902439,
  "fwhm_avg": 2.2246633333333334,
  "fwhm_x": 2.052705,
  "fwhm_y": 2.388835,
  "fwhm_z": 2.23245,
  "gcor": 0.0082546,
  "gsr_x": 0.021306689828634262,
  "gsr_y": 0.019738182425498962,
  "provenance": {
    "md5sum": "035d2dbe447e1da03f9b772c8c78c5b9",
    "settings": {
      "fd_thres": 0.2,
      "testing": false
    },
    "software": "mriqc",
    "version": "22.0.6",
    "webapi_port": null,
    "webapi_url": "https://mriqc.nimh.nih.gov/api/v1"
  },
  "size_t": 410,
  "size_x": 96,
  "size_y": 96,
  "size_z": 68,
  "snr": 4.417788422573865,
  "spacing_tr": 1.5,
  "spacing_x": 2.0,
  "spacing_y": 2.0,
  "spacing_z": 2.0,
  "summary_bg_k": 17.108673347517687,
  "summary_bg_mad": 14.967050066467854,
  "summary_bg_mean": 36.70018005371094,
  "summary_bg_median": 15.782926559448242,
  "summary_bg_n": 370910.0,
  "summary_bg_p05": 3.653658628463745,
  "summary_bg_p95": 142.244147491455,
  "summary_bg_stdv": 56.6676025390625,
  "summary_fg_k": 3.304430384206392,
  "summary_fg_mad": 93.5974092203918,
  "summary_fg_mean": 558.4356079101562,
  "summary_fg_median": 544.6195068359375,
  "summary_fg_n": 163328.0,
  "summary_fg_p05": 400.7715759277344,
  "summary_fg_p95": 781.5729370117186,
  "summary_fg_stdv": 123.27838897705078,
  "tsnr": 47.366529433988035
}