{
  "aor": 0.0006253170731707318,
  "aqi": 0.007801115707317073,
  "bids_meta": {
    "AcquisitionNumber": 1,
    "AcquisitionTime": "15:31:14.710000",
    "BaseResolution": 96,
    "DeviceSerialNumber": "35466",
    "EchoTime": 0.03,
    "EffectiveEchoSpacing": 0.000691085003455425,
    "FlipAngle": 62,
    "ImageComments": "Unaliased_MB4_PE3_(remote)",
    "ImageType": [
      "ORIGINAL",
      "PRIMARY",
      "M",
      "MB",
      "ND",
      "NORM",
      "MOSAIC"
    ],
    "InstitutionAddress": "Street_StreetNo_B390A3_District_JP_ZIP",
    "InstitutionName": "Center_for_Information_and_Neural_Networks",
    "InstitutionalDepartmentName": "Department",
    "MRAcquisitionType": "2D",
    "MagneticFieldStrength": 3,
    "Manufacturer": "Siemens",
    "ManufacturersModelName": "TrioTim",
    "Modality": "MR",
    "PartialFourier": 0.75,
    "PatientPosition": "HFS",
    "PhaseEncodingDirection": "j-",
    "PhaseResolution": 1,
    "ProcedureStepDescription": "NICT_Nishimoto",
    "ProtocolName": "mbep2d_MB4_TR1.5_2mm_PF6_410",
    "ReceiveCoilName": "32Ch_Head",
    "RepetitionTime": 1.5,
    "SAR": 0.171594,
    "ScanOptions": "PFP_FS",
    "ScanningSequence": "EP",
    "SequenceName": "epfid2d1_96",
    "SequenceVariant": "SK_SS",
    "SeriesDescription": "mbep2d_MB4_TR1.5_2mm_PF6_410",
    "SeriesNumber": 7,
    "ShimSetting": [
      -301,
      -10186,
      -3897,
      345,
      5,
      -415,
      417,
      39
    ],
    "SliceThickness": 2,
    "SliceTiming": [
      0,
      0.79749999999,
      0.08749999999000001,
      0.88499999998,
      0.17749999999,
      0.97499999998,
      0.26499999998,
      1.0625,
      0.35499999998,
      1.1499999999900001,
      0.44249999998,
      1.2399999999900002,
      0.53,
      1.32749999998,
      0.62,
      1.41749999998,
      0.70749999999,
      0,
      0.79749999999,
      0.08749999999000001,
      0.88499999998,
      0.17749999999,
      0.97499999998,
      0.26499999998,
      1.0625,
      0.35499999998,
      1.1499999999900001,
      0.44249999998,
      1.2399999999900002,
      0.53,
      1.32749999998,
      0.62,
      1.41749999998,
      0.70749999999,
      0,
      0.79749999999,
      0.08749999999000001,
      0.88499999998,
      0.17749999999,
      0.97499999998,
      0.26499999998,
      1.0625,
      0.35499999998,
      1.1499999999900001,
      0.44249999998,
      1.2399999999900002,
      0.53,
      1.32749999998,
      0.62,
      1.41749999998,
      0.70749999999,
      0,
      0.79749999999,
      0.08749999999000001,
      0.88499999998,
      0.17749999999,
      0.97499999998,
      0.26499999998,
      1.0625,
      0.35499999998,
      1.1499999999900001,
      0.44249999998,
      1.2399999999900002,
      0.53,
      1.32749999998,
      0.62,
      1.41749999998,
      0.70749999999
    ],
    "SoftwareVersions": "syngo_MR_B17",
    "SpacingBetweenSlices": 2,
    "StationName": "MRC35466",
    "TaskName": "Training",
    "TxRefAmp": 352.758,
    "dataset": "ds003720",
    "modality": "bold",
    "run_id": 10,
    "subject_id": "001",
    "task_id": "Training"
  },
  "dummy_trs": 0,
  "dvars_nstd": 31.593192471271387,
  "dvars_std": 1.179448997481662,
  "dvars_vstd": 1.0061101031295838,
  "efc": 0.5860483006530112,
  "fber": 962.9993286132812,
  "fd_mean": 0.16649519680422492,
  "fd_num": 146,
  "fd_perc": 35.609756097560975,
  "fwhm_avg": 2.218025,
  "fwhm_x": 2.051365,
  "fwhm_y": 2.39243,
  "fwhm_z": 2.21028,
  "gcor": 0.0155552,
  "gsr_x": 0.015923259779810905,
  "gsr_y": 0.016013627871870995,
  "provenance": {
    "md5sum": "7e34a62af9e189d03ac7a463cbffb5b9",
    "settings": {
      "fd_thres": 0.2,
      "testing": false
    },
    "software": "mriqc",
    "version": "22.0.6",
    "webapi_port": null,
    "webapi_url": "https://mriqc.nimh.nih.gov/api/v1"
  },
  "size_t": 410,
  "size_x": 96,
  "size_y": 96,
  "size_z": 68,
  "snr": 4.43701252447275,
  "spacing_tr": 1.5,
  "spacing_x": 2.0,
  "spacing_y": 2.0,
  "spacing_z": 2.0,
  "summary_bg_k": 16.25848172856997,
  "summary_bg_mad": 15.415446407367018,
  "summary_bg_mean": 38.86763381958008,
  "summary_bg_median": 16.8804874420166,
  "summary_bg_n": 370092.0,
  "summary_bg_p05": 4.5829267501831055,
  "summary_bg_p95": 152.3948822021485,
  "summary_bg_stdv": 59.24893569946289,
  "summary_fg_k": 3.4160419978174703,
  "summary_fg_mad": 93.95724611747966,
  "summary_fg_mean": 556.9173583984375,
  "summary_fg_median": 542.52197265625,
  "summary_fg_n": 163215.0,
  "summary_fg_p05": 404.499267578125,
  "summary_fg_p95": 778.1843872070312,
  "summary_fg_stdv": 122.27153015136719,
  "tsnr": 51.57810161449015
}