{
  "aor": 0.002033219512195122,
  "aqi": 0.010263392048780486,
  "bids_meta": {
    "AcquisitionNumber": 1,
    "AcquisitionTime": "13:42:24.455000",
    "BaseResolution": 96,
    "DeviceSerialNumber": "35466",
    "EchoTime": 0.03,
    "EffectiveEchoSpacing": 0.000691085003455425,
    "FlipAngle": 62,
    "ImageComments": "Unaliased_MB4_PE3_(remote)",
    "ImageType": [
      "ORIGINAL",
      "PRIMARY",
      "M",
      "MB",
      "ND",
      "NORM",
      "MOSAIC"
    ],
    "InstitutionAddress": "Street_StreetNo_B390A3_District_JP_ZIP",
    "InstitutionName": "Center_for_Information_and_Neural_Networks",
    "InstitutionalDepartmentName": "Department",
    "MRAcquisitionType": "2D",
    "MagneticFieldStrength": 3,
    "Manufacturer": "Siemens",
    "ManufacturersModelName": "TrioTim",
    "Modality": "MR",
    "PartialFourier": 0.75,
    "PatientPosition": "HFS",
    "PhaseEncodingDirection": "j-",
    "PhaseResolution": 1,
    "ProcedureStepDescription": "NICT_Nishimoto",
    "ProtocolName": "mbep2d_MB4_TR1.5_2mm_PF6_410",
    "ReceiveCoilName": "32Ch_Head",
    "RepetitionTime": 1.5,
    "SAR": 0.147691,
    "ScanOptions": "PFP_FS",
    "ScanningSequence": "EP",
    "SequenceName": "epfid2d1_96",
    "SequenceVariant": "SK_SS",
    "SeriesDescription": "mbep2d_MB4_TR1.5_2mm_PF6_410",
    "SeriesNumber": 6,
    "ShimSetting": [
      -296,
      -10032,
      -3953,
      391,
      -75,
      -327,
      82,
      100
    ],
    "SliceThickness": 2,
    "SliceTiming": [
      0,
      0.79749999999,
      0.08749999999000001,
      0.88499999998,
      0.17749999999,
      0.97499999998,
      0.26499999998,
      1.0625,
      0.35499999998,
      1.1499999999900001,
      0.44249999998,
      1.2399999999900002,
      0.53,
      1.32749999998,
      0.62,
      1.41749999998,
      0.70749999999,
      0,
      0.79749999999,
      0.08749999999000001,
      0.88499999998,
      0.17749999999,
      0.97499999998,
      0.26499999998,
      1.0625,
      0.35499999998,
      1.1499999999900001,
      0.44249999998,
      1.2399999999900002,
      0.53,
      1.32749999998,
      0.62,
      1.41749999998,
      0.70749999999,
      0,
      0.79749999999,
      0.08749999999000001,
      0.88499999998,
      0.17749999999,
      0.97499999998,
      0.26499999998,
      1.0625,
      0.35499999998,
      1.1499999999900001,
      0.44249999998,
      1.2399999999900002,
      0.53,
      1.32749999998,
      0.62,
      1.41749999998,
      0.70749999999,
      0,
      0.79749999999,
      0.08749999999000001,
      0.88499999998,
      0.17749999999,
      0.97499999998,
      0.26499999998,
      1.0625,
      0.35499999998,
      1.1499999999900001,
      0.44249999998,
      1.2399999999900002,
      0.53,
      1.32749999998,
      0.62,
      1.41749999998,
      0.70749999999
    ],
    "SoftwareVersions": "syngo_MR_B17",
    "SpacingBetweenSlices": 2,
    "StationName": "MRC35466",
    "TaskName": "Training",
    "TxRefAmp": 350.231,
    "dataset": "ds003720",
    "modality": "bold",
    "run_id": 1,
    "subject_id": "002",
    "task_id": "Training"
  },
  "dummy_trs": 0,
  "dvars_nstd": 26.576332819706618,
  "dvars_std": 1.1515058298288519,
  "dvars_vstd": 1.0179958562591678,
  "efc": 0.5337183718813479,
  "fber": 2950.798828125,
  "fd_mean": 0.1230408919624989,
  "fd_num": 26,
  "fd_perc": 6.341463414634147,
  "fwhm_avg": 2.0276866666666664,
  "fwhm_x": 1.9407,
  "fwhm_y": 2.109885,
  "fwhm_z": 2.032475,
  "gcor": 0.0290357,
  "gsr_x": 0.0008539339178241789,
  "gsr_y": 0.015753569081425667,
  "provenance": {
    "md5sum": "8e12becfab3ddfe8a728079538b8e0d9",
    "settings": {
      "fd_thres": 0.2,
      "testing": false
    },
    "software": "mriqc",
    "version": "22.0.6",
    "webapi_port": null,
    "webapi_url": "https://mriqc.nimh.nih.gov/api/v1"
  },
  "size_t": 410,
  "size_x": 96,
  "size_y": 96,
  "size_z": 68,
  "snr": 5.691572357557056,
  "spacing_tr": 1.5,
  "spacing_x": 2.0,
  "spacing_y": 2.0,
  "spacing_z": 2.0,
  "summary_bg_k": 26.330839271657908,
  "summary_bg_mad": 7.930114031331229,
  "summary_bg_mean": 28.764467239379883,
  "summary_bg_median": 10.582926750183105,
  "summary_bg_n": 400852.0,
  "summary_bg_p05": 4.314634323120117,
  "summary_bg_p95": 111.6962203979491,
  "summary_bg_stdv": 51.50792694091797,
  "summary_fg_k": 2.8369996395711228,
  "summary_fg_mad": 85.79202976730225,
  "summary_fg_mean": 593.9742431640625,
  "summary_fg_median": 584.7073364257812,
  "summary_fg_n": 139105.0,
  "summary_fg_p05": 453.2322082519531,
  "summary_fg_p95": 768.8829345703124,
  "summary_fg_stdv": 102.73175811767578,
  "tsnr": 54.003108660690486
}