{
  "aor": 0.0015646341463414633,
  "aqi": 0.008753656195121952,
  "bids_meta": {
    "AcquisitionNumber": 1,
    "AcquisitionTime": "14:33:2.557500",
    "BaseResolution": 96,
    "DeviceSerialNumber": "35466",
    "EchoTime": 0.03,
    "EffectiveEchoSpacing": 0.000691085003455425,
    "FlipAngle": 62,
    "ImageComments": "Unaliased_MB4_PE3_(remote)",
    "ImageType": [
      "ORIGINAL",
      "PRIMARY",
      "M",
      "MB",
      "ND",
      "NORM",
      "MOSAIC"
    ],
    "InstitutionAddress": "Street_StreetNo_B390A3_District_JP_ZIP",
    "InstitutionName": "Center_for_Information_and_Neural_Networks",
    "InstitutionalDepartmentName": "Department",
    "MRAcquisitionType": "2D",
    "MagneticFieldStrength": 3,
    "Manufacturer": "Siemens",
    "ManufacturersModelName": "TrioTim",
    "Modality": "MR",
    "PartialFourier": 0.75,
    "PatientPosition": "HFS",
    "PhaseEncodingDirection": "j-",
    "PhaseResolution": 1,
    "ProcedureStepDescription": "NICT_Nishimoto",
    "ProtocolName": "mbep2d_MB4_TR1.5_2mm_PF6_410",
    "ReceiveCoilName": "32Ch_Head",
    "RepetitionTime": 1.5,
    "SAR": 0.150561,
    "ScanOptions": "PFP_FS",
    "ScanningSequence": "EP",
    "SequenceName": "epfid2d1_96",
    "SequenceVariant": "SK_SS",
    "SeriesDescription": "mbep2d_MB4_TR1.5_2mm_PF6_410",
    "SeriesNumber": 10,
    "ShimSetting": [
      -296,
      -10032,
      -3953,
      391,
      -75,
      -327,
      82,
      100
    ],
    "SliceThickness": 2,
    "SliceTiming": [
      0,
      0.79749999999,
      0.08749999999000001,
      0.88499999998,
      0.17749999999,
      0.97499999998,
      0.26499999998,
      1.0625,
      0.35499999998,
      1.1499999999900001,
      0.44249999998,
      1.2399999999900002,
      0.53,
      1.32749999998,
      0.62,
      1.41749999998,
      0.70749999999,
      0,
      0.79749999999,
      0.08749999999000001,
      0.88499999998,
      0.17749999999,
      0.97499999998,
      0.26499999998,
      1.0625,
      0.35499999998,
      1.1499999999900001,
      0.44249999998,
      1.2399999999900002,
      0.53,
      1.32749999998,
      0.62,
      1.41749999998,
      0.70749999999,
      0,
      0.79749999999,
      0.08749999999000001,
      0.88499999998,
      0.17749999999,
      0.97499999998,
      0.26499999998,
      1.0625,
      0.35499999998,
      1.1499999999900001,
      0.44249999998,
      1.2399999999900002,
      0.53,
      1.32749999998,
      0.62,
      1.41749999998,
      0.70749999999,
      0,
      0.79749999999,
      0.08749999999000001,
      0.88499999998,
      0.17749999999,
      0.97499999998,
      0.26499999998,
      1.0625,
      0.35499999998,
      1.1499999999900001,
      0.44249999998,
      1.2399999999900002,
      0.53,
      1.32749999998,
      0.62,
      1.41749999998,
      0.70749999999
    ],
    "SoftwareVersions": "syngo_MR_B17",
    "SpacingBetweenSlices": 2,
    "StationName": "MRC35466",
    "TaskName": "Training",
    "TxRefAmp": 350.231,
    "dataset": "ds003720",
    "modality": "bold",
    "run_id": 4,
    "subject_id": "002",
    "task_id": "Training"
  },
  "dummy_trs": 0,
  "dvars_nstd": 26.519811648826384,
  "dvars_std": 1.1594420811980441,
  "dvars_vstd": 1.0207953575061117,
  "efc": 0.5360250521297883,
  "fber": 2817.67333984375,
  "fd_mean": 0.12663843862404953,
  "fd_num": 20,
  "fd_perc": 4.878048780487805,
  "fwhm_avg": 2.032303333333333,
  "fwhm_x": 1.94858,
  "fwhm_y": 2.10661,
  "fwhm_z": 2.04172,
  "gcor": 0.0231903,
  "gsr_x": 1.2075276572431903e-05,
  "gsr_y": 0.01375418622046709,
  "provenance": {
    "md5sum": "0eba70e20355ab28c0ff0c6dafa7026b",
    "settings": {
      "fd_thres": 0.2,
      "testing": false
    },
    "software": "mriqc",
    "version": "22.0.6",
    "webapi_port": null,
    "webapi_url": "https://mriqc.nimh.nih.gov/api/v1"
  },
  "size_t": 410,
  "size_x": 96,
  "size_y": 96,
  "size_z": 68,
  "snr": 5.646533818960981,
  "spacing_tr": 1.5,
  "spacing_x": 2.0,
  "spacing_y": 2.0,
  "spacing_z": 2.0,
  "summary_bg_k": 25.313160404351603,
  "summary_bg_mad": 8.212169087195068,
  "summary_bg_mean": 29.954572677612305,
  "summary_bg_median": 10.831707000732422,
  "summary_bg_n": 401191.0,
  "summary_bg_p05": 4.365853786468506,
  "summary_bg_p95": 118.61951446533203,
  "summary_bg_stdv": 52.8911247253418,
  "summary_fg_k": 2.889409664663134,
  "summary_fg_mad": 86.08675849201371,
  "summary_fg_mean": 593.4352416992188,
  "summary_fg_median": 583.740234375,
  "summary_fg_n": 138944.0,
  "summary_fg_p05": 452.5052490234375,
  "summary_fg_p95": 769.7563476562501,
  "summary_fg_stdv": 103.3799057006836,
  "tsnr": 58.003485713736154
}