{
  "aor": 0.0005154634146341464,
  "aqi": 0.008908353560975609,
  "bids_meta": {
    "AcquisitionNumber": 1,
    "AcquisitionTime": "13:57:58.130000",
    "BaseResolution": 96,
    "DeviceSerialNumber": "35466",
    "EchoTime": 0.03,
    "EffectiveEchoSpacing": 0.000691085003455425,
    "FlipAngle": 62,
    "ImageComments": "Unaliased_MB4_PE3_(remote)",
    "ImageType": [
      "ORIGINAL",
      "PRIMARY",
      "M",
      "MB",
      "ND",
      "NORM",
      "MOSAIC"
    ],
    "InstitutionAddress": "Street_StreetNo_B390A3_District_JP_ZIP",
    "InstitutionName": "Center_for_Information_and_Neural_Networks",
    "InstitutionalDepartmentName": "Department",
    "MRAcquisitionType": "2D",
    "MagneticFieldStrength": 3,
    "Manufacturer": "Siemens",
    "ManufacturersModelName": "TrioTim",
    "Modality": "MR",
    "PartialFourier": 0.75,
    "PatientPosition": "HFS",
    "PhaseEncodingDirection": "j-",
    "PhaseResolution": 1,
    "ProcedureStepDescription": "NICT_Nishimoto",
    "ProtocolName": "mbep2d_MB4_TR1.5_2mm_PF6_410",
    "ReceiveCoilName": "32Ch_Head",
    "RepetitionTime": 1.5,
    "SAR": 0.149118,
    "ScanOptions": "PFP_FS",
    "ScanningSequence": "EP",
    "SequenceName": "epfid2d1_96",
    "SequenceVariant": "SK_SS",
    "SeriesDescription": "mbep2d_MB4_TR1.5_2mm_PF6_410",
    "SeriesNumber": 7,
    "ShimSetting": [
      -296,
      -10032,
      -3953,
      391,
      -75,
      -327,
      82,
      100
    ],
    "SliceThickness": 2,
    "SliceTiming": [
      0,
      0.79749999999,
      0.08749999999000001,
      0.88499999998,
      0.17749999999,
      0.97499999998,
      0.26499999998,
      1.0625,
      0.35499999998,
      1.1499999999900001,
      0.44249999998,
      1.2399999999900002,
      0.53,
      1.32749999998,
      0.62,
      1.41749999998,
      0.70749999999,
      0,
      0.79749999999,
      0.08749999999000001,
      0.88499999998,
      0.17749999999,
      0.97499999998,
      0.26499999998,
      1.0625,
      0.35499999998,
      1.1499999999900001,
      0.44249999998,
      1.2399999999900002,
      0.53,
      1.32749999998,
      0.62,
      1.41749999998,
      0.70749999999,
      0,
      0.79749999999,
      0.08749999999000001,
      0.88499999998,
      0.17749999999,
      0.97499999998,
      0.26499999998,
      1.0625,
      0.35499999998,
      1.1499999999900001,
      0.44249999998,
      1.2399999999900002,
      0.53,
      1.32749999998,
      0.62,
      1.41749999998,
      0.70749999999,
      0,
      0.79749999999,
      0.08749999999000001,
      0.88499999998,
      0.17749999999,
      0.97499999998,
      0.26499999998,
      1.0625,
      0.35499999998,
      1.1499999999900001,
      0.44249999998,
      1.2399999999900002,
      0.53,
      1.32749999998,
      0.62,
      1.41749999998,
      0.70749999999
    ],
    "SoftwareVersions": "syngo_MR_B17",
    "SpacingBetweenSlices": 2,
    "StationName": "MRC35466",
    "TaskName": "Training",
    "TxRefAmp": 350.231,
    "dataset": "ds003720",
    "modality": "bold",
    "run_id": 2,
    "subject_id": "002",
    "task_id": "Training"
  },
  "dummy_trs": 0,
  "dvars_nstd": 25.99312831726161,
  "dvars_std": 1.146204671393644,
  "dvars_vstd": 1.0068214406112466,
  "efc": 0.5347850480338149,
  "fber": 2838.952392578125,
  "fd_mean": 0.11150319960198007,
  "fd_num": 11,
  "fd_perc": 2.682926829268293,
  "fwhm_avg": 2.026598333333333,
  "fwhm_x": 1.945155,
  "fwhm_y": 2.09915,
  "fwhm_z": 2.03549,
  "gcor": 0.0269558,
  "gsr_x": 0.0009015113464556634,
  "gsr_y": 0.015363936312496662,
  "provenance": {
    "md5sum": "2b3e4a2473ecfea5a6cd97908dac7cd4",
    "settings": {
      "fd_thres": 0.2,
      "testing": false
    },
    "software": "mriqc",
    "version": "22.0.6",
    "webapi_port": null,
    "webapi_url": "https://mriqc.nimh.nih.gov/api/v1"
  },
  "size_t": 410,
  "size_x": 96,
  "size_y": 96,
  "size_z": 68,
  "snr": 5.648259148656945,
  "spacing_tr": 1.5,
  "spacing_x": 2.0,
  "spacing_y": 2.0,
  "spacing_z": 2.0,
  "summary_bg_k": 26.43931598292268,
  "summary_bg_mad": 8.186857097491234,
  "summary_bg_mean": 29.226938247680664,
  "summary_bg_median": 10.790244102478027,
  "summary_bg_n": 400845.0,
  "summary_bg_p05": 4.309756278991699,
  "summary_bg_p95": 113.57853851318347,
  "summary_bg_stdv": 51.909873962402344,
  "summary_fg_k": 2.9167003677788657,
  "summary_fg_mad": 86.17172940773496,
  "summary_fg_mean": 594.121826171875,
  "summary_fg_median": 584.5878295898438,
  "summary_fg_n": 139169.0,
  "summary_fg_p05": 453.63511962890624,
  "summary_fg_p95": 770.5351196289063,
  "summary_fg_stdv": 103.4983901977539,
  "tsnr": 58.152105920016766
}