{
  "aor": 0.0008538780487804879,
  "aqi": 0.010000405634146343,
  "bids_meta": {
    "AcquisitionNumber": 1,
    "AcquisitionTime": "16:25:35.420000",
    "BaseResolution": 96,
    "DeviceSerialNumber": "35466",
    "EchoTime": 0.03,
    "EffectiveEchoSpacing": 0.000691085003455425,
    "FlipAngle": 62,
    "ImageComments": "Unaliased_MB4_PE3_(remote)",
    "ImageType": [
      "ORIGINAL",
      "PRIMARY",
      "M",
      "MB",
      "ND",
      "NORM",
      "MOSAIC"
    ],
    "InstitutionAddress": "Street_StreetNo_District_JP_ZIP",
    "InstitutionName": "Center_for_Information_and_Neural_Networks",
    "InstitutionalDepartmentName": "Department",
    "MRAcquisitionType": "2D",
    "MagneticFieldStrength": 3,
    "Manufacturer": "Siemens",
    "ManufacturersModelName": "TrioTim",
    "Modality": "MR",
    "PartialFourier": 0.75,
    "PatientPosition": "HFS",
    "PhaseEncodingDirection": "j-",
    "PhaseResolution": 1,
    "ProcedureStepDescription": "NICT_Nishimoto",
    "ProtocolName": "mbep2d_MB4_TR1.5_2mm_PF6_410",
    "ReceiveCoilName": "32Ch_Head",
    "RepetitionTime": 1.5,
    "SAR": 0.164119,
    "ScanOptions": "PFP_FS",
    "ScanningSequence": "EP",
    "SequenceName": "epfid2d1_96",
    "SequenceVariant": "SK_SS",
    "SeriesDescription": "mbep2d_MB4_TR1.5_2mm_PF6_410",
    "SeriesNumber": 9,
    "ShimSetting": [
      -293,
      -10082,
      -3923,
      449,
      -62,
      -280,
      156,
      71
    ],
    "SliceThickness": 2,
    "SliceTiming": [
      0,
      0.79749999999,
      0.08749999999000001,
      0.88499999998,
      0.17749999999,
      0.97499999998,
      0.26499999998,
      1.0625,
      0.35499999998,
      1.1499999999900001,
      0.44249999998,
      1.2399999999900002,
      0.53,
      1.32749999998,
      0.62,
      1.41749999998,
      0.70749999999,
      0,
      0.79749999999,
      0.08749999999000001,
      0.88499999998,
      0.17749999999,
      0.97499999998,
      0.26499999998,
      1.0625,
      0.35499999998,
      1.1499999999900001,
      0.44249999998,
      1.2399999999900002,
      0.53,
      1.32749999998,
      0.62,
      1.41749999998,
      0.70749999999,
      0,
      0.79749999999,
      0.08749999999000001,
      0.88499999998,
      0.17749999999,
      0.97499999998,
      0.26499999998,
      1.0625,
      0.35499999998,
      1.1499999999900001,
      0.44249999998,
      1.2399999999900002,
      0.53,
      1.32749999998,
      0.62,
      1.41749999998,
      0.70749999999,
      0,
      0.79749999999,
      0.08749999999000001,
      0.88499999998,
      0.17749999999,
      0.97499999998,
      0.26499999998,
      1.0625,
      0.35499999998,
      1.1499999999900001,
      0.44249999998,
      1.2399999999900002,
      0.53,
      1.32749999998,
      0.62,
      1.41749999998,
      0.70749999999
    ],
    "SoftwareVersions": "syngo_MR_B17",
    "SpacingBetweenSlices": 2,
    "StationName": "MRC35466",
    "TaskName": "Training",
    "TxRefAmp": 351.6,
    "dataset": "ds003720",
    "modality": "bold",
    "run_id": 11,
    "subject_id": "002",
    "task_id": "Training"
  },
  "dummy_trs": 0,
  "dvars_nstd": 27.736612408655247,
  "dvars_std": 1.1705437654278723,
  "dvars_vstd": 1.0037406107334976,
  "efc": 0.5417590602635447,
  "fber": 2600.584228515625,
  "fd_mean": 0.1436490415947806,
  "fd_num": 91,
  "fd_perc": 22.195121951219512,
  "fwhm_avg": 2.036915,
  "fwhm_x": 1.94137,
  "fwhm_y": 2.16108,
  "fwhm_z": 2.008295,
  "gcor": 0.00592292,
  "gsr_x": 0.0018245925894007087,
  "gsr_y": 0.011979226022958755,
  "provenance": {
    "md5sum": "a07a6436f3ca76bc36e827ab9eedd1c1",
    "settings": {
      "fd_thres": 0.2,
      "testing": false
    },
    "software": "mriqc",
    "version": "22.0.6",
    "webapi_port": null,
    "webapi_url": "https://mriqc.nimh.nih.gov/api/v1"
  },
  "size_t": 410,
  "size_x": 96,
  "size_y": 96,
  "size_z": 68,
  "snr": 5.685108321812089,
  "spacing_tr": 1.5,
  "spacing_x": 2.0,
  "spacing_y": 2.0,
  "spacing_z": 2.0,
  "summary_bg_k": 24.244946448598284,
  "summary_bg_mad": 8.555701369755516,
  "summary_bg_mean": 29.75684356689453,
  "summary_bg_median": 10.743902206420898,
  "summary_bg_n": 398728.0,
  "summary_bg_p05": 4.058536529541016,
  "summary_bg_p95": 118.16012077331534,
  "summary_bg_stdv": 51.39253616333008,
  "summary_fg_k": 2.8282152217176213,
  "summary_fg_mad": 82.99857697889479,
  "summary_fg_mean": 565.236572265625,
  "summary_fg_median": 555.720703125,
  "summary_fg_n": 140910.0,
  "summary_fg_p05": 435.5106201171875,
  "summary_fg_p95": 733.03173828125,
  "summary_fg_stdv": 97.74989318847656,
  "tsnr": 53.28585653146729
}