{
  "aor": 0.0005027560975609757,
  "aqi": 0.008350943146341463,
  "bids_meta": {
    "AcquisitionNumber": 1,
    "AcquisitionTime": "16:01:5.267500",
    "BaseResolution": 96,
    "DeviceSerialNumber": "35466",
    "EchoTime": 0.03,
    "EffectiveEchoSpacing": 0.000691085003455425,
    "FlipAngle": 62,
    "ImageComments": "Unaliased_MB4_PE3_(remote)",
    "ImageType": [
      "ORIGINAL",
      "PRIMARY",
      "M",
      "MB",
      "ND",
      "NORM",
      "MOSAIC"
    ],
    "InstitutionAddress": "Street_StreetNo_District_JP_ZIP",
    "InstitutionName": "Center_for_Information_and_Neural_Networks",
    "InstitutionalDepartmentName": "Department",
    "MRAcquisitionType": "2D",
    "MagneticFieldStrength": 3,
    "Manufacturer": "Siemens",
    "ManufacturersModelName": "TrioTim",
    "Modality": "MR",
    "PartialFourier": 0.75,
    "PatientPosition": "HFS",
    "PhaseEncodingDirection": "j-",
    "PhaseResolution": 1,
    "ProcedureStepDescription": "NICT_Nishimoto",
    "ProtocolName": "mbep2d_MB4_TR1.5_2mm_PF6_410",
    "ReceiveCoilName": "32Ch_Head",
    "RepetitionTime": 1.5,
    "SAR": 0.165001,
    "ScanOptions": "PFP_FS",
    "ScanningSequence": "EP",
    "SequenceName": "epfid2d1_96",
    "SequenceVariant": "SK_SS",
    "SeriesDescription": "mbep2d_MB4_TR1.5_2mm_PF6_410",
    "SeriesNumber": 7,
    "ShimSetting": [
      -293,
      -10082,
      -3923,
      449,
      -62,
      -280,
      156,
      71
    ],
    "SliceThickness": 2,
    "SliceTiming": [
      0,
      0.79749999999,
      0.08749999999000001,
      0.88499999998,
      0.17749999999,
      0.97499999998,
      0.26499999998,
      1.0625,
      0.35499999998,
      1.1499999999900001,
      0.44249999998,
      1.2399999999900002,
      0.53,
      1.32749999998,
      0.62,
      1.41749999998,
      0.70749999999,
      0,
      0.79749999999,
      0.08749999999000001,
      0.88499999998,
      0.17749999999,
      0.97499999998,
      0.26499999998,
      1.0625,
      0.35499999998,
      1.1499999999900001,
      0.44249999998,
      1.2399999999900002,
      0.53,
      1.32749999998,
      0.62,
      1.41749999998,
      0.70749999999,
      0,
      0.79749999999,
      0.08749999999000001,
      0.88499999998,
      0.17749999999,
      0.97499999998,
      0.26499999998,
      1.0625,
      0.35499999998,
      1.1499999999900001,
      0.44249999998,
      1.2399999999900002,
      0.53,
      1.32749999998,
      0.62,
      1.41749999998,
      0.70749999999,
      0,
      0.79749999999,
      0.08749999999000001,
      0.88499999998,
      0.17749999999,
      0.97499999998,
      0.26499999998,
      1.0625,
      0.35499999998,
      1.1499999999900001,
      0.44249999998,
      1.2399999999900002,
      0.53,
      1.32749999998,
      0.62,
      1.41749999998,
      0.70749999999
    ],
    "SoftwareVersions": "syngo_MR_B17",
    "SpacingBetweenSlices": 2,
    "StationName": "MRC35466",
    "TaskName": "Training",
    "TxRefAmp": 351.6,
    "dataset": "ds003720",
    "modality": "bold",
    "run_id": 10,
    "subject_id": "002",
    "task_id": "Training"
  },
  "dummy_trs": 0,
  "dvars_nstd": 27.47276298669929,
  "dvars_std": 1.1583499217603905,
  "dvars_vstd": 0.9935264081418088,
  "efc": 0.5393265081627684,
  "fber": 2658.276611328125,
  "fd_mean": 0.14539328744533697,
  "fd_num": 119,
  "fd_perc": 29.024390243902438,
  "fwhm_avg": 2.0350800000000002,
  "fwhm_x": 1.941455,
  "fwhm_y": 2.149,
  "fwhm_z": 2.014785,
  "gcor": 0.00967883,
  "gsr_x": 0.001289372448809445,
  "gsr_y": 0.01190371997654438,
  "provenance": {
    "md5sum": "bffa9087788c4bbc04c31ec57a7e3b51",
    "settings": {
      "fd_thres": 0.2,
      "testing": false
    },
    "software": "mriqc",
    "version": "22.0.6",
    "webapi_port": null,
    "webapi_url": "https://mriqc.nimh.nih.gov/api/v1"
  },
  "size_t": 410,
  "size_x": 96,
  "size_y": 96,
  "size_z": 68,
  "snr": 5.6367982724821335,
  "spacing_tr": 1.5,
  "spacing_x": 2.0,
  "spacing_y": 2.0,
  "spacing_z": 2.0,
  "summary_bg_k": 24.97293443406694,
  "summary_bg_mad": 8.2483307893887,
  "summary_bg_mean": 28.95821762084961,
  "summary_bg_median": 10.612195014953613,
  "summary_bg_n": 399329.0,
  "summary_bg_p05": 4.153658390045166,
  "summary_bg_p95": 114.89024353027344,
  "summary_bg_stdv": 50.08530807495117,
  "summary_fg_k": 2.8191138281555927,
  "summary_fg_mad": 84.2660371823554,
  "summary_fg_mean": 565.8903198242188,
  "summary_fg_median": 556.032958984375,
  "summary_fg_n": 140506.0,
  "summary_fg_p05": 434.6493835449219,
  "summary_fg_p95": 735.8390502929688,
  "summary_fg_stdv": 98.64305114746094,
  "tsnr": 57.697512006852776
}