{
  "aor": 0.0046845365853658534,
  "aqi": 0.012394074707317073,
  "bids_meta": {
    "AcquisitionNumber": 1,
    "AcquisitionTime": "10:58:0.440000",
    "BaseResolution": 96,
    "DeviceSerialNumber": "35466",
    "EchoTime": 0.03,
    "EffectiveEchoSpacing": 0.000691085003455425,
    "FlipAngle": 62,
    "ImageComments": "Unaliased_MB4_PE3_(remote)",
    "ImageType": [
      "ORIGINAL",
      "PRIMARY",
      "M",
      "MB",
      "ND",
      "NORM",
      "MOSAIC"
    ],
    "InstitutionAddress": "Street_StreetNo_District_JP_ZIP",
    "InstitutionName": "Center_for_Information_and_Neural_Networks",
    "InstitutionalDepartmentName": "Department",
    "MRAcquisitionType": "2D",
    "MagneticFieldStrength": 3,
    "Manufacturer": "Siemens",
    "ManufacturersModelName": "TrioTim",
    "Modality": "MR",
    "PartialFourier": 0.75,
    "PatientPosition": "HFS",
    "PhaseEncodingDirection": "j-",
    "PhaseResolution": 1,
    "ProcedureStepDescription": "NICT_Nishimoto",
    "ProtocolName": "mbep2d_MB4_TR1.5_2mm_PF6_410",
    "ReceiveCoilName": "32Ch_Head",
    "RepetitionTime": 1.5,
    "SAR": 0.151714,
    "ScanOptions": "PFP_FS",
    "ScanningSequence": "EP",
    "SequenceName": "epfid2d1_96",
    "SequenceVariant": "SK_SS",
    "SeriesDescription": "mbep2d_MB4_TR1.5_2mm_PF6_410",
    "SeriesNumber": 7,
    "ShimSetting": [
      -289,
      -10078,
      -3955,
      459,
      -6,
      -326,
      233,
      42
    ],
    "SliceThickness": 2,
    "SliceTiming": [
      0,
      0.79749999999,
      0.08749999999000001,
      0.88499999998,
      0.17749999999,
      0.97499999998,
      0.26499999998,
      1.0625,
      0.35499999998,
      1.1499999999900001,
      0.44249999998,
      1.2399999999900002,
      0.53,
      1.32749999998,
      0.62,
      1.41749999998,
      0.70749999999,
      0,
      0.79749999999,
      0.08749999999000001,
      0.88499999998,
      0.17749999999,
      0.97499999998,
      0.26499999998,
      1.0625,
      0.35499999998,
      1.1499999999900001,
      0.44249999998,
      1.2399999999900002,
      0.53,
      1.32749999998,
      0.62,
      1.41749999998,
      0.70749999999,
      0,
      0.79749999999,
      0.08749999999000001,
      0.88499999998,
      0.17749999999,
      0.97499999998,
      0.26499999998,
      1.0625,
      0.35499999998,
      1.1499999999900001,
      0.44249999998,
      1.2399999999900002,
      0.53,
      1.32749999998,
      0.62,
      1.41749999998,
      0.70749999999,
      0,
      0.79749999999,
      0.08749999999000001,
      0.88499999998,
      0.17749999999,
      0.97499999998,
      0.26499999998,
      1.0625,
      0.35499999998,
      1.1499999999900001,
      0.44249999998,
      1.2399999999900002,
      0.53,
      1.32749999998,
      0.62,
      1.41749999998,
      0.70749999999
    ],
    "SoftwareVersions": "syngo_MR_B17",
    "SpacingBetweenSlices": 2,
    "StationName": "MRC35466",
    "TaskName": "Training",
    "TxRefAmp": 346.638,
    "dataset": "ds003720",
    "modality": "bold",
    "run_id": 6,
    "subject_id": "002",
    "task_id": "Training"
  },
  "dummy_trs": 0,
  "dvars_nstd": 27.94950235733497,
  "dvars_std": 1.2191520816625914,
  "dvars_vstd": 1.050009275867972,
  "efc": 0.541690348279542,
  "fber": 2658.8681640625,
  "fd_mean": 0.1367974356259129,
  "fd_num": 79,
  "fd_perc": 19.26829268292683,
  "fwhm_avg": 2.1259400000000004,
  "fwhm_x": 2.03064,
  "fwhm_y": 2.212915,
  "fwhm_z": 2.134265,
  "gcor": 0.0133589,
  "gsr_x": 0.0009086436475627124,
  "gsr_y": 0.013010125607252121,
  "provenance": {
    "md5sum": "2eaa92bcf310329dbe1b6c525f03a723",
    "settings": {
      "fd_thres": 0.2,
      "testing": false
    },
    "software": "mriqc",
    "version": "22.0.6",
    "webapi_port": null,
    "webapi_url": "https://mriqc.nimh.nih.gov/api/v1"
  },
  "size_t": 410,
  "size_x": 96,
  "size_y": 96,
  "size_z": 68,
  "snr": 5.733900779274336,
  "spacing_tr": 1.5,
  "spacing_x": 2.0,
  "spacing_y": 2.0,
  "spacing_z": 2.0,
  "summary_bg_k": 21.398983047745915,
  "summary_bg_mad": 9.210213969567702,
  "summary_bg_mean": 32.7301025390625,
  "summary_bg_median": 11.709755897521973,
  "summary_bg_n": 398872.0,
  "summary_bg_p05": 4.448780536651611,
  "summary_bg_p95": 132.17780380249002,
  "summary_bg_stdv": 55.96508026123047,
  "summary_fg_k": 2.4867890337645875,
  "summary_fg_mad": 92.2503623072647,
  "summary_fg_mean": 623.1278686523438,
  "summary_fg_median": 612.1609497070312,
  "summary_fg_n": 141317.0,
  "summary_fg_p05": 478.7751159667969,
  "summary_fg_p95": 808.5009765624999,
  "summary_fg_stdv": 106.76131439208984,
  "tsnr": 49.49932120088488
}