{
  "aor": 0.00203590243902439,
  "aqi": 0.01105109575609756,
  "bids_meta": {
    "AcquisitionNumber": 1,
    "AcquisitionTime": "11:12:51.540000",
    "BaseResolution": 96,
    "DeviceSerialNumber": "35466",
    "EchoTime": 0.03,
    "EffectiveEchoSpacing": 0.000691085003455425,
    "FlipAngle": 62,
    "ImageComments": "Unaliased_MB4_PE3_(remote)",
    "ImageType": [
      "ORIGINAL",
      "PRIMARY",
      "M",
      "MB",
      "ND",
      "NORM",
      "MOSAIC"
    ],
    "InstitutionAddress": "Street_StreetNo_District_JP_ZIP",
    "InstitutionName": "Center_for_Information_and_Neural_Networks",
    "InstitutionalDepartmentName": "Department",
    "MRAcquisitionType": "2D",
    "MagneticFieldStrength": 3,
    "Manufacturer": "Siemens",
    "ManufacturersModelName": "TrioTim",
    "Modality": "MR",
    "PartialFourier": 0.75,
    "PatientPosition": "HFS",
    "PhaseEncodingDirection": "j-",
    "PhaseResolution": 1,
    "ProcedureStepDescription": "NICT_Nishimoto",
    "ProtocolName": "mbep2d_MB4_TR1.5_2mm_PF6_410",
    "ReceiveCoilName": "32Ch_Head",
    "RepetitionTime": 1.5,
    "SAR": 0.152495,
    "ScanOptions": "PFP_FS",
    "ScanningSequence": "EP",
    "SequenceName": "epfid2d1_96",
    "SequenceVariant": "SK_SS",
    "SeriesDescription": "mbep2d_MB4_TR1.5_2mm_PF6_410",
    "SeriesNumber": 8,
    "ShimSetting": [
      -289,
      -10078,
      -3955,
      459,
      -6,
      -326,
      233,
      42
    ],
    "SliceThickness": 2,
    "SliceTiming": [
      0,
      0.79749999999,
      0.08749999999000001,
      0.88499999998,
      0.17749999999,
      0.97499999998,
      0.26499999998,
      1.0625,
      0.35499999998,
      1.1499999999900001,
      0.44249999998,
      1.2399999999900002,
      0.53,
      1.32749999998,
      0.62,
      1.41749999998,
      0.70749999999,
      0,
      0.79749999999,
      0.08749999999000001,
      0.88499999998,
      0.17749999999,
      0.97499999998,
      0.26499999998,
      1.0625,
      0.35499999998,
      1.1499999999900001,
      0.44249999998,
      1.2399999999900002,
      0.53,
      1.32749999998,
      0.62,
      1.41749999998,
      0.70749999999,
      0,
      0.79749999999,
      0.08749999999000001,
      0.88499999998,
      0.17749999999,
      0.97499999998,
      0.26499999998,
      1.0625,
      0.35499999998,
      1.1499999999900001,
      0.44249999998,
      1.2399999999900002,
      0.53,
      1.32749999998,
      0.62,
      1.41749999998,
      0.70749999999,
      0,
      0.79749999999,
      0.08749999999000001,
      0.88499999998,
      0.17749999999,
      0.97499999998,
      0.26499999998,
      1.0625,
      0.35499999998,
      1.1499999999900001,
      0.44249999998,
      1.2399999999900002,
      0.53,
      1.32749999998,
      0.62,
      1.41749999998,
      0.70749999999
    ],
    "SoftwareVersions": "syngo_MR_B17",
    "SpacingBetweenSlices": 2,
    "StationName": "MRC35466",
    "TaskName": "Training",
    "TxRefAmp": 346.638,
    "dataset": "ds003720",
    "modality": "bold",
    "run_id": 7,
    "subject_id": "002",
    "task_id": "Training"
  },
  "dummy_trs": 0,
  "dvars_nstd": 27.017134603667476,
  "dvars_std": 1.1788633144254284,
  "dvars_vstd": 1.0079542379706607,
  "efc": 0.5422228083949846,
  "fber": 2611.052490234375,
  "fd_mean": 0.1307696566202551,
  "fd_num": 69,
  "fd_perc": 16.829268292682926,
  "fwhm_avg": 2.118185,
  "fwhm_x": 2.02361,
  "fwhm_y": 2.206115,
  "fwhm_z": 2.12483,
  "gcor": 0.0148162,
  "gsr_x": 0.001609153114259243,
  "gsr_y": 0.011309507302939892,
  "provenance": {
    "md5sum": "f4468cb65eeab37a5bd9a1a248d93756",
    "settings": {
      "fd_thres": 0.2,
      "testing": false
    },
    "software": "mriqc",
    "version": "22.0.6",
    "webapi_port": null,
    "webapi_url": "https://mriqc.nimh.nih.gov/api/v1"
  },
  "size_t": 410,
  "size_x": 96,
  "size_y": 96,
  "size_z": 68,
  "snr": 5.724386298666103,
  "spacing_tr": 1.5,
  "spacing_x": 2.0,
  "spacing_y": 2.0,
  "spacing_z": 2.0,
  "summary_bg_k": 22.390273869251605,
  "summary_bg_mad": 9.333161353362634,
  "summary_bg_mean": 32.89961242675781,
  "summary_bg_median": 11.792682647705078,
  "summary_bg_n": 398836.0,
  "summary_bg_p05": 4.443902492523193,
  "summary_bg_p95": 133.25914001464844,
  "summary_bg_stdv": 56.350868225097656,
  "summary_fg_k": 2.5565073598933195,
  "summary_fg_mad": 91.83998626594861,
  "summary_fg_mean": 622.9931640625,
  "summary_fg_median": 612.028076171875,
  "summary_fg_n": 141326.0,
  "summary_fg_p05": 478.57073974609375,
  "summary_fg_p95": 808.3121948242188,
  "summary_fg_stdv": 106.9155502319336,
  "tsnr": 53.12617052718997
}