{
  "aor": 0.0014486097560975609,
  "aqi": 0.011805456341463415,
  "bids_meta": {
    "AcquisitionNumber": 1,
    "AcquisitionTime": "11:38:34.350000",
    "BaseResolution": 96,
    "DeviceSerialNumber": "35466",
    "EchoTime": 0.03,
    "EffectiveEchoSpacing": 0.000691085003455425,
    "FlipAngle": 62,
    "ImageComments": "Unaliased_MB4_PE3_(remote)",
    "ImageType": [
      "ORIGINAL",
      "PRIMARY",
      "M",
      "MB",
      "ND",
      "NORM",
      "MOSAIC"
    ],
    "InstitutionAddress": "Street_StreetNo_District_JP_ZIP",
    "InstitutionName": "Center_for_Information_and_Neural_Networks",
    "InstitutionalDepartmentName": "Department",
    "MRAcquisitionType": "2D",
    "MagneticFieldStrength": 3,
    "Manufacturer": "Siemens",
    "ManufacturersModelName": "TrioTim",
    "Modality": "MR",
    "PartialFourier": 0.75,
    "PatientPosition": "HFS",
    "PhaseEncodingDirection": "j-",
    "PhaseResolution": 1,
    "ProcedureStepDescription": "NICT_Nishimoto",
    "ProtocolName": "mbep2d_MB4_TR1.5_2mm_PF6_410",
    "ReceiveCoilName": "32Ch_Head",
    "RepetitionTime": 1.5,
    "SAR": 0.155767,
    "ScanOptions": "PFP_FS",
    "ScanningSequence": "EP",
    "SequenceName": "epfid2d1_96",
    "SequenceVariant": "SK_SS",
    "SeriesDescription": "mbep2d_MB4_TR1.5_2mm_PF6_410",
    "SeriesNumber": 10,
    "ShimSetting": [
      -289,
      -10078,
      -3955,
      459,
      -6,
      -326,
      233,
      42
    ],
    "SliceThickness": 2,
    "SliceTiming": [
      0,
      0.79749999999,
      0.08749999999000001,
      0.88499999998,
      0.17749999999,
      0.97499999998,
      0.26499999998,
      1.0625,
      0.35499999998,
      1.1499999999900001,
      0.44249999998,
      1.2399999999900002,
      0.53,
      1.32749999998,
      0.62,
      1.41749999998,
      0.70749999999,
      0,
      0.79749999999,
      0.08749999999000001,
      0.88499999998,
      0.17749999999,
      0.97499999998,
      0.26499999998,
      1.0625,
      0.35499999998,
      1.1499999999900001,
      0.44249999998,
      1.2399999999900002,
      0.53,
      1.32749999998,
      0.62,
      1.41749999998,
      0.70749999999,
      0,
      0.79749999999,
      0.08749999999000001,
      0.88499999998,
      0.17749999999,
      0.97499999998,
      0.26499999998,
      1.0625,
      0.35499999998,
      1.1499999999900001,
      0.44249999998,
      1.2399999999900002,
      0.53,
      1.32749999998,
      0.62,
      1.41749999998,
      0.70749999999,
      0,
      0.79749999999,
      0.08749999999000001,
      0.88499999998,
      0.17749999999,
      0.97499999998,
      0.26499999998,
      1.0625,
      0.35499999998,
      1.1499999999900001,
      0.44249999998,
      1.2399999999900002,
      0.53,
      1.32749999998,
      0.62,
      1.41749999998,
      0.70749999999
    ],
    "SoftwareVersions": "syngo_MR_B17",
    "SpacingBetweenSlices": 2,
    "StationName": "MRC35466",
    "TaskName": "Training",
    "TxRefAmp": 346.638,
    "dataset": "ds003720",
    "modality": "bold",
    "run_id": 8,
    "subject_id": "002",
    "task_id": "Training"
  },
  "dummy_trs": 0,
  "dvars_nstd": 28.185813712738366,
  "dvars_std": 1.1906517705867967,
  "dvars_vstd": 1.0061176676039123,
  "efc": 0.5439127442920572,
  "fber": 2530.685791015625,
  "fd_mean": 0.1305635502194051,
  "fd_num": 50,
  "fd_perc": 12.195121951219512,
  "fwhm_avg": 2.123616666666667,
  "fwhm_x": 2.02854,
  "fwhm_y": 2.208735,
  "fwhm_z": 2.133575,
  "gcor": 0.0232028,
  "gsr_x": 0.0003859147254843265,
  "gsr_y": 0.012126640416681767,
  "provenance": {
    "md5sum": "dca38b9a799b4e22f4a2699bea5d8ade",
    "settings": {
      "fd_thres": 0.2,
      "testing": false
    },
    "software": "mriqc",
    "version": "22.0.6",
    "webapi_port": null,
    "webapi_url": "https://mriqc.nimh.nih.gov/api/v1"
  },
  "size_t": 410,
  "size_x": 96,
  "size_y": 96,
  "size_z": 68,
  "snr": 5.721006288518945,
  "spacing_tr": 1.5,
  "spacing_x": 2.0,
  "spacing_y": 2.0,
  "spacing_z": 2.0,
  "summary_bg_k": 20.111161906587057,
  "summary_bg_mad": 9.528431434585002,
  "summary_bg_mean": 33.53028106689453,
  "summary_bg_median": 11.97560977935791,
  "summary_bg_n": 398569.0,
  "summary_bg_p05": 4.531707286834717,
  "summary_bg_p95": 137.34829711914045,
  "summary_bg_stdv": 56.731143951416016,
  "summary_fg_k": 2.560334082469172,
  "summary_fg_mad": 92.02621645184244,
  "summary_fg_mean": 622.3626708984375,
  "summary_fg_median": 611.260986328125,
  "summary_fg_n": 141657.0,
  "summary_fg_p05": 478.4712219238281,
  "summary_fg_p95": 808.5863647460936,
  "summary_fg_stdv": 106.84463500976562,
  "tsnr": 51.49037758167833
}