{
  "aor": 0.00035556097560975617,
  "aqi": 0.015178226024390243,
  "bids_meta": {
    "AcquisitionNumber": 1,
    "AcquisitionTime": "10:30:10.742500",
    "BaseResolution": 96,
    "DeviceSerialNumber": "35466",
    "EchoTime": 0.03,
    "EffectiveEchoSpacing": 0.000691085003455425,
    "FlipAngle": 62,
    "ImageComments": "Unaliased_MB4_PE3_(remote)",
    "ImageType": [
      "ORIGINAL",
      "PRIMARY",
      "M",
      "MB",
      "ND",
      "NORM",
      "MOSAIC"
    ],
    "InstitutionAddress": "Street_StreetNo_District_JP_ZIP",
    "InstitutionName": "Center_for_Information_and_Neural_Networks",
    "InstitutionalDepartmentName": "Department",
    "MRAcquisitionType": "2D",
    "MagneticFieldStrength": 3,
    "Manufacturer": "Siemens",
    "ManufacturersModelName": "TrioTim",
    "Modality": "MR",
    "PartialFourier": 0.75,
    "PatientPosition": "HFS",
    "PhaseEncodingDirection": "j-",
    "PhaseResolution": 1,
    "ProcedureStepDescription": "NICT_Nishimoto",
    "ProtocolName": "mbep2d_MB4_TR1.5_2mm_PF6_410",
    "ReceiveCoilName": "32Ch_Head",
    "RepetitionTime": 1.5,
    "SAR": 0.145737,
    "ScanOptions": "PFP_FS",
    "ScanningSequence": "EP",
    "SequenceName": "epfid2d1_96",
    "SequenceVariant": "SK_SS",
    "SeriesDescription": "mbep2d_MB4_TR1.5_2mm_PF6_410",
    "SeriesNumber": 5,
    "ShimSetting": [
      -289,
      -10078,
      -3955,
      459,
      -6,
      -326,
      233,
      42
    ],
    "SliceThickness": 2,
    "SliceTiming": [
      0,
      0.79749999999,
      0.08749999999000001,
      0.88499999998,
      0.17749999999,
      0.97499999998,
      0.26499999998,
      1.0625,
      0.35499999998,
      1.1499999999900001,
      0.44249999998,
      1.2399999999900002,
      0.53,
      1.32749999998,
      0.62,
      1.41749999998,
      0.70749999999,
      0,
      0.79749999999,
      0.08749999999000001,
      0.88499999998,
      0.17749999999,
      0.97499999998,
      0.26499999998,
      1.0625,
      0.35499999998,
      1.1499999999900001,
      0.44249999998,
      1.2399999999900002,
      0.53,
      1.32749999998,
      0.62,
      1.41749999998,
      0.70749999999,
      0,
      0.79749999999,
      0.08749999999000001,
      0.88499999998,
      0.17749999999,
      0.97499999998,
      0.26499999998,
      1.0625,
      0.35499999998,
      1.1499999999900001,
      0.44249999998,
      1.2399999999900002,
      0.53,
      1.32749999998,
      0.62,
      1.41749999998,
      0.70749999999,
      0,
      0.79749999999,
      0.08749999999000001,
      0.88499999998,
      0.17749999999,
      0.97499999998,
      0.26499999998,
      1.0625,
      0.35499999998,
      1.1499999999900001,
      0.44249999998,
      1.2399999999900002,
      0.53,
      1.32749999998,
      0.62,
      1.41749999998,
      0.70749999999
    ],
    "SoftwareVersions": "syngo_MR_B17",
    "SpacingBetweenSlices": 2,
    "StationName": "MRC35466",
    "TaskName": "Training",
    "TxRefAmp": 346.638,
    "dataset": "ds003720",
    "modality": "bold",
    "run_id": 5,
    "subject_id": "002",
    "task_id": "Training"
  },
  "dummy_trs": 0,
  "dvars_nstd": 29.172354318215145,
  "dvars_std": 1.1384700299022013,
  "dvars_vstd": 0.9653623245476777,
  "efc": 0.5390564659068761,
  "fber": 2826.465576171875,
  "fd_mean": 0.14963415867879956,
  "fd_num": 78,
  "fd_perc": 19.024390243902438,
  "fwhm_avg": 2.1477733333333333,
  "fwhm_x": 2.053245,
  "fwhm_y": 2.244855,
  "fwhm_z": 2.14522,
  "gcor": 0.0248242,
  "gsr_x": 0.0026430501602590084,
  "gsr_y": 0.016308486461639404,
  "provenance": {
    "md5sum": "b4603b8b3319c07cab5c548fc62d5699",
    "settings": {
      "fd_thres": 0.2,
      "testing": false
    },
    "software": "mriqc",
    "version": "22.0.6",
    "webapi_port": null,
    "webapi_url": "https://mriqc.nimh.nih.gov/api/v1"
  },
  "size_t": 410,
  "size_x": 96,
  "size_y": 96,
  "size_z": 68,
  "snr": 5.753513846359609,
  "spacing_tr": 1.5,
  "spacing_x": 2.0,
  "spacing_y": 2.0,
  "spacing_z": 2.0,
  "summary_bg_k": 23.722704329507103,
  "summary_bg_mad": 8.96431849501801,
  "summary_bg_mean": 30.965116500854492,
  "summary_bg_median": 11.331707000732422,
  "summary_bg_n": 398164.0,
  "summary_bg_p05": 4.219511985778809,
  "summary_bg_p95": 120.30451202392572,
  "summary_bg_stdv": 53.870479583740234,
  "summary_fg_k": 2.3930274828379536,
  "summary_fg_mad": 91.94305535328246,
  "summary_fg_mean": 619.6197509765625,
  "summary_fg_median": 609.00732421875,
  "summary_fg_n": 141613.0,
  "summary_fg_p05": 473.9609802246094,
  "summary_fg_p95": 802.2819580078125,
  "summary_fg_stdv": 105.84925842285156,
  "tsnr": 45.26279084989801
}