{
  "aor": 0.0019103170731707313,
  "aqi": 0.010499637121951219,
  "bids_meta": {
    "AcquisitionNumber": 1,
    "AcquisitionTime": "15:43:4.265000",
    "BaseResolution": 96,
    "DeviceSerialNumber": "35466",
    "EchoTime": 0.03,
    "EffectiveEchoSpacing": 0.000691085003455425,
    "FlipAngle": 62,
    "ImageComments": "Unaliased_MB4_PE3_(remote)",
    "ImageType": [
      "ORIGINAL",
      "PRIMARY",
      "M",
      "MB",
      "ND",
      "NORM",
      "MOSAIC"
    ],
    "InstitutionAddress": "Street_StreetNo_District_JP_ZIP",
    "InstitutionName": "Center_for_Information_and_Neural_Networks",
    "InstitutionalDepartmentName": "Department",
    "MRAcquisitionType": "2D",
    "MagneticFieldStrength": 3,
    "Manufacturer": "Siemens",
    "ManufacturersModelName": "TrioTim",
    "Modality": "MR",
    "PartialFourier": 0.75,
    "PatientPosition": "HFS",
    "PhaseEncodingDirection": "j-",
    "PhaseResolution": 1,
    "ProcedureStepDescription": "NICT_Nishimoto",
    "ProtocolName": "mbep2d_MB4_TR1.5_2mm_PF6_410",
    "ReceiveCoilName": "32Ch_Head",
    "RepetitionTime": 1.5,
    "SAR": 0.164273,
    "ScanOptions": "PFP_FS",
    "ScanningSequence": "EP",
    "SequenceName": "epfid2d1_96",
    "SequenceVariant": "SK_SS",
    "SeriesDescription": "mbep2d_MB4_TR1.5_2mm_PF6_410",
    "SeriesNumber": 6,
    "ShimSetting": [
      -293,
      -10082,
      -3923,
      449,
      -62,
      -280,
      156,
      71
    ],
    "SliceThickness": 2,
    "SliceTiming": [
      0,
      0.79749999999,
      0.08749999999000001,
      0.88499999998,
      0.17749999999,
      0.97499999998,
      0.26499999998,
      1.0625,
      0.35499999998,
      1.1499999999900001,
      0.44249999998,
      1.2399999999900002,
      0.53,
      1.32749999998,
      0.62,
      1.41749999998,
      0.70749999999,
      0,
      0.79749999999,
      0.08749999999000001,
      0.88499999998,
      0.17749999999,
      0.97499999998,
      0.26499999998,
      1.0625,
      0.35499999998,
      1.1499999999900001,
      0.44249999998,
      1.2399999999900002,
      0.53,
      1.32749999998,
      0.62,
      1.41749999998,
      0.70749999999,
      0,
      0.79749999999,
      0.08749999999000001,
      0.88499999998,
      0.17749999999,
      0.97499999998,
      0.26499999998,
      1.0625,
      0.35499999998,
      1.1499999999900001,
      0.44249999998,
      1.2399999999900002,
      0.53,
      1.32749999998,
      0.62,
      1.41749999998,
      0.70749999999,
      0,
      0.79749999999,
      0.08749999999000001,
      0.88499999998,
      0.17749999999,
      0.97499999998,
      0.26499999998,
      1.0625,
      0.35499999998,
      1.1499999999900001,
      0.44249999998,
      1.2399999999900002,
      0.53,
      1.32749999998,
      0.62,
      1.41749999998,
      0.70749999999
    ],
    "SoftwareVersions": "syngo_MR_B17",
    "SpacingBetweenSlices": 2,
    "StationName": "MRC35466",
    "TaskName": "Training",
    "TxRefAmp": 351.6,
    "dataset": "ds003720",
    "modality": "bold",
    "run_id": 9,
    "subject_id": "002",
    "task_id": "Training"
  },
  "dummy_trs": 0,
  "dvars_nstd": 28.744821515745723,
  "dvars_std": 1.200158169853301,
  "dvars_vstd": 1.0178002047188266,
  "efc": 0.5384541385958638,
  "fber": 2832.131103515625,
  "fd_mean": 0.13131343854560276,
  "fd_num": 61,
  "fd_perc": 14.878048780487806,
  "fwhm_avg": 2.0483766666666665,
  "fwhm_x": 1.952535,
  "fwhm_y": 2.15832,
  "fwhm_z": 2.034275,
  "gcor": 0.0293808,
  "gsr_x": 0.00029679734143428504,
  "gsr_y": 0.01617405004799366,
  "provenance": {
    "md5sum": "5a54b1948eb9938950be956e54fc7fbe",
    "settings": {
      "fd_thres": 0.2,
      "testing": false
    },
    "software": "mriqc",
    "version": "22.0.6",
    "webapi_port": null,
    "webapi_url": "https://mriqc.nimh.nih.gov/api/v1"
  },
  "size_t": 410,
  "size_x": 96,
  "size_y": 96,
  "size_z": 68,
  "snr": 5.661513067998073,
  "spacing_tr": 1.5,
  "spacing_x": 2.0,
  "spacing_y": 2.0,
  "spacing_z": 2.0,
  "summary_bg_k": 24.941517795478152,
  "summary_bg_mad": 7.951809921511682,
  "summary_bg_mean": 28.448734283447266,
  "summary_bg_median": 10.321950912475586,
  "summary_bg_n": 398773.0,
  "summary_bg_p05": 4.129268169403076,
  "summary_bg_p95": 111.88780212402344,
  "summary_bg_stdv": 49.81456756591797,
  "summary_fg_k": 2.7640341473959733,
  "summary_fg_mad": 84.33838462337684,
  "summary_fg_mean": 567.2904052734375,
  "summary_fg_median": 557.229248046875,
  "summary_fg_n": 140911.0,
  "summary_fg_p05": 436.2878112792969,
  "summary_fg_p95": 737.0304870605469,
  "summary_fg_stdv": 98.42373657226562,
  "tsnr": 53.07140334392898
}