{
  "bids_meta": {
    "AcquisitionMatrixPE": 256,
    "AcquisitionNumber": 1,
    "AcquisitionTime": "16:09:32.277500",
    "BaseResolution": 256,
    "ConversionSoftware": "dcm2niix",
    "ConversionSoftwareVersion": "v1.0.20180918  GCC4.8.4",
    "DeviceSerialNumber": "35466",
    "DwellTime": 9.8e-06,
    "EchoTime": 0.00326,
    "FlipAngle": 9,
    "ImageOrientationPatientDICOM": [
      0,
      1,
      0,
      0,
      0,
      -1
    ],
    "ImageType": [
      "ORIGINAL",
      "PRIMARY",
      "M",
      "ND",
      "NORM"
    ],
    "InPlanePhaseEncodingDirectionDICOM": "ROW",
    "InstitutionAddress": "Street_StreetNo_E019A3_District_JP_ZIP",
    "InstitutionName": "Center_for_Information_and_Neural_Networks",
    "InstitutionalDepartmentName": "Department",
    "InversionTime": 1.2,
    "MRAcquisitionType": "3D",
    "MagneticFieldStrength": 3,
    "Manufacturer": "Siemens",
    "ManufacturersModelName": "TrioTim",
    "Modality": "MR",
    "ParallelReductionFactorInPlane": 2,
    "PartialFourier": 1,
    "PatientPosition": "HFS",
    "PercentPhaseFOV": 100,
    "PhaseEncodingSteps": 255,
    "PhaseResolution": 1,
    "PixelBandwidth": 199,
    "ProcedureStepDescription": "NICT_Nishimoto",
    "ProtocolName": "t1_mpr_sag_p2_iso_1.0mm_SN",
    "PulseSequenceDetails": "%SiemensSeq%_tfl",
    "ReceiveCoilName": "32Ch_Head",
    "ReconMatrixPE": 256,
    "RepetitionTime": 2.53,
    "SAR": 0.0955238,
    "ScanOptions": "IR",
    "ScanningSequence": "GR_IR",
    "SequenceName": "_tfl3d1rr_ns",
    "SequenceVariant": "SP_MP",
    "SeriesDescription": "t1_mpr_sag_p2_iso_1.0mm_SN",
    "SeriesNumber": 17,
    "ShimSetting": [
      -343,
      -10448,
      -4102,
      379,
      -162,
      -738,
      80,
      206
    ],
    "SliceThickness": 1,
    "SoftwareVersions": "syngo_MR_B17",
    "StationName": "MRC35466",
    "TxRefAmp": 325.698,
    "dataset": "ds003720",
    "modality": "T1w",
    "subject_id": "002"
  },
  "cjv": 0.3778320007223648,
  "cnr": 3.569903167329442,
  "efc": 0.4147187631683564,
  "fber": 86608.32823181308,
  "fwhm_avg": 4.206873333333333,
  "fwhm_x": 4.25215,
  "fwhm_y": 4.12058,
  "fwhm_z": 4.24789,
  "icvs_csf": 0.21374995803197622,
  "icvs_gm": 0.4211720731722848,
  "icvs_wm": 0.365077968795739,
  "inu_med": 0.3106880486011505,
  "inu_range": 0.07363196909427638,
  "provenance": {
    "md5sum": "cebd7700889d9ee0a4ece80515a3c753",
    "settings": {
      "testing": false
    },
    "software": "mriqc",
    "version": "22.0.6",
    "warnings": {
      "large_rot_frame": true,
      "small_air_mask": false
    },
    "webapi_port": null,
    "webapi_url": "https://mriqc.nimh.nih.gov/api/v1"
  },
  "qi_1": 0.0,
  "qi_2": 0.012701976309745112,
  "rpve_csf": 32.271268409070906,
  "rpve_gm": 16.624232790541498,
  "rpve_wm": 22.069693768080317,
  "size_x": 208,
  "size_y": 256,
  "size_z": 256,
  "snr_csf": 3.0197284077123343,
  "snr_gm": 14.061620874055897,
  "snr_total": 15.20514228648914,
  "snr_wm": 28.53407757769919,
  "snrd_csf": 59.70155016197855,
  "snrd_gm": 158.46456622629125,
  "snrd_total": 141.4955123094119,
  "snrd_wm": 206.32042053996597,
  "spacing_x": 1.0,
  "spacing_y": 1.0,
  "spacing_z": 1.0,
  "summary_bg_k": 29.78139185934681,
  "summary_bg_mad": 0.0,
  "summary_bg_mean": 1.812444677042214,
  "summary_bg_median": 0.0,
  "summary_bg_n": 4877443.0,
  "summary_bg_p05": 0.0,
  "summary_bg_p95": 7.291738215833902,
  "summary_bg_stdv": 3.175480319465139,
  "summary_csf_k": 2.3085309107824097,
  "summary_csf_mad": 57.35135415133765,
  "summary_csf_mean": 298.26698216382204,
  "summary_csf_median": 289.3765291944146,
  "summary_csf_n": 47944.0,
  "summary_csf_p05": 130.6115410415456,
  "summary_csf_p95": 481.7098826336674,
  "summary_csf_stdv": 95.8276613817127,
  "summary_gm_k": 0.012995966534675052,
  "summary_gm_mad": 54.835645670484666,
  "summary_gm_mean": 768.0233547877546,
  "summary_gm_median": 768.0860220622271,
  "summary_gm_n": 26987.0,
  "summary_gm_p05": 678.7736939154565,
  "summary_gm_p95": 857.3845922123639,
  "summary_gm_stdv": 54.62185320900556,
  "summary_wm_k": 0.7719084960086628,
  "summary_wm_mad": 32.80619843274501,
  "summary_wm_mean": 1001.8704604456742,
  "summary_wm_median": 1000.0458453055471,
  "summary_wm_n": 193111.0,
  "summary_wm_p05": 948.0635480247438,
  "summary_wm_p95": 1062.2778500784189,
  "summary_wm_stdv": 35.04733080212196,
  "tpm_overlap_csf": 0.15250626843438966,
  "tpm_overlap_gm": 0.45877006757984023,
  "tpm_overlap_wm": 0.5153479628813279,
  "wm2max": 0.8042227549326941
}