{
  "aor": 0.0007273902439024391,
  "aqi": 0.00848082887804878,
  "bids_meta": {
    "AcquisitionNumber": 1,
    "AcquisitionTime": "14:21:58.580000",
    "BaseResolution": 96,
    "DeviceSerialNumber": "35466",
    "EchoTime": 0.03,
    "EffectiveEchoSpacing": 0.000691085003455425,
    "FlipAngle": 62,
    "ImageComments": "Unaliased_MB4_PE3_(remote)",
    "ImageType": [
      "ORIGINAL",
      "PRIMARY",
      "M",
      "MB",
      "ND",
      "NORM",
      "MOSAIC"
    ],
    "InstitutionAddress": "Street_StreetNo_B390A3_District_JP_ZIP",
    "InstitutionName": "Center_for_Information_and_Neural_Networks",
    "InstitutionalDepartmentName": "Department",
    "MRAcquisitionType": "2D",
    "MagneticFieldStrength": 3,
    "Manufacturer": "Siemens",
    "ManufacturersModelName": "TrioTim",
    "Modality": "MR",
    "PartialFourier": 0.75,
    "PatientPosition": "HFS",
    "PhaseEncodingDirection": "j-",
    "PhaseResolution": 1,
    "ProcedureStepDescription": "NICT_Nishimoto",
    "ProtocolName": "mbep2d_MB4_TR1.5_2mm_PF6_410",
    "ReceiveCoilName": "32Ch_Head",
    "RepetitionTime": 1.5,
    "SAR": 0.149723,
    "ScanOptions": "PFP_FS",
    "ScanningSequence": "EP",
    "SequenceName": "epfid2d1_96",
    "SequenceVariant": "SK_SS",
    "SeriesDescription": "mbep2d_MB4_TR1.5_2mm_PF6_410",
    "SeriesNumber": 9,
    "ShimSetting": [
      -296,
      -10032,
      -3953,
      391,
      -75,
      -327,
      82,
      100
    ],
    "SliceThickness": 2,
    "SliceTiming": [
      0,
      0.79749999999,
      0.08749999999000001,
      0.88499999998,
      0.17749999999,
      0.97499999998,
      0.26499999998,
      1.0625,
      0.35499999998,
      1.1499999999900001,
      0.44249999998,
      1.2399999999900002,
      0.53,
      1.32749999998,
      0.62,
      1.41749999998,
      0.70749999999,
      0,
      0.79749999999,
      0.08749999999000001,
      0.88499999998,
      0.17749999999,
      0.97499999998,
      0.26499999998,
      1.0625,
      0.35499999998,
      1.1499999999900001,
      0.44249999998,
      1.2399999999900002,
      0.53,
      1.32749999998,
      0.62,
      1.41749999998,
      0.70749999999,
      0,
      0.79749999999,
      0.08749999999000001,
      0.88499999998,
      0.17749999999,
      0.97499999998,
      0.26499999998,
      1.0625,
      0.35499999998,
      1.1499999999900001,
      0.44249999998,
      1.2399999999900002,
      0.53,
      1.32749999998,
      0.62,
      1.41749999998,
      0.70749999999,
      0,
      0.79749999999,
      0.08749999999000001,
      0.88499999998,
      0.17749999999,
      0.97499999998,
      0.26499999998,
      1.0625,
      0.35499999998,
      1.1499999999900001,
      0.44249999998,
      1.2399999999900002,
      0.53,
      1.32749999998,
      0.62,
      1.41749999998,
      0.70749999999
    ],
    "SoftwareVersions": "syngo_MR_B17",
    "SpacingBetweenSlices": 2,
    "StationName": "MRC35466",
    "TaskName": "Training",
    "TxRefAmp": 350.231,
    "dataset": "ds003720",
    "modality": "bold",
    "run_id": 3,
    "subject_id": "002",
    "task_id": "Training"
  },
  "dummy_trs": 0,
  "dvars_nstd": 25.62215375550122,
  "dvars_std": 1.1361106086063566,
  "dvars_vstd": 1.0066396051344753,
  "efc": 0.5357746022620717,
  "fber": 2791.809814453125,
  "fd_mean": 0.1255434242651882,
  "fd_num": 34,
  "fd_perc": 8.292682926829269,
  "fwhm_avg": 2.0264183333333334,
  "fwhm_x": 1.941565,
  "fwhm_y": 2.10137,
  "fwhm_z": 2.03632,
  "gcor": 0.0166582,
  "gsr_x": 0.000603539461735636,
  "gsr_y": 0.013560635037720203,
  "provenance": {
    "md5sum": "323ddba70fe08bb2a08b2c45dece0cf2",
    "settings": {
      "fd_thres": 0.2,
      "testing": false
    },
    "software": "mriqc",
    "version": "22.0.6",
    "webapi_port": null,
    "webapi_url": "https://mriqc.nimh.nih.gov/api/v1"
  },
  "size_t": 410,
  "size_x": 96,
  "size_y": 96,
  "size_z": 68,
  "snr": 5.64597414026679,
  "spacing_tr": 1.5,
  "spacing_x": 2.0,
  "spacing_y": 2.0,
  "spacing_z": 2.0,
  "summary_bg_k": 25.773761392258148,
  "summary_bg_mad": 8.497840949542116,
  "summary_bg_mean": 29.800704956054688,
  "summary_bg_median": 10.892683029174805,
  "summary_bg_n": 401199.0,
  "summary_bg_p05": 4.092682838439941,
  "summary_bg_p95": 117.26829528808594,
  "summary_bg_stdv": 52.66225051879883,
  "summary_fg_k": 2.9286000484665244,
  "summary_fg_mad": 86.02712501655014,
  "summary_fg_mean": 593.3243408203125,
  "summary_fg_median": 583.5585327148438,
  "summary_fg_n": 138931.0,
  "summary_fg_p05": 452.80975341796875,
  "summary_fg_p95": 769.3780517578125,
  "summary_fg_stdv": 103.35797119140625,
  "tsnr": 58.58902780758217
}