{
  "aor": 0.001136878048780488,
  "aqi": 0.008775422219512196,
  "bids_meta": {
    "AcquisitionNumber": 1,
    "AcquisitionTime": "16:36:57.267500",
    "BaseResolution": 96,
    "DeviceSerialNumber": "35466",
    "EchoTime": 0.03,
    "EffectiveEchoSpacing": 0.000691085003455425,
    "FlipAngle": 62,
    "ImageComments": "Unaliased_MB4_PE3_(remote)",
    "ImageType": [
      "ORIGINAL",
      "PRIMARY",
      "M",
      "MB",
      "ND",
      "NORM",
      "MOSAIC"
    ],
    "InstitutionAddress": "Street_StreetNo_District_JP_ZIP",
    "InstitutionName": "Center_for_Information_and_Neural_Networks",
    "InstitutionalDepartmentName": "Department",
    "MRAcquisitionType": "2D",
    "MagneticFieldStrength": 3,
    "Manufacturer": "Siemens",
    "ManufacturersModelName": "TrioTim",
    "Modality": "MR",
    "PartialFourier": 0.75,
    "PatientPosition": "HFS",
    "PhaseEncodingDirection": "j-",
    "PhaseResolution": 1,
    "ProcedureStepDescription": "NICT_Nishimoto",
    "ProtocolName": "mbep2d_MB4_TR1.5_2mm_PF6_410",
    "ReceiveCoilName": "32Ch_Head",
    "RepetitionTime": 1.5,
    "SAR": 0.167548,
    "ScanOptions": "PFP_FS",
    "ScanningSequence": "EP",
    "SequenceName": "epfid2d1_96",
    "SequenceVariant": "SK_SS",
    "SeriesDescription": "mbep2d_MB4_TR1.5_2mm_PF6_410",
    "SeriesNumber": 10,
    "ShimSetting": [
      -293,
      -10082,
      -3923,
      449,
      -62,
      -280,
      156,
      71
    ],
    "SliceThickness": 2,
    "SliceTiming": [
      0,
      0.79749999999,
      0.08749999999000001,
      0.88499999998,
      0.17749999999,
      0.97499999998,
      0.26499999998,
      1.0625,
      0.35499999998,
      1.1499999999900001,
      0.44249999998,
      1.2399999999900002,
      0.53,
      1.32749999998,
      0.62,
      1.41749999998,
      0.70749999999,
      0,
      0.79749999999,
      0.08749999999000001,
      0.88499999998,
      0.17749999999,
      0.97499999998,
      0.26499999998,
      1.0625,
      0.35499999998,
      1.1499999999900001,
      0.44249999998,
      1.2399999999900002,
      0.53,
      1.32749999998,
      0.62,
      1.41749999998,
      0.70749999999,
      0,
      0.79749999999,
      0.08749999999000001,
      0.88499999998,
      0.17749999999,
      0.97499999998,
      0.26499999998,
      1.0625,
      0.35499999998,
      1.1499999999900001,
      0.44249999998,
      1.2399999999900002,
      0.53,
      1.32749999998,
      0.62,
      1.41749999998,
      0.70749999999,
      0,
      0.79749999999,
      0.08749999999000001,
      0.88499999998,
      0.17749999999,
      0.97499999998,
      0.26499999998,
      1.0625,
      0.35499999998,
      1.1499999999900001,
      0.44249999998,
      1.2399999999900002,
      0.53,
      1.32749999998,
      0.62,
      1.41749999998,
      0.70749999999
    ],
    "SoftwareVersions": "syngo_MR_B17",
    "SpacingBetweenSlices": 2,
    "StationName": "MRC35466",
    "TaskName": "Training",
    "TxRefAmp": 351.6,
    "dataset": "ds003720",
    "modality": "bold",
    "run_id": 12,
    "subject_id": "002",
    "task_id": "Training"
  },
  "dummy_trs": 0,
  "dvars_nstd": 28.06717725711493,
  "dvars_std": 1.186975404254278,
  "dvars_vstd": 1.0094248408068458,
  "efc": 0.5427103076762412,
  "fber": 2566.86865234375,
  "fd_mean": 0.13340140023146796,
  "fd_num": 72,
  "fd_perc": 17.5609756097561,
  "fwhm_avg": 2.0277266666666667,
  "fwhm_x": 1.93471,
  "fwhm_y": 2.14499,
  "fwhm_z": 2.00348,
  "gcor": 0.0157847,
  "gsr_x": 0.001458464772440493,
  "gsr_y": 0.011605859734117985,
  "provenance": {
    "md5sum": "6444807445eb8fca01111f22e7b9f878",
    "settings": {
      "fd_thres": 0.2,
      "testing": false
    },
    "software": "mriqc",
    "version": "22.0.6",
    "webapi_port": null,
    "webapi_url": "https://mriqc.nimh.nih.gov/api/v1"
  },
  "size_t": 410,
  "size_x": 96,
  "size_y": 96,
  "size_z": 68,
  "snr": 5.723804487359278,
  "spacing_tr": 1.5,
  "spacing_x": 2.0,
  "spacing_y": 2.0,
  "spacing_z": 2.0,
  "summary_bg_k": 22.370421685911573,
  "summary_bg_mad": 8.432751865081098,
  "summary_bg_mean": 30.374021530151367,
  "summary_bg_median": 10.802438735961914,
  "summary_bg_n": 399003.0,
  "summary_bg_p05": 4.275609970092773,
  "summary_bg_p95": 122.51902770996077,
  "summary_bg_stdv": 52.49897384643555,
  "summary_fg_k": 2.7624956733125208,
  "summary_fg_mad": 83.166708993176,
  "summary_fg_mean": 566.1648559570312,
  "summary_fg_median": 556.8170776367188,
  "summary_fg_n": 140760.0,
  "summary_fg_p05": 436.5948791503906,
  "summary_fg_p95": 732.846435546875,
  "summary_fg_stdv": 97.28059387207031,
  "tsnr": 56.902235076297075
}