{
  "bids_meta": {
    "AcquisitionMatrixPE": 256,
    "AcquisitionNumber": 1,
    "AcquisitionTime": "11:02:39.670000",
    "BaseResolution": 256,
    "ConversionSoftware": "dcm2niix",
    "ConversionSoftwareVersion": "v1.0.20180918  GCC4.8.4",
    "DeviceSerialNumber": "35466",
    "DwellTime": 9.8e-06,
    "EchoTime": 0.00326,
    "FlipAngle": 9,
    "ImageOrientationPatientDICOM": [
      0.0191979,
      0.999816,
      3.73883e-08,
      0.00697861,
      -0.000133962,
      -0.999976
    ],
    "ImageType": [
      "ORIGINAL",
      "PRIMARY",
      "M",
      "ND",
      "NORM"
    ],
    "InPlanePhaseEncodingDirectionDICOM": "ROW",
    "InstitutionAddress": "Street_StreetNo_B390A3_District_JP_ZIP",
    "InstitutionName": "Center_for_Information_and_Neural_Networks",
    "InstitutionalDepartmentName": "Department",
    "InversionTime": 1.2,
    "MRAcquisitionType": "3D",
    "MagneticFieldStrength": 3,
    "Manufacturer": "Siemens",
    "ManufacturersModelName": "TrioTim",
    "Modality": "MR",
    "ParallelReductionFactorInPlane": 2,
    "PartialFourier": 1,
    "PatientPosition": "HFS",
    "PercentPhaseFOV": 100,
    "PhaseEncodingSteps": 255,
    "PhaseResolution": 1,
    "PixelBandwidth": 199,
    "ProcedureStepDescription": "NICT_Nishimoto",
    "ProtocolName": "t1_mpr_sag_p2_iso_1.0mm_SN",
    "PulseSequenceDetails": "%SiemensSeq%_tfl",
    "ReceiveCoilName": "32Ch_Head",
    "ReconMatrixPE": 256,
    "RepetitionTime": 2.53,
    "SAR": 0.0908142,
    "ScanOptions": "IR",
    "ScanningSequence": "GR_IR",
    "SequenceName": "_tfl3d1rr_ns",
    "SequenceVariant": "SP_MP",
    "SeriesDescription": "t1_mpr_sag_p2_iso_1.0mm_SN",
    "SeriesNumber": 8,
    "ShimSetting": [
      -299,
      -10137,
      -3987,
      77,
      90,
      -624,
      156,
      30
    ],
    "SliceThickness": 1,
    "SoftwareVersions": "syngo_MR_B17",
    "StationName": "MRC35466",
    "TxRefAmp": 346.638,
    "dataset": "ds003720",
    "modality": "T1w",
    "subject_id": "004"
  },
  "cjv": 0.3703388216115759,
  "cnr": 3.573883067371582,
  "efc": 0.44933709161089486,
  "fber": 70773.44369793066,
  "fwhm_avg": 4.010546528722031,
  "fwhm_x": 4.063819342209634,
  "fwhm_y": 3.87491,
  "fwhm_z": 4.092910243956461,
  "icvs_csf": 0.2101234499993611,
  "icvs_gm": 0.4273833107321939,
  "icvs_wm": 0.36249323926844507,
  "inu_med": 0.3600342124700546,
  "inu_range": 0.10041229724884032,
  "provenance": {
    "md5sum": "586017d554723797a7e281125d7bcc1d",
    "settings": {
      "testing": false
    },
    "software": "mriqc",
    "version": "22.0.6",
    "warnings": {
      "large_rot_frame": true,
      "small_air_mask": false
    },
    "webapi_port": null,
    "webapi_url": "https://mriqc.nimh.nih.gov/api/v1"
  },
  "qi_1": 0.0,
  "qi_2": 0.018441037798583436,
  "rpve_csf": 27.913921714810588,
  "rpve_gm": 14.04739077410356,
  "rpve_wm": 19.060333009613085,
  "size_x": 208,
  "size_y": 256,
  "size_z": 256,
  "snr_csf": 2.7019742481213687,
  "snr_gm": 14.308996530665953,
  "snr_total": 15.383951727727927,
  "snr_wm": 29.140884404396466,
  "snrd_csf": 62.49674440667253,
  "snrd_gm": 155.41732594579756,
  "snrd_total": 139.8021099819763,
  "snrd_wm": 201.4922595934588,
  "spacing_x": 1.0000026226043701,
  "spacing_y": 1.0,
  "spacing_z": 0.9999999403953552,
  "summary_bg_k": 22.891261623960162,
  "summary_bg_mad": 0.0,
  "summary_bg_mean": 2.181819284619493,
  "summary_bg_median": 0.0,
  "summary_bg_n": 4276022.0,
  "summary_bg_p05": 0.0,
  "summary_bg_p95": 7.778608545660973,
  "summary_bg_stdv": 3.2515610178092107,
  "summary_csf_k": 1.2437622190258057,
  "summary_csf_mad": 75.15188237366341,
  "summary_csf_mean": 317.3804798267101,
  "summary_csf_median": 310.1827006600797,
  "summary_csf_n": 46923.0,
  "summary_csf_p05": 90.91141888722777,
  "summary_csf_p95": 520.9252937775107,
  "summary_csf_stdv": 114.79731741603915,
  "summary_gm_k": 0.10935236887406097,
  "summary_gm_mad": 53.16393702487656,
  "summary_gm_mean": 769.600801466386,
  "summary_gm_median": 771.3644342422485,
  "summary_gm_n": 31200.0,
  "summary_gm_p05": 678.7893761372194,
  "summary_gm_p95": 856.138445507735,
  "summary_gm_stdv": 53.906790100938906,
  "summary_wm_k": 1.1672468514972403,
  "summary_wm_mad": 31.52450377815982,
  "summary_wm_mean": 1001.3477058572576,
  "summary_wm_median": 1000.042703602463,
  "summary_wm_n": 201664.0,
  "summary_wm_p05": 948.0072316005826,
  "summary_wm_p95": 1058.3608978912234,
  "summary_wm_stdv": 34.31742874526511,
  "tpm_overlap_csf": 0.15769795857351554,
  "tpm_overlap_gm": 0.4419456141190035,
  "tpm_overlap_wm": 0.48673789945366985,
  "wm2max": 0.815747729530915
}