{
  "aor": 0.0007485853658536584,
  "aqi": 0.010006065853658536,
  "bids_meta": {
    "AcquisitionNumber": 1,
    "AcquisitionTime": "17:49:32.685000",
    "BaseResolution": 96,
    "DeviceSerialNumber": "35466",
    "EchoTime": 0.03,
    "EffectiveEchoSpacing": 0.000691085003455425,
    "FlipAngle": 62,
    "ImageComments": "Unaliased_MB4_PE3_(remote)",
    "ImageType": [
      "ORIGINAL",
      "PRIMARY",
      "M",
      "MB",
      "ND",
      "NORM",
      "MOSAIC"
    ],
    "InstitutionAddress": "Street_StreetNo_District_JP_ZIP",
    "InstitutionName": "Center_for_Information_and_Neural_Networks",
    "InstitutionalDepartmentName": "Department",
    "MRAcquisitionType": "2D",
    "MagneticFieldStrength": 3,
    "Manufacturer": "Siemens",
    "ManufacturersModelName": "TrioTim",
    "Modality": "MR",
    "PartialFourier": 0.75,
    "PatientPosition": "HFS",
    "PhaseEncodingDirection": "j-",
    "PhaseResolution": 1,
    "ProcedureStepDescription": "NICT_Nishimoto",
    "ProtocolName": "mbep2d_MB4_TR1.5_2mm_PF6_410",
    "ReceiveCoilName": "32Ch_Head",
    "RepetitionTime": 1.5,
    "SAR": 0.158616,
    "ScanOptions": "PFP_FS",
    "ScanningSequence": "EP",
    "SequenceName": "epfid2d1_96",
    "SequenceVariant": "SK_SS",
    "SeriesDescription": "mbep2d_MB4_TR1.5_2mm_PF6_410",
    "SeriesNumber": 6,
    "ShimSetting": [
      -304,
      -10024,
      -3917,
      313,
      2,
      -62,
      129,
      -6
    ],
    "SliceThickness": 2,
    "SliceTiming": [
      0,
      0.79749999999,
      0.08749999999000001,
      0.88499999998,
      0.17749999999,
      0.97499999998,
      0.26499999998,
      1.0625,
      0.35499999998,
      1.1499999999900001,
      0.44249999998,
      1.2399999999900002,
      0.53,
      1.32749999998,
      0.62,
      1.41749999998,
      0.70749999999,
      0,
      0.79749999999,
      0.08749999999000001,
      0.88499999998,
      0.17749999999,
      0.97499999998,
      0.26499999998,
      1.0625,
      0.35499999998,
      1.1499999999900001,
      0.44249999998,
      1.2399999999900002,
      0.53,
      1.32749999998,
      0.62,
      1.41749999998,
      0.70749999999,
      0,
      0.79749999999,
      0.08749999999000001,
      0.88499999998,
      0.17749999999,
      0.97499999998,
      0.26499999998,
      1.0625,
      0.35499999998,
      1.1499999999900001,
      0.44249999998,
      1.2399999999900002,
      0.53,
      1.32749999998,
      0.62,
      1.41749999998,
      0.70749999999,
      0,
      0.79749999999,
      0.08749999999000001,
      0.88499999998,
      0.17749999999,
      0.97499999998,
      0.26499999998,
      1.0625,
      0.35499999998,
      1.1499999999900001,
      0.44249999998,
      1.2399999999900002,
      0.53,
      1.32749999998,
      0.62,
      1.41749999998,
      0.70749999999
    ],
    "SoftwareVersions": "syngo_MR_B17",
    "SpacingBetweenSlices": 2,
    "StationName": "MRC35466",
    "TaskName": "Training",
    "TxRefAmp": 356.098,
    "dataset": "ds003720",
    "modality": "bold",
    "run_id": 9,
    "subject_id": "004",
    "task_id": "Training"
  },
  "dummy_trs": 0,
  "dvars_nstd": 29.631126935403408,
  "dvars_std": 1.206173109559902,
  "dvars_vstd": 1.0139400524205386,
  "efc": 0.5824159458187915,
  "fber": 2019.72509765625,
  "fd_mean": 0.13687546333439488,
  "fd_num": 41,
  "fd_perc": 10.0,
  "fwhm_avg": 2.010761666666667,
  "fwhm_x": 1.91434,
  "fwhm_y": 2.155975,
  "fwhm_z": 1.96197,
  "gcor": 0.013689,
  "gsr_x": 0.015117756091058254,
  "gsr_y": 0.024988573044538498,
  "provenance": {
    "md5sum": "0f4131350931539c6c271b1e504fa02d",
    "settings": {
      "fd_thres": 0.2,
      "testing": false
    },
    "software": "mriqc",
    "version": "22.0.6",
    "webapi_port": null,
    "webapi_url": "https://mriqc.nimh.nih.gov/api/v1"
  },
  "size_t": 410,
  "size_x": 96,
  "size_y": 96,
  "size_z": 68,
  "snr": 5.3965884292419695,
  "spacing_tr": 1.5,
  "spacing_x": 2.0,
  "spacing_y": 2.0,
  "spacing_z": 2.0,
  "summary_bg_k": 20.85849139832821,
  "summary_bg_mad": 10.942327762146377,
  "summary_bg_mean": 41.270591735839844,
  "summary_bg_median": 12.800000190734863,
  "summary_bg_n": 374677.0,
  "summary_bg_p05": 4.4195122718811035,
  "summary_bg_p95": 178.59512023925797,
  "summary_bg_stdv": 70.74071502685547,
  "summary_fg_k": 3.794193915062043,
  "summary_fg_mad": 86.00178757629249,
  "summary_fg_mean": 597.5415649414062,
  "summary_fg_median": 594.4231567382812,
  "summary_fg_n": 159684.0,
  "summary_fg_p05": 436.0198669433594,
  "summary_fg_p95": 767.61669921875,
  "summary_fg_stdv": 110.1476058959961,
  "tsnr": 56.6657017567195
}