{
  "aor": 0.00036204878048780493,
  "aqi": 0.009022279341463416,
  "bids_meta": {
    "AcquisitionNumber": 1,
    "AcquisitionTime": "13:13:16.950000",
    "BaseResolution": 96,
    "DeviceSerialNumber": "35466",
    "EchoTime": 0.03,
    "EffectiveEchoSpacing": 0.000691085003455425,
    "FlipAngle": 62,
    "ImageComments": "Unaliased_MB4_PE3_(remote)",
    "ImageType": [
      "ORIGINAL",
      "PRIMARY",
      "M",
      "MB",
      "ND",
      "NORM",
      "MOSAIC"
    ],
    "InstitutionAddress": "Street_StreetNo_District_JP_ZIP",
    "InstitutionName": "Center_for_Information_and_Neural_Networks",
    "InstitutionalDepartmentName": "Department",
    "MRAcquisitionType": "2D",
    "MagneticFieldStrength": 3,
    "Manufacturer": "Siemens",
    "ManufacturersModelName": "TrioTim",
    "Modality": "MR",
    "PartialFourier": 0.75,
    "PatientPosition": "HFS",
    "PhaseEncodingDirection": "j-",
    "PhaseResolution": 1,
    "ProcedureStepDescription": "NICT_Nishimoto",
    "ProtocolName": "mbep2d_MB4_TR1.5_2mm_PF6_410",
    "ReceiveCoilName": "32Ch_Head",
    "RepetitionTime": 1.5,
    "SAR": 0.145713,
    "ScanOptions": "PFP_FS",
    "ScanningSequence": "EP",
    "SequenceName": "epfid2d1_96",
    "SequenceVariant": "SK_SS",
    "SeriesDescription": "mbep2d_MB4_TR1.5_2mm_PF6_410",
    "SeriesNumber": 5,
    "ShimSetting": [
      -318,
      -10006,
      -3962,
      299,
      30,
      54,
      44,
      40
    ],
    "SliceThickness": 2,
    "SliceTiming": [
      0,
      0.79749999999,
      0.08749999999000001,
      0.88499999998,
      0.17749999999,
      0.97499999998,
      0.26499999998,
      1.0625,
      0.35499999998,
      1.1499999999900001,
      0.44249999998,
      1.2399999999900002,
      0.53,
      1.32749999998,
      0.62,
      1.41749999998,
      0.70749999999,
      0,
      0.79749999999,
      0.08749999999000001,
      0.88499999998,
      0.17749999999,
      0.97499999998,
      0.26499999998,
      1.0625,
      0.35499999998,
      1.1499999999900001,
      0.44249999998,
      1.2399999999900002,
      0.53,
      1.32749999998,
      0.62,
      1.41749999998,
      0.70749999999,
      0,
      0.79749999999,
      0.08749999999000001,
      0.88499999998,
      0.17749999999,
      0.97499999998,
      0.26499999998,
      1.0625,
      0.35499999998,
      1.1499999999900001,
      0.44249999998,
      1.2399999999900002,
      0.53,
      1.32749999998,
      0.62,
      1.41749999998,
      0.70749999999,
      0,
      0.79749999999,
      0.08749999999000001,
      0.88499999998,
      0.17749999999,
      0.97499999998,
      0.26499999998,
      1.0625,
      0.35499999998,
      1.1499999999900001,
      0.44249999998,
      1.2399999999900002,
      0.53,
      1.32749999998,
      0.62,
      1.41749999998,
      0.70749999999
    ],
    "SoftwareVersions": "syngo_MR_B17",
    "SpacingBetweenSlices": 2,
    "StationName": "MRC35466",
    "TaskName": "Training",
    "TxRefAmp": 355.524,
    "dataset": "ds003720",
    "modality": "bold",
    "run_id": 5,
    "subject_id": "004",
    "task_id": "Training"
  },
  "dummy_trs": 0,
  "dvars_nstd": 29.62458967755501,
  "dvars_std": 1.2076914688997562,
  "dvars_vstd": 0.9975417408557445,
  "efc": 0.5813658122959634,
  "fber": 2207.02294921875,
  "fd_mean": 0.1387218412002067,
  "fd_num": 55,
  "fd_perc": 13.414634146341463,
  "fwhm_avg": 2.03782,
  "fwhm_x": 1.93999,
  "fwhm_y": 2.14922,
  "fwhm_z": 2.02425,
  "gcor": 0.0107636,
  "gsr_x": 0.018263669684529305,
  "gsr_y": 0.023124082013964653,
  "provenance": {
    "md5sum": "5e61e15d9d3e3b0c4fe0bc6b7aaeacfd",
    "settings": {
      "fd_thres": 0.2,
      "testing": false
    },
    "software": "mriqc",
    "version": "22.0.6",
    "webapi_port": null,
    "webapi_url": "https://mriqc.nimh.nih.gov/api/v1"
  },
  "size_t": 410,
  "size_x": 96,
  "size_y": 96,
  "size_z": 68,
  "snr": 5.487240010796176,
  "spacing_tr": 1.5,
  "spacing_x": 2.0,
  "spacing_y": 2.0,
  "spacing_z": 2.0,
  "summary_bg_k": 22.076854951281128,
  "summary_bg_mad": 10.117856363855829,
  "summary_bg_mean": 39.88380432128906,
  "summary_bg_median": 12.265853881835938,
  "summary_bg_n": 373308.0,
  "summary_bg_p05": 4.456097602844238,
  "summary_bg_p95": 173.69731674194284,
  "summary_bg_stdv": 70.24961853027344,
  "summary_fg_k": 3.526809803552945,
  "summary_fg_mad": 86.99266247208328,
  "summary_fg_mean": 601.309326171875,
  "summary_fg_median": 595.724365234375,
  "summary_fg_n": 161267.0,
  "summary_fg_p05": 446.5529296875,
  "summary_fg_p95": 773.2897338867185,
  "summary_fg_stdv": 108.56505584716797,
  "tsnr": 57.641062499023974
}